GEM
  remote: https://rubygems.org/
  specs:
    actioncable (7.2.0.beta3)
      actionpack (= 7.2.0.beta3)
      activesupport (= 7.2.0.beta3)
      nio4r (~> 2.0)
      websocket-driver (>= 0.6.1)
      zeitwerk (~> 2.6)
    actionmailbox (7.2.0.beta3)
      actionpack (= 7.2.0.beta3)
      activejob (= 7.2.0.beta3)
      activerecord (= 7.2.0.beta3)
      activestorage (= 7.2.0.beta3)
      activesupport (= 7.2.0.beta3)
      mail (>= 2.8.0)
    actionmailer (7.2.0.beta3)
      actionpack (= 7.2.0.beta3)
      actionview (= 7.2.0.beta3)
      activejob (= 7.2.0.beta3)
      activesupport (= 7.2.0.beta3)
      mail (>= 2.8.0)
      rails-dom-testing (~> 2.2)
    actionpack (7.2.0.beta3)
      actionview (= 7.2.0.beta3)
      activesupport (= 7.2.0.beta3)
      nokogiri (>= 1.8.5)
      racc
      rack (>= 2.2.4)
      rack-session (>= 1.0.1)
      rack-test (>= 0.6.3)
      rails-dom-testing (~> 2.2)
      rails-html-sanitizer (~> 1.6)
      useragent (~> 0.16)
    actiontext (7.2.0.beta3)
      actionpack (= 7.2.0.beta3)
      activerecord (= 7.2.0.beta3)
      activestorage (= 7.2.0.beta3)
      activesupport (= 7.2.0.beta3)
      globalid (>= 0.6.0)
      nokogiri (>= 1.8.5)
    actionview (7.2.0.beta3)
      activesupport (= 7.2.0.beta3)
      builder (~> 3.1)
      erubi (~> 1.11)
      rails-dom-testing (~> 2.2)
      rails-html-sanitizer (~> 1.6)
    activejob (7.2.0.beta3)
      activesupport (= 7.2.0.beta3)
      globalid (>= 0.3.6)
    activemodel (7.2.0.beta3)
      activesupport (= 7.2.0.beta3)
    activerecord (7.2.0.beta3)
      activemodel (= 7.2.0.beta3)
      activesupport (= 7.2.0.beta3)
      timeout (>= 0.4.0)
    activestorage (7.2.0.beta3)
      actionpack (= 7.2.0.beta3)
      activejob (= 7.2.0.beta3)
      activerecord (= 7.2.0.beta3)
      activesupport (= 7.2.0.beta3)
      marcel (~> 1.0)
    activesupport (7.2.0.beta3)
      base64
      bigdecimal
      concurrent-ruby (~> 1.0, >= 1.3.1)
      connection_pool (>= 2.2.5)
      drb
      i18n (>= 1.6, < 2)
      logger (>= 1.4.2)
      minitest (>= 5.1)
      tzinfo (~> 2.0, >= 2.0.5)
    addressable (2.8.7)
      public_suffix (>= 2.0.2, < 7.0)
    ast (2.4.2)
    base64 (0.2.0)
    bcrypt (3.1.20)
    bigdecimal (3.1.8)
    bootsnap (1.18.3)
      msgpack (~> 1.2)
    brakeman (6.1.2)
      racc
    builder (3.3.0)
    bundler-audit (0.9.1)
      bundler (>= 1.2.0, < 3)
      thor (~> 1.0)
    capybara (3.40.0)
      addressable
      matrix
      mini_mime (>= 0.1.3)
      nokogiri (~> 1.11)
      rack (>= 1.6.0)
      rack-test (>= 0.6.3)
      regexp_parser (>= 1.5, < 3.0)
      xpath (~> 3.2)
    coderay (1.1.3)
    concurrent-ruby (1.3.3)
    connection_pool (2.4.1)
    crass (1.0.6)
    css_parser (1.17.1)
      addressable
    csv (3.3.0)
    database_rewinder (1.0.1)
    date (3.3.4)
    devise (4.9.4)
      bcrypt (~> 3.0)
      orm_adapter (~> 0.1)
      railties (>= 4.1.0)
      responders
      warden (~> 1.2.3)
    devise-i18n (1.12.1)
      devise (>= 4.9.0)
    devise_zxcvbn (6.0.0)
      devise
      zxcvbn (~> 0.1.7)
    diff-lcs (1.5.1)
    dotenv (3.1.2)
    dotenv-rails (3.1.2)
      dotenv (= 3.1.2)
      railties (>= 6.1)
    drb (2.2.1)
    erubi (1.13.0)
    et-orbi (1.2.11)
      tzinfo
    factory_bot (6.4.6)
      activesupport (>= 5.0.0)
    factory_bot_rails (6.4.3)
      factory_bot (~> 6.4)
      railties (>= 5.0.0)
    faker (3.4.2)
      i18n (>= 1.8.11, < 2)
    fasterer (0.11.0)
      ruby_parser (>= 3.19.1)
    foreman (0.88.1)
    fugit (1.11.0)
      et-orbi (~> 1, >= 1.2.11)
      raabro (~> 1.4)
    globalid (1.2.1)
      activesupport (>= 6.1)
    google-protobuf (4.27.2)
      bigdecimal
      rake (>= 13)
    google-protobuf (4.27.2-aarch64-linux)
      bigdecimal
      rake (>= 13)
    google-protobuf (4.27.2-arm64-darwin)
      bigdecimal
      rake (>= 13)
    google-protobuf (4.27.2-x86-linux)
      bigdecimal
      rake (>= 13)
    google-protobuf (4.27.2-x86_64-darwin)
      bigdecimal
      rake (>= 13)
    google-protobuf (4.27.2-x86_64-linux)
      bigdecimal
      rake (>= 13)
    graphiql-rails (1.8.0)
      railties
      sprockets-rails
    graphql (2.3.10)
      base64
    htmlbeautifier (1.4.3)
    htmlentities (4.3.4)
    i18n (1.14.5)
      concurrent-ruby (~> 1.0)
    importmap-rails (2.0.1)
      actionpack (>= 6.0.0)
      activesupport (>= 6.0.0)
      railties (>= 6.0.0)
    inline_svg (1.9.0)
      activesupport (>= 3.0)
      nokogiri (>= 1.6)
    io-console (0.7.2)
    irb (1.14.0)
      rdoc (>= 4.0.0)
      reline (>= 0.4.2)
    json (2.7.2)
    language_server-protocol (3.17.0.3)
    license_finder (7.2.1)
      bundler
      csv (~> 3.2)
      rubyzip (>= 1, < 3)
      thor (~> 1.2)
      tomlrb (>= 1.3, < 2.1)
      with_env (= 1.1.0)
      xml-simple (~> 1.1.9)
    lint_roller (1.1.0)
    logger (1.6.0)
    loofah (2.22.0)
      crass (~> 1.0.2)
      nokogiri (>= 1.12.0)
    lookbook (2.3.2)
      activemodel
      css_parser
      htmlbeautifier (~> 1.3)
      htmlentities (~> 4.3.4)
      marcel (~> 1.0)
      railties (>= 5.0)
      redcarpet (~> 3.5)
      rouge (>= 3.26, < 5.0)
      view_component (>= 2.0)
      yard (~> 0.9)
      zeitwerk (~> 2.5)
    mail (2.8.1)
      mini_mime (>= 0.1.1)
      net-imap
      net-pop
      net-smtp
    marcel (1.0.4)
    matrix (0.4.2)
    meta-tags (2.22.0)
      actionpack (>= 6.0.0, < 8.1)
    method_source (1.1.0)
    mini_mime (1.1.5)
    mini_portile2 (2.8.7)
    minitest (5.24.1)
    mission_control-jobs (0.2.1)
      importmap-rails
      rails (~> 7.1)
      stimulus-rails
      turbo-rails
    mobility (1.2.9)
      i18n (>= 0.6.10, < 2)
      request_store (~> 1.0)
    msgpack (1.7.2)
    net-imap (0.4.14)
      date
      net-protocol
    net-pop (0.1.2)
      net-protocol
    net-protocol (0.2.2)
      timeout
    net-scp (4.0.0)
      net-ssh (>= 2.6.5, < 8.0.0)
    net-sftp (4.0.0)
      net-ssh (>= 5.0.0, < 8.0.0)
    net-smtp (0.5.0)
      net-protocol
    net-ssh (7.2.3)
    nio4r (2.7.3)
    nokogiri (1.16.7)
      mini_portile2 (~> 2.8.2)
      racc (~> 1.4)
    nokogiri (1.16.7-aarch64-linux)
      racc (~> 1.4)
    nokogiri (1.16.7-arm-linux)
      racc (~> 1.4)
    nokogiri (1.16.7-arm64-darwin)
      racc (~> 1.4)
    nokogiri (1.16.7-x86-linux)
      racc (~> 1.4)
    nokogiri (1.16.7-x86_64-darwin)
      racc (~> 1.4)
    nokogiri (1.16.7-x86_64-linux)
      racc (~> 1.4)
    orm_adapter (0.5.0)
    parallel (1.25.1)
    parser (3.3.4.0)
      ast (~> 2.4.1)
      racc
    pg (1.5.7)
    pg_query (5.1.0)
      google-protobuf (>= 3.22.3)
    pg_search (2.3.6)
      activerecord (>= 5.2)
      activesupport (>= 5.2)
    pghero (3.6.0)
      activerecord (>= 6.1)
    propshaft (0.9.0)
      actionpack (>= 7.0.0)
      activesupport (>= 7.0.0)
      rack
      railties (>= 7.0.0)
    prosopite (1.4.2)
    pry (0.14.2)
      coderay (~> 1.1)
      method_source (~> 1.0)
    pry-rails (0.3.11)
      pry (>= 0.13.0)
    psych (5.1.2)
      stringio
    public_suffix (6.0.1)
    puma (6.4.2)
      nio4r (~> 2.0)
    raabro (1.4.0)
    racc (1.8.0)
    rack (3.1.7)
    rack-session (2.0.0)
      rack (>= 3.0.0)
    rack-test (2.1.0)
      rack (>= 1.3)
    rack-timeout (0.7.0)
    rackup (2.1.0)
      rack (>= 3)
      webrick (~> 1.8)
    rails (7.2.0.beta3)
      actioncable (= 7.2.0.beta3)
      actionmailbox (= 7.2.0.beta3)
      actionmailer (= 7.2.0.beta3)
      actionpack (= 7.2.0.beta3)
      actiontext (= 7.2.0.beta3)
      actionview (= 7.2.0.beta3)
      activejob (= 7.2.0.beta3)
      activemodel (= 7.2.0.beta3)
      activerecord (= 7.2.0.beta3)
      activestorage (= 7.2.0.beta3)
      activesupport (= 7.2.0.beta3)
      bundler (>= 1.15.0)
      railties (= 7.2.0.beta3)
    rails-controller-testing (1.0.5)
      actionpack (>= 5.0.1.rc1)
      actionview (>= 5.0.1.rc1)
      activesupport (>= 5.0.1.rc1)
    rails-dom-testing (2.2.0)
      activesupport (>= 5.0.0)
      minitest
      nokogiri (>= 1.6)
    rails-html-sanitizer (1.6.0)
      loofah (~> 2.21)
      nokogiri (~> 1.14)
    railties (7.2.0.beta3)
      actionpack (= 7.2.0.beta3)
      activesupport (= 7.2.0.beta3)
      irb (~> 1.13)
      rackup (>= 1.0.0)
      rake (>= 12.2)
      thor (~> 1.0, >= 1.2.2)
      zeitwerk (~> 2.6)
    rainbow (3.1.1)
    rake (13.2.1)
    rdoc (6.7.0)
      psych (>= 4.0.0)
    redcarpet (3.6.0)
    redis (5.2.0)
      redis-client (>= 0.22.0)
    redis-client (0.22.2)
      connection_pool
    regexp_parser (2.9.2)
    reline (0.5.9)
      io-console (~> 0.5)
    request_store (1.7.0)
      rack (>= 1.4)
    responders (3.1.1)
      actionpack (>= 5.2)
      railties (>= 5.2)
    rexml (3.3.2)
      strscan
    rouge (4.3.0)
    rspec-core (3.13.0)
      rspec-support (~> 3.13.0)
    rspec-expectations (3.13.1)
      diff-lcs (>= 1.2.0, < 2.0)
      rspec-support (~> 3.13.0)
    rspec-its (1.3.0)
      rspec-core (>= 3.0.0)
      rspec-expectations (>= 3.0.0)
    rspec-mocks (3.13.1)
      diff-lcs (>= 1.2.0, < 2.0)
      rspec-support (~> 3.13.0)
    rspec-rails (6.1.3)
      actionpack (>= 6.1)
      activesupport (>= 6.1)
      railties (>= 6.1)
      rspec-core (~> 3.13)
      rspec-expectations (~> 3.13)
      rspec-mocks (~> 3.13)
      rspec-support (~> 3.13)
    rspec-support (3.13.1)
    rubocop (1.64.1)
      json (~> 2.3)
      language_server-protocol (>= 3.17.0)
      parallel (~> 1.10)
      parser (>= 3.3.0.2)
      rainbow (>= 2.2.2, < 4.0)
      regexp_parser (>= 1.8, < 3.0)
      rexml (>= 3.2.5, < 4.0)
      rubocop-ast (>= 1.31.1, < 2.0)
      ruby-progressbar (~> 1.7)
      unicode-display_width (>= 2.4.0, < 3.0)
    rubocop-ast (1.31.3)
      parser (>= 3.3.1.0)
    rubocop-capybara (2.21.0)
      rubocop (~> 1.41)
    rubocop-disable_syntax (0.1.1)
      rubocop (>= 1.50)
    rubocop-factory_bot (2.26.1)
      rubocop (~> 1.61)
    rubocop-graphql (1.5.3)
      rubocop (>= 1.50, < 2)
    rubocop-performance (1.21.1)
      rubocop (>= 1.48.1, < 2.0)
      rubocop-ast (>= 1.31.1, < 2.0)
    rubocop-rails (2.25.1)
      activesupport (>= 4.2.0)
      rack (>= 1.1)
      rubocop (>= 1.33.0, < 2.0)
      rubocop-ast (>= 1.31.1, < 2.0)
    rubocop-rspec (3.0.3)
      rubocop (~> 1.61)
    rubocop-rspec_rails (2.30.0)
      rubocop (~> 1.61)
      rubocop-rspec (~> 3, >= 3.0.1)
    ruby-progressbar (1.13.0)
    ruby_parser (3.21.1)
      racc (~> 1.5)
      sexp_processor (~> 4.16)
    rubyzip (2.3.2)
    selenium-webdriver (4.23.0)
      base64 (~> 0.2)
      logger (~> 1.4)
      rexml (~> 3.2, >= 3.2.5)
      rubyzip (>= 1.2.2, < 3.0)
      websocket (~> 1.0)
    sexp_processor (4.17.2)
    shoulda-matchers (6.2.0)
      activesupport (>= 5.2.0)
    solid_cache (0.6.0)
      activejob (>= 7)
      activerecord (>= 7)
      railties (>= 7)
    solid_queue (0.3.3)
      activejob (>= 7.1)
      activerecord (>= 7.1)
      concurrent-ruby (>= 1.3.1)
      fugit (~> 1.11.0)
      railties (>= 7.1)
    sprockets (4.2.1)
      concurrent-ruby (~> 1.0)
      rack (>= 2.2.4, < 4)
    sprockets-rails (3.5.1)
      actionpack (>= 6.1)
      activesupport (>= 6.1)
      sprockets (>= 3.0.0)
    sshkit (1.23.0)
      base64
      net-scp (>= 1.1.2)
      net-sftp (>= 2.1.2)
      net-ssh (>= 2.8.0)
    standard (1.39.2)
      language_server-protocol (~> 3.17.0.2)
      lint_roller (~> 1.0)
      rubocop (~> 1.64.0)
      standard-custom (~> 1.0.0)
      standard-performance (~> 1.4)
    standard-custom (1.0.2)
      lint_roller (~> 1.0)
      rubocop (~> 1.50)
    standard-performance (1.4.0)
      lint_roller (~> 1.1)
      rubocop-performance (~> 1.21.0)
    stimulus-rails (1.3.3)
      railties (>= 6.0.0)
    stringio (3.1.1)
    strscan (3.1.0)
    thor (1.3.1)
    thruster (0.1.7)
    thruster (0.1.7-aarch64-linux)
    thruster (0.1.7-arm64-darwin)
    thruster (0.1.7-x86_64-darwin)
    thruster (0.1.7-x86_64-linux)
    timeout (0.4.1)
    tomlrb (2.0.3)
    turbo-rails (2.0.5)
      actionpack (>= 6.0.0)
      activejob (>= 6.0.0)
      railties (>= 6.0.0)
    tzinfo (2.0.6)
      concurrent-ruby (~> 1.0)
    unicode-display_width (2.5.0)
    uri (0.13.0)
    useragent (0.16.10)
    view_component (3.13.0)
      activesupport (>= 5.2.0, < 8.0)
      concurrent-ruby (~> 1.0)
      method_source (~> 1.0)
    warden (1.2.9)
      rack (>= 2.0.9)
    webrick (1.8.1)
    websocket (1.2.11)
    websocket-driver (0.7.6)
      websocket-extensions (>= 0.1.0)
    websocket-extensions (0.1.5)
    with_env (1.1.0)
    xml-simple (1.1.9)
      rexml
    xpath (3.2.0)
      nokogiri (~> 1.8)
    yard (0.9.36)
    zeitwerk (2.6.16)
    zxcvbn (0.1.10)

PLATFORMS
  aarch64-linux
  arm-linux
  arm64-darwin
  ruby
  x86-linux
  x86_64-darwin
  x86_64-linux

DEPENDENCIES
  bootsnap
  brakeman
  bundler-audit
  capybara (>= 3.26)
  database_rewinder
  devise
  devise-i18n
  devise_zxcvbn
  dotenv-rails
  factory_bot_rails
  faker
  fasterer
  foreman
  graphiql-rails
  graphql
  importmap-rails
  inline_svg
  license_finder
  lookbook
  meta-tags
  mission_control-jobs
  mobility
  pg
  pg_query
  pg_search
  pghero
  propshaft
  prosopite
  pry-rails
  puma (>= 5.0)
  rack-timeout
  rails (= 7.2.0.beta3)
  rails-controller-testing
  rails-html-sanitizer
  redis (>= 4.0.1)
  rspec-its
  rspec-rails (>= 6.0.1)
  rubocop
  rubocop-capybara
  rubocop-disable_syntax
  rubocop-factory_bot
  rubocop-graphql
  rubocop-performance
  rubocop-rails
  rubocop-rspec
  rubocop-rspec_rails
  selenium-webdriver
  shoulda-matchers
  solid_cache
  solid_queue
  sshkit
  standard (= 1.39.2)
  stimulus-rails
  thruster
  turbo-rails
  tzinfo-data
  uri (>= 0.12.2)
  view_component

CHECKSUMS
  actioncable (7.2.0.beta3) sha256=bb5d9c47d8b4ac5f10144a0fe7b1fa33b02b9436f81e60147ff25606b85674aa
  actionmailbox (7.2.0.beta3) sha256=e8559680d86130c05b8b3fcaae9a92a381307024fc4cd8060365044aeb796700
  actionmailer (7.2.0.beta3) sha256=56334b703124b9ae66312f22a6cd98fa5f08dad3cbb4c4aea26da4aa4c51506b
  actionpack (7.2.0.beta3) sha256=b656a3fcde55c8f265bcc7925c2d32d99c5b68243354cb0fb7f960dcd4191a37
  actiontext (7.2.0.beta3) sha256=7cd1c4c09d0752685ae9293f7c15ff4b4d3b80be78fefa043678c83b8dc9f643
  actionview (7.2.0.beta3) sha256=7c87f92d2aff2d5fb7b3bb68390c8489160fa930c4a42de621b498b06248c403
  activejob (7.2.0.beta3) sha256=2661b5456facb29b41000a576a1cc4ba4c99af3c038997c991a074d5d7222a72
  activemodel (7.2.0.beta3) sha256=5aa1341429faf48fd404ab3a94efddebbc0880b81933677a84fa2e8ba3387b75
  activerecord (7.2.0.beta3) sha256=1bbae8912c3c88ba3a9037dc36d72e01c0b7f4b715ca078a1d82363110f58068
  activestorage (7.2.0.beta3) sha256=529dae61f8a7a5bac23d9dc0d40189ad260331fd732c9b2124bb6682142a9e93
  activesupport (7.2.0.beta3) sha256=a09c197260f7d45059877a788aae47694735a1514dff3e65430607f2cc70bd40
  addressable (2.8.7) sha256=462986537cf3735ab5f3c0f557f14155d778f4b43ea4f485a9deb9c8f7c58232
  ast (2.4.2) sha256=1e280232e6a33754cde542bc5ef85520b74db2aac73ec14acef453784447cc12
  base64 (0.2.0) sha256=0f25e9b21a02a0cc0cea8ef92b2041035d39350946e8789c562b2d1a3da01507
  bcrypt (3.1.20) sha256=8410f8c7b3ed54a3c00cd2456bf13917d695117f033218e2483b2e40b0784099
  bigdecimal (3.1.8) sha256=a89467ed5a44f8ae01824af49cbc575871fa078332e8f77ea425725c1ffe27be
  bootsnap (1.18.3) sha256=d7b70de761e2fb1d63d21dd941b393c881c5cab5575211369cede788dfc034eb
  brakeman (6.1.2) sha256=7716769c18f2c4a52d7a74d2cb5a614be0c46d8aad3fbe7ca089dbb7c98bd4d3
  builder (3.3.0) sha256=497918d2f9dca528fdca4b88d84e4ef4387256d984b8154e9d5d3fe5a9c8835f
  bundler-audit (0.9.1) sha256=bdc716fc21cd8652a6507b137e5bc51f5e0e4f6f106a114ab004c89d0200bd3d
  capybara (3.40.0) sha256=42dba720578ea1ca65fd7a41d163dd368502c191804558f6e0f71b391054aeef
  coderay (1.1.3) sha256=dc530018a4684512f8f38143cd2a096c9f02a1fc2459edcfe534787a7fc77d4b
  concurrent-ruby (1.3.3) sha256=4f9cd28965c4dcf83ffd3ea7304f9323277be8525819cb18a3b61edcb56a7c6a
  connection_pool (2.4.1) sha256=0f40cf997091f1f04ff66da67eabd61a9fe0d4928b9a3645228532512fab62f4
  crass (1.0.6) sha256=dc516022a56e7b3b156099abc81b6d2b08ea1ed12676ac7a5657617f012bd45d
  css_parser (1.17.1) sha256=eb730f2d26591a843e52bd3d0efd76abdfeec8bad728e0b2ac821fc10bb018e6
  csv (3.3.0) sha256=0bbd1defdc31134abefed027a639b3723c2753862150f4c3ee61cab71b20d67d
  database_rewinder (1.0.1) sha256=7a17c3f8e92938846831af2ee496aed7cca593c81b0fbc2a8d77d8028fd0c28d
  date (3.3.4) sha256=971f2cb66b945bcbea4ddd9c7908c9400b31a71bc316833cb42fa584b59d3291
  devise (4.9.4) sha256=920042fe5e704c548aa4eb65ebdd65980b83ffae67feb32c697206bfd975a7f8
  devise-i18n (1.12.1) sha256=b0d789b5773d761436409232bbffeb09bd0cb60340620b94602f90bcf1f1377f
  devise_zxcvbn (6.0.0) sha256=92b45f0b50657f17d9472dfb72b4414482f59942a0cbdd8c4346e054d77ee3ee
  diff-lcs (1.5.1) sha256=273223dfb40685548436d32b4733aa67351769c7dea621da7d9dd4813e63ddfe
  dotenv (3.1.2) sha256=08036c2aa1246590034a83df2adc85b72cb4944692c49da24d8e911f97924478
  dotenv-rails (3.1.2) sha256=66d2ad1a5aca1de742dd8ec2ceed2148675c73617a3b8d7703ef86ed47ca5d6a
  drb (2.2.1) sha256=e9d472bf785f558b96b25358bae115646da0dbfd45107ad858b0bc0d935cb340
  erubi (1.13.0) sha256=fca61b47daefd865d0fb50d168634f27ad40181867445badf6427c459c33cd62
  et-orbi (1.2.11) sha256=d26e868cc21db88280a9ec1a50aa3da5d267eb9b2037ba7b831d6c2731f5df64
  factory_bot (6.4.6) sha256=1a9486ce98d318d740d8f5804b885a8265a28f326ecf2bcd4ce9fb27a71a6e04
  factory_bot_rails (6.4.3) sha256=ea73ceac1c0ff3dc11fff390bf2ea8a2604066525ed8ecd3b3bc2c267226dcc8
  faker (3.4.2) sha256=516b5a342020e6286b061084d7a60c848c024e9c91f7db6f94bf5bab45ef40f6
  fasterer (0.11.0) sha256=9c38b77583584f3339a729eb077fd8f2856a317abe747528f6563d7c23e9dda8
  foreman (0.88.1) sha256=59c022125b6a328a2ce63da8d70b731f5dd13519e8d9a4184c696538088ea00a
  fugit (1.11.0) sha256=addc9cd3031611921d1dbac094de3a645bc8858828639fd035c9cedd3b460bb9
  globalid (1.2.1) sha256=70bf76711871f843dbba72beb8613229a49429d1866828476f9c9d6ccc327ce9
  google-protobuf (4.27.2) sha256=9f69eb20acde6e3cf3cd197c09f38911cd7eed5fdf1bf4d4bce4c55e9dc9966f
  google-protobuf (4.27.2-aarch64-linux) sha256=7c9d9ef84e50941ed63515c51233069f70a3f07c8c7e6ef2acd0c4443cb62d5b
  google-protobuf (4.27.2-arm64-darwin) sha256=36cbd6620ef822f8a93870cc837212b302cbbdd7c900f8fa6701c735b7ff7f97
  google-protobuf (4.27.2-x86-linux) sha256=5e128b1dff2929d217aa342020ae65280a3f469a7751ef8b89466bbfcb88b58b
  google-protobuf (4.27.2-x86_64-darwin) sha256=689f921050489d3cc2537c48bee98047414ad099bb980538562955a3bc9fdced
  google-protobuf (4.27.2-x86_64-linux) sha256=126183186de79f709a0792f31eddf1fcebbfb5ded29538d184ece8fae73148c2
  graphiql-rails (1.8.0) sha256=02e2c5098be2c6c29219a0e9b2910a2cd3c494301587a3199a7c4484d8038ed1
  graphql (2.3.10) sha256=e3fecc7425cda6045433e2a3ef9ddb5fdcb99a5345af8fc935191141311f2ab5
  htmlbeautifier (1.4.3) sha256=b43d08f7e2aa6ae1b5a6f0607b4ed8954c8d4a8e85fd2336f975dda1e4db385b
  htmlentities (4.3.4) sha256=125a73c6c9f2d1b62100b7c3c401e3624441b663762afa7fe428476435a673da
  i18n (1.14.5) sha256=26dcbc05e364b57e27ab430148b3377bc413987d34cc042336271d8f42e9d1b9
  importmap-rails (2.0.1) sha256=e739a6e70c09f797688c6983fa79567ec1edc9becc30d55b3f7cc897b1825586
  inline_svg (1.9.0) sha256=f44c5e3d2e401fd619ad3047b7c8cee384517d855edb1d1fb1a248d3cae535d6
  io-console (0.7.2) sha256=f0dccff252f877a4f60d04a4dc6b442b185ebffb4b320ab69212a92b48a7a221
  irb (1.14.0) sha256=53d805013bbd194874b8c13a56aca6aebcd11dd79166d88724f8a434fedde615
  json (2.7.2) sha256=1898b5cbc81cd36c0fd4d0b7ad2682c39fb07c5ff682fc6265f678f550d4982c
  language_server-protocol (3.17.0.3) sha256=3d5c58c02f44a20d972957a9febe386d7e7468ab3900ce6bd2b563dd910c6b3f
  license_finder (7.2.1) sha256=179ead19b64b170638b72fd16024233813673ac9d20d5ba75ae0b4444887ef14
  lint_roller (1.1.0) sha256=2c0c845b632a7d172cb849cc90c1bce937a28c5c8ccccb50dfd46a485003cc87
  logger (1.6.0) sha256=0ab7c120262dd8de2a18cb8d377f1f318cbe98535160a508af9e7710ff43ef3e
  loofah (2.22.0) sha256=10d76e070c86b12fec74b6a9515fd1940f4459198b991342d0a7897d86c372fe
  lookbook (2.3.2) sha256=abcdefeb13d9150ab30ab8022a2f459db85cbd02e90a0e8e066b32f9048e160a
  mail (2.8.1) sha256=ec3b9fadcf2b3755c78785cb17bc9a0ca9ee9857108a64b6f5cfc9c0b5bfc9ad
  marcel (1.0.4) sha256=0d5649feb64b8f19f3d3468b96c680bae9746335d02194270287868a661516a4
  matrix (0.4.2) sha256=71083ccbd67a14a43bfa78d3e4dc0f4b503b9cc18e5b4b1d686dc0f9ef7c4cc0
  meta-tags (2.22.0) sha256=c04df1f39cfbf7d48e2ae955124d89a2429ab508fc936b9a8f9a8ce4d326e6ec
  method_source (1.1.0) sha256=181301c9c45b731b4769bc81e8860e72f9161ad7d66dd99103c9ab84f560f5c5
  mini_mime (1.1.5) sha256=8681b7e2e4215f2a159f9400b5816d85e9d8c6c6b491e96a12797e798f8bccef
  mini_portile2 (2.8.7) sha256=13eef5ab459bbfd33d61e539564ec25a9c2cf593b0a5ea6d4d7ef8c19b162ee0
  minitest (5.24.1) sha256=31ec31ac9088d9e21fcc5a5487912234de83966f24368241b2bef03d7012464a
  mission_control-jobs (0.2.1) sha256=5b03af8dad578835f9d44a02fb61b55c7e9a1f071db857845acfa2ae68464d73
  mobility (1.2.9) sha256=e0b88f1e0654e2d02e82d89140ed9d1882f3346bdf2ec1ddd707aef8a442bf4c
  msgpack (1.7.2) sha256=59ab62fd8a4d0dfbde45009f87eb6f158ab2628a7c48886b0256f175166baaa8
  net-imap (0.4.14) sha256=a2184b3f09a4f7ca27998d113fd6df8cd0dd56b91e5bf0d6387b8350bb438065
  net-pop (0.1.2) sha256=848b4e982013c15b2f0382792268763b748cce91c9e91e36b0f27ed26420dff3
  net-protocol (0.2.2) sha256=aa73e0cba6a125369de9837b8d8ef82a61849360eba0521900e2c3713aa162a8
  net-scp (4.0.0) sha256=b32ded0d48c88ce70844a063e4e14efb44a95e51a9e0c0bfb0c54b4313b622ea
  net-sftp (4.0.0) sha256=65bb91c859c2f93b09826757af11b69af931a3a9155050f50d1b06d384526364
  net-smtp (0.5.0) sha256=5fc0415e6ea1cc0b3dfea7270438ec22b278ca8d524986a3ae4e5ae8d087b42a
  net-ssh (7.2.3) sha256=1605f672d14630294f0614a3a432fba9347b3d101e8ab61ab5bd273d55c10b6b
  nio4r (2.7.3) sha256=54b94cdd4b8f9dc39aaad5f699e97afae13efb44f2b180a6e724df76105ff604
  nokogiri (1.16.7) sha256=f819cbfdfb0a7b19c9c52c6f2ca63df0e58a6125f4f139707b586b9511d7fe95
  nokogiri (1.16.7-aarch64-linux) sha256=78778d35f165b59513be31c0fe232c63a82cf97626ffba695b5f822e5da1d74b
  nokogiri (1.16.7-arm-linux) sha256=c84cdb9e3aa44c35bbb981b20175838c4b2066c26c5cb118f31f177168a42fc3
  nokogiri (1.16.7-arm64-darwin) sha256=276dcea1b988a5b22b5acc1ba901d24b8e908c40b71dccd5d54a2ae279480dad
  nokogiri (1.16.7-x86-linux) sha256=dddbf1c1ef99ce9fab98302b14f8bacb703e6f16e89b99f05ecee8a1fca23664
  nokogiri (1.16.7-x86_64-darwin) sha256=630732b80fc572690eab50c73a1f18988f3ac401ed0b67ca9956ba2b1e2c3faa
  nokogiri (1.16.7-x86_64-linux) sha256=9e1e428641d5942af877c60b418c71163560e9feb4a5c4015f3230a8b86a40f6
  orm_adapter (0.5.0) sha256=aa5d0be5d540cbb46d3a93e88061f4ece6a25f6e97d6a47122beb84fe595e9b9
  parallel (1.25.1) sha256=12e089b9aa36ea2343f6e93f18cfcebd031798253db8260590d26a7f70b1ab90
  parser (3.3.4.0) sha256=8d247769c3873fe92201d591a7463384022a1a25e214853df5d6806623179e82
  pg (1.5.7) sha256=07a7d86e5aac8b964a0288076a7a7c699c27b25c9b40b001726f6eb03ed13427
  pg_query (5.1.0) sha256=b7f7f47c864f08ccbed46a8244906fb6ee77ee344fd27250717963928c93145d
  pg_search (2.3.6) sha256=682f2a1272d81906463069e214f1026e1e105de54ec0a70c5a9847c378be00a3
  pghero (3.6.0) sha256=cad9cb865f99ff40bb5ba47d3dae20d06be06ac8ea6b01172f6a8ccc85671109
  propshaft (0.9.0) sha256=fe1d2e6368b1147f4de844a58bcd90a0d9d7bd2930aaf225c84d31c068346091
  prosopite (1.4.2) sha256=b2e422e2d9dbf3ce20130ded3252fe14adb3833555eacd451f5015d8c9177e79
  pry (0.14.2) sha256=c4fe54efedaca1d351280b45b8849af363184696fcac1c72e0415f9bdac4334d
  pry-rails (0.3.11) sha256=a69e28e24a34d75d1f60bcf241192a54253f8f7ef8a62cba1e75750a9653593d
  psych (5.1.2) sha256=337322f58fc2bf24827d2b9bd5ab595f6a72971867d151bb39980060ea40a368
  public_suffix (6.0.1) sha256=61d44e1cab5cbbbe5b31068481cf16976dd0dc1b6b07bd95617ef8c5e3e00c6f
  puma (6.4.2) sha256=3eb41999d00733280be3faeb00d610331b6965a537a8cd3d905f316c38575b44
  raabro (1.4.0) sha256=d4fa9ff5172391edb92b242eed8be802d1934b1464061ae5e70d80962c5da882
  racc (1.8.0) sha256=09349a65c37c4fe710a435f25c9f1652e39f29ad6b1fa08d4a8d30c0553d3a08
  rack (3.1.7) sha256=0e9982db4ea9013326788ca2a7f48e32a4e746765e7c3512d424ef0dd22ae58b
  rack-session (2.0.0) sha256=db04b2063e180369192a9046b4559af311990af38c6a93d4c600cee4eb6d4e81
  rack-test (2.1.0) sha256=0c61fc61904049d691922ea4bb99e28004ed3f43aa5cfd495024cc345f125dfb
  rack-timeout (0.7.0) sha256=757337e9793cca999bb73a61fe2a7d4280aa9eefbaf787ce3b98d860749c87d9
  rackup (2.1.0) sha256=6ecb884a581990332e45ee17bdfdc14ccbee46c2f710ae1566019907869a6c4d
  rails (7.2.0.beta3) sha256=876b375abb44f467115aee97ab06456a00eff3921dd6ea965f201c0688851e65
  rails-controller-testing (1.0.5) sha256=741448db59366073e86fc965ba403f881c636b79a2c39a48d0486f2607182e94
  rails-dom-testing (2.2.0) sha256=e515712e48df1f687a1d7c380fd7b07b8558faa26464474da64183a7426fa93b
  rails-html-sanitizer (1.6.0) sha256=86e9f19d2e6748890dcc2633c8945ca45baa08a1df9d8c215ce17b3b0afaa4de
  railties (7.2.0.beta3) sha256=0b4846970b732262718b024b4ecb77074d964a64391bab0465e4461f0cd6ae03
  rainbow (3.1.1) sha256=039491aa3a89f42efa1d6dec2fc4e62ede96eb6acd95e52f1ad581182b79bc6a
  rake (13.2.1) sha256=46cb38dae65d7d74b6020a4ac9d48afed8eb8149c040eccf0523bec91907059d
  rdoc (6.7.0) sha256=b17d5f0f57b0853d7b880d4360a32c7caf8dbb81f8503a36426df809e617f379
  redcarpet (3.6.0) sha256=8ad1889c0355ff4c47174af14edd06d62f45a326da1da6e8a121d59bdcd2e9e9
  redis (5.2.0) sha256=336b975a56b166c6af4d4a1026c71dbed429ba5dc949aac373ef2fded07936b4
  redis-client (0.22.2) sha256=31fee4b7cf04109b227327fabeaaf1fc5b652cf48a186a03bc607e40767bacc0
  regexp_parser (2.9.2) sha256=5a27e767ad634f8a4b544520d5cd28a0db7aa1198a5d7c9d7e11d7b3d9066446
  reline (0.5.9) sha256=5d2dd7ed0fd078e79a05e4eaa47dc91b8dacec7358e9e1dd6d9c4636cff7d378
  request_store (1.7.0) sha256=e1b75d5346a315f452242a68c937ef8e48b215b9453a77a6c0acdca2934c88cb
  responders (3.1.1) sha256=92f2a87e09028347368639cfb468f5fefa745cb0dc2377ef060db1cdd79a341a
  rexml (3.3.2) sha256=4513686f858d0ff2e5a412d734c8a192e16cb1df4cb2063f56b72a8ad4c5257f
  rouge (4.3.0) sha256=9ee3d9ec53338e78c03fff0cbcd08881d80d69152349b046761e48ccf2de581c
  rspec-core (3.13.0) sha256=557792b4e88da883d580342b263d9652b6a10a12d5bda9ef967b01a48f15454c
  rspec-expectations (3.13.1) sha256=814cf8dadc797b00be55a84d7bc390c082735e5c914e62cbe8d0e19774b74200
  rspec-its (1.3.0) sha256=4da51040e7820daafd40f2f6216d13c90aa949f0d302a0412c9ef6074e73ea97
  rspec-mocks (3.13.1) sha256=087189899c337937bcf1d66a50dc3fc999ac88335bbeba4d385c2a38c87d7b38
  rspec-rails (6.1.3) sha256=dc23386e9ddb9b750456d77bf88228100d5dd9812690380984ec1ba4aadf1c5b
  rspec-support (3.13.1) sha256=48877d4f15b772b7538f3693c22225f2eda490ba65a0515c4e7cf6f2f17de70f
  rubocop (1.64.1) sha256=3145bf1863771e400a1c041060e751e5ff0edd9ceb99d01df36db1902f611f3b
  rubocop-ast (1.31.3) sha256=1b07d618d8776993ec6053a706d1c09f0bf15139fd69415924656cbff07e7818
  rubocop-capybara (2.21.0) sha256=5d264efdd8b6c7081a3d4889decf1451a1cfaaec204d81534e236bc825b280ab
  rubocop-disable_syntax (0.1.1) sha256=fba0b24edbd3de049ccaac8473c18fed308b5bd991e389a3368965f6cb88edbb
  rubocop-factory_bot (2.26.1) sha256=8de13cd4edcee5ca800f255188167ecef8dbfc3d1fae9f15734e9d2e755392aa
  rubocop-graphql (1.5.3) sha256=0c5f06e5286c620802fa02f0667a8754fc96a1c6d85c0880a890f4206cfbc438
  rubocop-performance (1.21.1) sha256=5cf20002a544275ad6aa99abca4b945d2a2ed71be925c38fe83700360ed8734e
  rubocop-rails (2.25.1) sha256=4988933ee02fdb213d22d0f61dc57d6c582317b43867d5106ea1c7a628aae6a5
  rubocop-rspec (3.0.3) sha256=ee90e0efb9a6725ab4147d89bf4761c8548b4d04069da95aca4696cd57f02511
  rubocop-rspec_rails (2.30.0) sha256=888112e83f9d7ef7ad2397e9d69a0b9614a4bae24f072c399804a180f80c4c46
  ruby-progressbar (1.13.0) sha256=80fc9c47a9b640d6834e0dc7b3c94c9df37f08cb072b7761e4a71e22cff29b33
  ruby_parser (3.21.1) sha256=9d931abe5aec287d65280f811d3cf672564956ef1bd49f528ca48479984d6fec
  rubyzip (2.3.2) sha256=3f57e3935dc2255c414484fbf8d673b4909d8a6a57007ed754dde39342d2373f
  selenium-webdriver (4.23.0) sha256=490aeddee879cfea58a4db6628338d60a905bc56cd5e1a60dfbaa9090a19b801
  sexp_processor (4.17.2) sha256=0dfdd3d90aed28360cb3032ac8905bca66d8c5f5cab01e94762206eca24e75be
  shoulda-matchers (6.2.0) sha256=a702c059c5f3bbda2295827231a28654e33063d7c4d409662980ec630207d8dd
  solid_cache (0.6.0) sha256=b2ce77376c89040b27e6c01bedca95da4dc347f62de5787f3668e39e03616a49
  solid_queue (0.3.3) sha256=1e1e861dd8d089d81c0976c9c1942708260bf3ace6930fd61704f3e6b0285ade
  sprockets (4.2.1) sha256=951b13dd2f2fcae840a7184722689a803e0ff9d2702d902bd844b196da773f97
  sprockets-rails (3.5.1) sha256=c44626cb3887a1a8b572ca258685db33b4ebd041aa73428a716eac444ee5ef48
  sshkit (1.23.0) sha256=0ae2ef85d602af00bcc5951bdf3d4fa28d5b35557fcd5b9ab760f0f98a58bb54
  standard (1.39.2) sha256=a327312ea9057da468cf1bdbec7479479fa2ad64ffbef7304747a6f8f86cabf9
  standard-custom (1.0.2) sha256=424adc84179a074f1a2a309bb9cf7cd6bfdb2b6541f20c6bf9436c0ba22a652b
  standard-performance (1.4.0) sha256=de9f72b65964826cd55db59e51916d969b19ca2c62b12727cbc763cf256fa194
  stimulus-rails (1.3.3) sha256=4d1f9ab1d64e605f4c9cdd4cc530a9538b510606d32d02249d106256845c562c
  stringio (3.1.1) sha256=53456e14175c594e0e8eb2206a1be33f3974d4fe21c131e628908b05c8c2ae1e
  strscan (3.1.0) sha256=01b8a81d214fbf7b5308c6fb51b5972bbfc4a6aa1f166fd3618ba97e0fcd5555
  thor (1.3.1) sha256=fa7e3471d4f6a27138e3d9c9b0d4daac9c3d7383927667ae83e9ab42ae7401ef
  thruster (0.1.7) sha256=b7cdb0cbb38602affd22a0bc06f49ee376dd1beaf0c9f4c961ccf9596774f1d7
  thruster (0.1.7-aarch64-linux) sha256=36b6c43f84fdaedcf1a6ec50d9ffa86f3a9daf07a47642c943101060138c5b9c
  thruster (0.1.7-arm64-darwin) sha256=85e30fc4a9c4bc110be60bcf7359aa8d0fc4c01318b15336d785711b8db2b1f4
  thruster (0.1.7-x86_64-darwin) sha256=2369c5a46c73677ab4985a9ecc6d3b6840dd7443d3c85accfc4e88151648c8e1
  thruster (0.1.7-x86_64-linux) sha256=097b796e81cb143e715c81fd2e2618eccacfa98fa8732852021a92d8e3eb9f67
  timeout (0.4.1) sha256=6f1f4edd4bca28cffa59501733a94215407c6960bd2107331f0280d4abdebb9a
  tomlrb (2.0.3) sha256=c2736acf24919f793334023a4ff396c0647d93fce702a73c9d348deaa815d4f7
  turbo-rails (2.0.5) sha256=cef775349c24734e52937997c2c4582a95966b3f81a173a9bcf037074a766229
  tzinfo (2.0.6) sha256=8daf828cc77bcf7d63b0e3bdb6caa47e2272dcfaf4fbfe46f8c3a9df087a829b
  unicode-display_width (2.5.0) sha256=7e7681dcade1add70cb9fda20dd77f300b8587c81ebbd165d14fd93144ff0ab4
  uri (0.13.0) sha256=26553c2a9399762e1e8bebd4444b4361c4b21298cf1c864b22eeabc9c4998f24
  useragent (0.16.10) sha256=1794380d9ea5c087d687bbfe14752f81839293f238c1132ef05c9344f09e65bb
  view_component (3.13.0) sha256=316e6479f51387160e7eb372d33cbb97d586ac2ed9d9fe80495cec48b346187b
  warden (1.2.9) sha256=46684f885d35a69dbb883deabf85a222c8e427a957804719e143005df7a1efd0
  webrick (1.8.1) sha256=19411ec6912911fd3df13559110127ea2badd0c035f7762873f58afc803e158f
  websocket (1.2.11) sha256=b7e7a74e2410b5e85c25858b26b3322f29161e300935f70a0e0d3c35e0462737
  websocket-driver (0.7.6) sha256=f69400be7bc197879726ad8e6f5869a61823147372fd8928836a53c2c741d0db
  websocket-extensions (0.1.5) sha256=1c6ba63092cda343eb53fc657110c71c754c56484aad42578495227d717a8241
  with_env (1.1.0) sha256=50b3e4f0a6cda8f90d8a6bd87a6261f6c381429abafb161c4c69ad4a0cd0b6e4
  xml-simple (1.1.9) sha256=d21131e519c86f1a5bc2b6d2d57d46e6998e47f18ed249b25cad86433dbd695d
  xpath (3.2.0) sha256=6dfda79d91bb3b949b947ecc5919f042ef2f399b904013eb3ef6d20dd3a4082e
  yard (0.9.36) sha256=5505736c1b00c926f71053a606ab75f02070c5960d0778b901fe9d8b0a470be4
  zeitwerk (2.6.16) sha256=17df48537f09a937804f79bd9a92817da3b199e268634972d0e98a21ca588e21
  zxcvbn (0.1.10) sha256=46e49a7cadcaab543b0073715341607ed99ffcacfc96d6f883bf1bfefaf0aaa5

RUBY VERSION
   ruby 3.3.4p94

BUNDLED WITH
   2.5.16
