GIT
  remote: https://github.com/kucho/database_rewinder.git
  revision: 6f49f6e7311c071daec11af59ffaa75975394c8c
  branch: fix/rails-7-2-connection-warning
  specs:
    database_rewinder (1.0.1)

GEM
  remote: https://rubygems.org/
  specs:
    actioncable (7.2.2)
      actionpack (= 7.2.2)
      activesupport (= 7.2.2)
      nio4r (~> 2.0)
      websocket-driver (>= 0.6.1)
      zeitwerk (~> 2.6)
    actionmailbox (7.2.2)
      actionpack (= 7.2.2)
      activejob (= 7.2.2)
      activerecord (= 7.2.2)
      activestorage (= 7.2.2)
      activesupport (= 7.2.2)
      mail (>= 2.8.0)
    actionmailer (7.2.2)
      actionpack (= 7.2.2)
      actionview (= 7.2.2)
      activejob (= 7.2.2)
      activesupport (= 7.2.2)
      mail (>= 2.8.0)
      rails-dom-testing (~> 2.2)
    actionpack (7.2.2)
      actionview (= 7.2.2)
      activesupport (= 7.2.2)
      nokogiri (>= 1.8.5)
      racc
      rack (>= 2.2.4, < 3.2)
      rack-session (>= 1.0.1)
      rack-test (>= 0.6.3)
      rails-dom-testing (~> 2.2)
      rails-html-sanitizer (~> 1.6)
      useragent (~> 0.16)
    actiontext (7.2.2)
      actionpack (= 7.2.2)
      activerecord (= 7.2.2)
      activestorage (= 7.2.2)
      activesupport (= 7.2.2)
      globalid (>= 0.6.0)
      nokogiri (>= 1.8.5)
    actionview (7.2.2)
      activesupport (= 7.2.2)
      builder (~> 3.1)
      erubi (~> 1.11)
      rails-dom-testing (~> 2.2)
      rails-html-sanitizer (~> 1.6)
    active_record_doctor (1.14.0)
      activerecord (>= 4.2.0)
    activejob (7.2.2)
      activesupport (= 7.2.2)
      globalid (>= 0.3.6)
    activemodel (7.2.2)
      activesupport (= 7.2.2)
    activerecord (7.2.2)
      activemodel (= 7.2.2)
      activesupport (= 7.2.2)
      timeout (>= 0.4.0)
    activestorage (7.2.2)
      actionpack (= 7.2.2)
      activejob (= 7.2.2)
      activerecord (= 7.2.2)
      activesupport (= 7.2.2)
      marcel (~> 1.0)
    activesupport (7.2.2)
      base64
      benchmark (>= 0.3)
      bigdecimal
      concurrent-ruby (~> 1.0, >= 1.3.1)
      connection_pool (>= 2.2.5)
      drb
      i18n (>= 1.6, < 2)
      logger (>= 1.4.2)
      minitest (>= 5.1)
      securerandom (>= 0.3)
      tzinfo (~> 2.0, >= 2.0.5)
    addressable (2.8.7)
      public_suffix (>= 2.0.2, < 7.0)
    administrate (0.20.1)
      actionpack (>= 6.0, < 8.0)
      actionview (>= 6.0, < 8.0)
      activerecord (>= 6.0, < 8.0)
      jquery-rails (~> 4.6.0)
      kaminari (~> 1.2.2)
      sassc-rails (~> 2.1)
      selectize-rails (~> 0.6)
    airbrake (13.0.4)
      airbrake-ruby (~> 6.0)
    airbrake-ruby (6.2.2)
      rbtree3 (~> 0.6)
    ancestry (4.3.3)
      activerecord (>= 5.2.6)
    ast (2.4.2)
    attr_extras (7.1.0)
    aws-eventstream (1.3.0)
    aws-partitions (1.1006.0)
    aws-sdk-core (3.212.0)
      aws-eventstream (~> 1, >= 1.3.0)
      aws-partitions (~> 1, >= 1.992.0)
      aws-sigv4 (~> 1.9)
      jmespath (~> 1, >= 1.6.1)
    aws-sdk-kms (1.95.0)
      aws-sdk-core (~> 3, >= 3.210.0)
      aws-sigv4 (~> 1.5)
    aws-sdk-s3 (1.170.1)
      aws-sdk-core (~> 3, >= 3.210.0)
      aws-sdk-kms (~> 1)
      aws-sigv4 (~> 1.5)
    aws-sigv4 (1.10.1)
      aws-eventstream (~> 1, >= 1.0.2)
    base64 (0.2.0)
    bcrypt (3.1.20)
    benchmark (0.4.0)
    better_html (2.1.1)
      actionview (>= 6.0)
      activesupport (>= 6.0)
      ast (~> 2.0)
      erubi (~> 1.4)
      parser (>= 2.4)
      smart_properties
    bigdecimal (3.1.8)
    bootsnap (1.18.4)
      msgpack (~> 1.2)
    brakeman (6.2.2)
      racc
    builder (3.3.0)
    bundler-audit (0.9.2)
      bundler (>= 1.2.0, < 3)
      thor (~> 1.0)
    cacheflow (0.4.0)
      activesupport (>= 7)
    capybara (3.40.0)
      addressable
      matrix
      mini_mime (>= 0.1.3)
      nokogiri (~> 1.11)
      rack (>= 1.6.0)
      rack-test (>= 0.6.3)
      regexp_parser (>= 1.5, < 3.0)
      xpath (~> 3.2)
    childprocess (5.1.0)
      logger (~> 1.5)
    chunky_png (1.4.0)
    coderay (1.1.3)
    concurrent-ruby (1.3.4)
    connection_pool (2.4.1)
    crack (1.0.0)
      bigdecimal
      rexml
    crass (1.0.6)
    css_parser (1.19.1)
      addressable
    csv (3.3.0)
    dartsass-rails (0.5.1)
      railties (>= 6.0.0)
      sass-embedded (~> 1.63)
    date (3.4.0)
    devise (4.9.4)
      bcrypt (~> 3.0)
      orm_adapter (~> 0.1)
      railties (>= 4.1.0)
      responders
      warden (~> 1.2.3)
    devise-i18n (1.12.1)
      devise (>= 4.9.0)
    devise-two-factor (6.1.0)
      activesupport (>= 7.0, < 8.1)
      devise (~> 4.0)
      railties (>= 7.0, < 8.1)
      rotp (~> 6.0)
    devise_zxcvbn (6.0.0)
      devise
      zxcvbn (~> 0.1.7)
    diff-lcs (1.5.1)
    docile (1.4.1)
    down (5.4.2)
      addressable (~> 2.8)
    drb (2.2.1)
    erb_lint (0.7.0)
      activesupport
      better_html (>= 2.0.1)
      parser (>= 2.7.1.4)
      rainbow
      rubocop (>= 1)
      smart_properties
    erubi (1.13.0)
    et-orbi (1.2.11)
      tzinfo
    eve_online (0.46.0)
      activesupport (>= 7.1.0)
      faraday (>= 2.3.0)
    factory_bot (6.5.0)
      activesupport (>= 5.0.0)
    factory_bot_rails (6.4.4)
      factory_bot (~> 6.5)
      railties (>= 5.0.0)
    faker (3.5.1)
      i18n (>= 1.8.11, < 2)
    faraday (2.12.0)
      faraday-net_http (>= 2.0, < 3.4)
      json
      logger
    faraday-http-cache (2.5.1)
      faraday (>= 0.8)
    faraday-net_http (3.3.0)
      net-http
    faraday-retry (2.2.1)
      faraday (~> 2.0)
    fasterer (0.11.0)
      ruby_parser (>= 3.19.1)
    ffi (1.17.0)
    ffi (1.17.0-aarch64-linux-gnu)
    ffi (1.17.0-arm64-darwin)
    ffi (1.17.0-x86_64-darwin)
    ffi (1.17.0-x86_64-linux-gnu)
    fiber-storage (1.0.0)
    foreman (0.88.1)
    fugit (1.11.1)
      et-orbi (~> 1, >= 1.2.11)
      raabro (~> 1.4)
    gemdiff (6.0.0)
      faraday-retry (~> 2.2)
      launchy (~> 3.0)
      octokit (~> 9.0)
      thor (~> 1.0)
    globalid (1.2.1)
      activesupport (>= 6.1)
    good_migrations (0.2.1)
      activerecord (>= 3.1)
      railties (>= 3.1)
    google-protobuf (4.28.3)
      bigdecimal
      rake (>= 13)
    google-protobuf (4.28.3-aarch64-linux)
      bigdecimal
      rake (>= 13)
    google-protobuf (4.28.3-arm64-darwin)
      bigdecimal
      rake (>= 13)
    google-protobuf (4.28.3-x86_64-darwin)
      bigdecimal
      rake (>= 13)
    google-protobuf (4.28.3-x86_64-linux)
      bigdecimal
      rake (>= 13)
    graphiql-rails (1.8.0)
      railties
      sprockets-rails
    graphql (2.4.3)
      base64
      fiber-storage
    graphql-rails_logger (1.2.4)
      actionpack (> 5.0)
      activesupport (> 5.0)
      railties (> 5.0)
      rouge (~> 3.0)
    hashdiff (1.1.2)
    hashie (5.0.0)
    htmlbeautifier (1.4.3)
    htmlentities (4.3.4)
    http_accept_language (2.1.1)
    httplog (1.7.0)
      rack (>= 2.0)
      rainbow (>= 2.0.0)
    i18n (1.14.6)
      concurrent-ruby (~> 1.0)
    importmap-rails (2.0.3)
      actionpack (>= 6.0.0)
      activesupport (>= 6.0.0)
      railties (>= 6.0.0)
    inline_svg (1.10.0)
      activesupport (>= 3.0)
      nokogiri (>= 1.6)
    io-console (0.7.2)
    irb (1.14.1)
      rdoc (>= 4.0.0)
      reline (>= 0.4.2)
    jbuilder (2.13.0)
      actionview (>= 5.0.0)
      activesupport (>= 5.0.0)
    jmespath (1.6.2)
    jquery-rails (4.6.0)
      rails-dom-testing (>= 1, < 3)
      railties (>= 4.2.0)
      thor (>= 0.14, < 2.0)
    json (2.8.1)
    jwt (2.9.3)
      base64
    kaminari (1.2.2)
      activesupport (>= 4.1.0)
      kaminari-actionview (= 1.2.2)
      kaminari-activerecord (= 1.2.2)
      kaminari-core (= 1.2.2)
    kaminari-actionview (1.2.2)
      actionview
      kaminari-core (= 1.2.2)
    kaminari-activerecord (1.2.2)
      activerecord
      kaminari-core (= 1.2.2)
    kaminari-core (1.2.2)
    kaminari-i18n (0.5.0)
      kaminari
      rails
    language_server-protocol (3.17.0.3)
    launchy (3.0.1)
      addressable (~> 2.8)
      childprocess (~> 5.0)
    license_finder (7.2.1)
      bundler
      csv (~> 3.2)
      rubyzip (>= 1, < 3)
      thor (~> 1.2)
      tomlrb (>= 1.3, < 2.1)
      with_env (= 1.1.0)
      xml-simple (~> 1.1.9)
    lint_roller (1.1.0)
    local_time (3.0.2)
    logger (1.6.1)
    lograge (0.14.0)
      actionpack (>= 4)
      activesupport (>= 4)
      railties (>= 4)
      request_store (~> 1.0)
    loofah (2.23.1)
      crass (~> 1.0.2)
      nokogiri (>= 1.12.0)
    lookbook (2.3.4)
      activemodel
      css_parser
      htmlbeautifier (~> 1.3)
      htmlentities (~> 4.3.4)
      marcel (~> 1.0)
      railties (>= 5.0)
      redcarpet (~> 3.5)
      rouge (>= 3.26, < 5.0)
      view_component (>= 2.0)
      yard (~> 0.9)
      zeitwerk (~> 2.5)
    mail (2.8.1)
      mini_mime (>= 0.1.1)
      net-imap
      net-pop
      net-smtp
    marcel (1.0.4)
    matrix (0.4.2)
    meta-tags (2.22.1)
      actionpack (>= 6.0.0, < 8.1)
    method_source (1.1.0)
    mini_mime (1.1.5)
    mini_portile2 (2.8.7)
    minitest (5.25.1)
    mobility (1.2.9)
      i18n (>= 0.6.10, < 2)
      request_store (~> 1.0)
    msgpack (1.7.5)
    multi_xml (0.7.1)
      bigdecimal (~> 3.1)
    net-http (0.5.0)
      uri
    net-http-persistent (4.0.4)
      connection_pool (~> 2.2)
    net-imap (0.5.1)
      date
      net-protocol
    net-pop (0.1.2)
      net-protocol
    net-protocol (0.2.2)
      timeout
    net-scp (4.0.0)
      net-ssh (>= 2.6.5, < 8.0.0)
    net-sftp (4.0.0)
      net-ssh (>= 5.0.0, < 8.0.0)
    net-smtp (0.5.0)
      net-protocol
    net-ssh (7.3.0)
    nio4r (2.7.4)
    nokogiri (1.16.7)
      mini_portile2 (~> 2.8.2)
      racc (~> 1.4)
    nokogiri (1.16.7-aarch64-linux)
      racc (~> 1.4)
    nokogiri (1.16.7-arm64-darwin)
      racc (~> 1.4)
    nokogiri (1.16.7-x86_64-darwin)
      racc (~> 1.4)
    nokogiri (1.16.7-x86_64-linux)
      racc (~> 1.4)
    noticed (2.4.3)
      rails (>= 6.1.0)
    oauth2 (2.0.9)
      faraday (>= 0.17.3, < 3.0)
      jwt (>= 1.0, < 3.0)
      multi_xml (~> 0.5)
      rack (>= 1.2, < 4)
      snaky_hash (~> 2.0)
      version_gem (~> 1.1)
    octokit (9.2.0)
      faraday (>= 1, < 3)
      sawyer (~> 0.9)
    omniauth (2.1.2)
      hashie (>= 3.4.6)
      rack (>= 2.2.3)
      rack-protection
    omniauth-eve_online-sso (0.7.0)
      jwt
      omniauth-oauth2
    omniauth-oauth2 (1.8.0)
      oauth2 (>= 1.4, < 3)
      omniauth (~> 2.0)
    omniauth-rails_csrf_protection (1.0.2)
      actionpack (>= 4.2)
      omniauth (~> 2.0)
    optimist (3.2.0)
    orm_adapter (0.5.0)
    ostruct (0.6.1)
    parallel (1.26.3)
    parser (3.3.6.0)
      ast (~> 2.4.1)
      racc
    patience_diff (1.2.0)
      optimist (~> 3.0)
    pg (1.5.9)
    pg_query (5.1.0)
      google-protobuf (>= 3.22.3)
    pg_search (2.3.7)
      activerecord (>= 6.1)
      activesupport (>= 6.1)
    pghero (3.6.1)
      activerecord (>= 6.1)
    prosopite (1.4.2)
    pry (0.14.2)
      coderay (~> 1.1)
      method_source (~> 1.0)
    pry-rails (0.3.11)
      pry (>= 0.13.0)
    psych (5.2.0)
      stringio
    public_suffix (6.0.1)
    puma (6.4.3)
      nio4r (~> 2.0)
    pundit (2.4.0)
      activesupport (>= 3.0.0)
    raabro (1.4.0)
    racc (1.8.1)
    rack (3.1.8)
    rack-cors (2.0.2)
      rack (>= 2.0.0)
    rack-protection (4.0.0)
      base64 (>= 0.1.0)
      rack (>= 3.0.0, < 4)
    rack-session (2.0.0)
      rack (>= 3.0.0)
    rack-test (2.1.0)
      rack (>= 1.3)
    rack-timeout (0.7.0)
    rackup (2.2.1)
      rack (>= 3)
    rails (7.2.2)
      actioncable (= 7.2.2)
      actionmailbox (= 7.2.2)
      actionmailer (= 7.2.2)
      actionpack (= 7.2.2)
      actiontext (= 7.2.2)
      actionview (= 7.2.2)
      activejob (= 7.2.2)
      activemodel (= 7.2.2)
      activerecord (= 7.2.2)
      activestorage (= 7.2.2)
      activesupport (= 7.2.2)
      bundler (>= 1.15.0)
      railties (= 7.2.2)
    rails-controller-testing (1.0.5)
      actionpack (>= 5.0.1.rc1)
      actionview (>= 5.0.1.rc1)
      activesupport (>= 5.0.1.rc1)
    rails-dom-testing (2.2.0)
      activesupport (>= 5.0.0)
      minitest
      nokogiri (>= 1.6)
    rails-html-sanitizer (1.6.0)
      loofah (~> 2.21)
      nokogiri (~> 1.14)
    rails-i18n (7.0.10)
      i18n (>= 0.7, < 2)
      railties (>= 6.0.0, < 8)
    rails-settings-cached (2.9.5)
      activerecord (>= 5.0.0)
      railties (>= 5.0.0)
    railties (7.2.2)
      actionpack (= 7.2.2)
      activesupport (= 7.2.2)
      irb (~> 1.13)
      rackup (>= 1.0.0)
      rake (>= 12.2)
      thor (~> 1.0, >= 1.2.2)
      zeitwerk (~> 2.6)
    rainbow (3.1.1)
    rake (13.2.1)
    rbtree3 (0.7.1)
    rdoc (6.7.0)
      psych (>= 4.0.0)
    redcarpet (3.6.0)
    redis (5.3.0)
      redis-client (>= 0.22.0)
    redis-client (0.22.2)
      connection_pool
    regexp_parser (2.9.2)
    reline (0.5.11)
      io-console (~> 0.5)
    request_store (1.7.0)
      rack (>= 1.4)
    responders (3.1.1)
      actionpack (>= 5.2)
      railties (>= 5.2)
    rexml (3.3.9)
    rotp (6.3.0)
    rouge (3.30.0)
    rqrcode (2.2.0)
      chunky_png (~> 1.0)
      rqrcode_core (~> 1.0)
    rqrcode_core (1.2.0)
    rspec-core (3.13.2)
      rspec-support (~> 3.13.0)
    rspec-expectations (3.13.3)
      diff-lcs (>= 1.2.0, < 2.0)
      rspec-support (~> 3.13.0)
    rspec-its (2.0.0)
      rspec-core (>= 3.13.0)
      rspec-expectations (>= 3.13.0)
    rspec-mocks (3.13.2)
      diff-lcs (>= 1.2.0, < 2.0)
      rspec-support (~> 3.13.0)
    rspec-rails (7.1.0)
      actionpack (>= 7.0)
      activesupport (>= 7.0)
      railties (>= 7.0)
      rspec-core (~> 3.13)
      rspec-expectations (~> 3.13)
      rspec-mocks (~> 3.13)
      rspec-support (~> 3.13)
    rspec-support (3.13.1)
    rubocop (1.68.0)
      json (~> 2.3)
      language_server-protocol (>= 3.17.0)
      parallel (~> 1.10)
      parser (>= 3.3.0.2)
      rainbow (>= 2.2.2, < 4.0)
      regexp_parser (>= 2.4, < 3.0)
      rubocop-ast (>= 1.32.2, < 2.0)
      ruby-progressbar (~> 1.7)
      unicode-display_width (>= 2.4.0, < 3.0)
    rubocop-ast (1.36.1)
      parser (>= 3.3.1.0)
    rubocop-capybara (2.21.0)
      rubocop (~> 1.41)
    rubocop-disable_syntax (0.1.1)
      rubocop (>= 1.50)
    rubocop-factory_bot (2.26.1)
      rubocop (~> 1.61)
    rubocop-graphql (1.5.4)
      rubocop (>= 1.50, < 2)
    rubocop-performance (1.22.1)
      rubocop (>= 1.48.1, < 2.0)
      rubocop-ast (>= 1.31.1, < 2.0)
    rubocop-rails (2.27.0)
      activesupport (>= 4.2.0)
      rack (>= 1.1)
      rubocop (>= 1.52.0, < 2.0)
      rubocop-ast (>= 1.31.1, < 2.0)
    rubocop-rspec (3.2.0)
      rubocop (~> 1.61)
    rubocop-rspec_rails (2.30.0)
      rubocop (~> 1.61)
      rubocop-rspec (~> 3, >= 3.0.1)
    ruby-progressbar (1.13.0)
    ruby_parser (3.21.1)
      racc (~> 1.5)
      sexp_processor (~> 4.16)
    rubyzip (2.3.2)
    rufus-scheduler (3.9.2)
      fugit (~> 1.1, >= 1.11.1)
    sass-embedded (1.80.7)
      google-protobuf (~> 4.28)
      rake (>= 13)
    sass-embedded (1.80.7-aarch64-linux-gnu)
      google-protobuf (~> 4.28)
    sass-embedded (1.80.7-arm64-darwin)
      google-protobuf (~> 4.28)
    sass-embedded (1.80.7-x86_64-darwin)
      google-protobuf (~> 4.28)
    sass-embedded (1.80.7-x86_64-linux-gnu)
      google-protobuf (~> 4.28)
    sassc (2.4.0)
      ffi (~> 1.9)
    sassc-rails (2.1.2)
      railties (>= 4.0.0)
      sassc (>= 2.0)
      sprockets (> 3.0)
      sprockets-rails
      tilt
    sawyer (0.9.2)
      addressable (>= 2.3.5)
      faraday (>= 0.17.3, < 3)
    securerandom (0.3.2)
    selectize-rails (0.12.6)
    selenium-webdriver (4.26.0)
      base64 (~> 0.2)
      logger (~> 1.4)
      rexml (~> 3.2, >= 3.2.5)
      rubyzip (>= 1.2.2, < 3.0)
      websocket (~> 1.0)
    sexp_processor (4.17.3)
    shoulda-matchers (6.4.0)
      activesupport (>= 5.2.0)
    sidekiq (7.3.5)
      connection_pool (>= 2.3.0)
      logger
      rack (>= 2.2.4)
      redis-client (>= 0.22.2)
    simplecov (0.22.0)
      docile (~> 1.1)
      simplecov-html (~> 0.11)
      simplecov_json_formatter (~> 0.1)
    simplecov-cobertura (2.1.0)
      rexml
      simplecov (~> 0.19)
    simplecov-html (0.13.1)
    simplecov_json_formatter (0.1.4)
    sitemap_generator (6.3.0)
      builder (~> 3.0)
    skylight (6.0.4)
      activesupport (>= 5.2.0)
    smart_properties (1.17.0)
    snaky_hash (2.0.1)
      hashie
      version_gem (~> 1.1, >= 1.1.1)
    solid_cache (0.6.0)
      activejob (>= 7)
      activerecord (>= 7)
      railties (>= 7)
    sprockets (4.2.1)
      concurrent-ruby (~> 1.0)
      rack (>= 2.2.4, < 4)
    sprockets-rails (3.5.2)
      actionpack (>= 6.1)
      activesupport (>= 6.1)
      sprockets (>= 3.0.0)
    squasher (0.8.0)
    sshkit (1.23.2)
      base64
      net-scp (>= 1.1.2)
      net-sftp (>= 2.1.2)
      net-ssh (>= 2.8.0)
      ostruct
    standard (1.42.0)
      language_server-protocol (~> 3.17.0.2)
      lint_roller (~> 1.0)
      rubocop (~> 1.68.0)
      standard-custom (~> 1.0.0)
      standard-performance (~> 1.5)
    standard-custom (1.0.2)
      lint_roller (~> 1.0)
      rubocop (~> 1.50)
    standard-performance (1.5.0)
      lint_roller (~> 1.1)
      rubocop-performance (~> 1.22.0)
    stimulus-rails (1.3.4)
      railties (>= 6.0.0)
    stringio (3.1.2)
    super_diff (0.13.0)
      attr_extras (>= 6.2.4)
      diff-lcs
      patience_diff
    thor (1.3.2)
    thruster (0.1.9)
    thruster (0.1.9-aarch64-linux)
    thruster (0.1.9-arm64-darwin)
    thruster (0.1.9-x86_64-darwin)
    thruster (0.1.9-x86_64-linux)
    tilt (2.4.0)
    timeout (0.4.2)
    tomlrb (2.0.3)
    turbo-rails (2.0.11)
      actionpack (>= 6.0.0)
      railties (>= 6.0.0)
    tzinfo (2.0.6)
      concurrent-ruby (~> 1.0)
    unicode-display_width (2.6.0)
    uri (1.0.2)
    useragent (0.16.10)
    vcr (6.3.1)
      base64
    version_gem (1.1.4)
    view_component (3.20.0)
      activesupport (>= 5.2.0, < 8.1)
      concurrent-ruby (~> 1.0)
      method_source (~> 1.0)
    warden (1.2.9)
      rack (>= 2.0.9)
    webmock (3.24.0)
      addressable (>= 2.8.0)
      crack (>= 0.3.2)
      hashdiff (>= 0.4.0, < 2.0.0)
    websocket (1.2.11)
    websocket-driver (0.7.6)
      websocket-extensions (>= 0.1.0)
    websocket-extensions (0.1.5)
    with_env (1.1.0)
    xml-simple (1.1.9)
      rexml
    xpath (3.2.0)
      nokogiri (~> 1.8)
    yard (0.9.37)
    zeitwerk (2.7.1)
    zxcvbn (0.1.13)

PLATFORMS
  aarch64-linux
  arm64-darwin
  ruby
  x86_64-darwin
  x86_64-linux

DEPENDENCIES
  active_record_doctor
  administrate
  airbrake (~> 13.0)
  ancestry
  aws-sdk-s3
  better_html
  bootsnap
  brakeman
  bundler-audit
  cacheflow
  capybara (>= 3.26)
  connection_pool
  dartsass-rails
  database_rewinder!
  devise
  devise-i18n
  devise-two-factor (>= 5.0.0)
  devise_zxcvbn
  down
  erb_lint
  eve_online
  factory_bot_rails
  faker
  faraday-http-cache
  fasterer
  foreman
  gemdiff
  good_migrations
  graphiql-rails
  graphql
  graphql-rails_logger
  http_accept_language
  httplog
  importmap-rails
  inline_svg
  jbuilder
  jwt
  kaminari
  kaminari-i18n
  license_finder
  local_time
  lograge
  lookbook
  meta-tags
  mobility
  net-http-persistent
  noticed
  omniauth-eve_online-sso
  omniauth-rails_csrf_protection
  pg
  pg_query
  pg_search
  pghero
  prosopite
  pry-rails
  puma
  pundit
  rack-cors
  rack-timeout
  rails (= 7.2.2)
  rails-controller-testing
  rails-html-sanitizer
  rails-i18n
  rails-settings-cached
  redis
  redis-client
  responders
  rqrcode
  rspec-its
  rspec-rails (>= 6.0.1)
  rubocop
  rubocop-capybara
  rubocop-disable_syntax
  rubocop-factory_bot
  rubocop-graphql
  rubocop-performance
  rubocop-rails
  rubocop-rspec
  rubocop-rspec_rails
  rufus-scheduler
  selenium-webdriver
  shoulda-matchers
  sidekiq
  simplecov
  simplecov-cobertura
  sitemap_generator
  skylight
  solid_cache
  sprockets-rails
  squasher
  sshkit
  standard (= 1.42.0)
  stimulus-rails
  super_diff
  thruster
  turbo-rails
  tzinfo-data
  vcr
  view_component
  webmock

CHECKSUMS
  actioncable (7.2.2) sha256=5355e87023207318c0b25c7ea90d2a6e76aacd782a78e9aaad47e7119c8cb94b
  actionmailbox (7.2.2) sha256=91df37614f57854a4f18278ab4b1340b8e689c65d7397a735887f523ccfaa5d6
  actionmailer (7.2.2) sha256=1cfe0e50ec5fb43ff580e3d251ecbebd19dbaad64dc033e80668aff04831d961
  actionpack (7.2.2) sha256=c948965f3e2917acd3eb2548f06dd98778790d8dff995cc493c82226bbe59295
  actiontext (7.2.2) sha256=d58c5ab47501ea2b6eed48a520eb647f446a749109cecec0512c6416b683ecc5
  actionview (7.2.2) sha256=e95da1f3d0e211a5817be1254e87622db898ea5e9975fb92cd01cde661f51776
  active_record_doctor (1.14.0) sha256=ca552a720d0f572db60bf7101f1fe12008719f6a64b1d8c00f79196a09b91ed5
  activejob (7.2.2) sha256=704e5f6166a33bc122387525ad12d5ab387d44ad25cdce0fd23574b3dbed2a14
  activemodel (7.2.2) sha256=46e8f06585d96615c4d99814067ad736c079e1fc9782feb4e3411e2362ee539c
  activerecord (7.2.2) sha256=135954424b33093a0c77b4d6c27f3c055dfc2aaab762e2e9ba88134c2d071aeb
  activestorage (7.2.2) sha256=2448162d87a874586515a15caae224b17c4693459e321d68ab54914de94b630e
  activesupport (7.2.2) sha256=436360924cf758dfa9d60ab22a8afe6da8babf6f1286d4087f0a9c576bf8328a
  addressable (2.8.7) sha256=462986537cf3735ab5f3c0f557f14155d778f4b43ea4f485a9deb9c8f7c58232
  administrate (0.20.1) sha256=4ba271003c446e486fe4e67d2173eb4ee6118ed0fba5972be0e8ea757f7b67d5
  airbrake (13.0.4) sha256=5ccb0cd49fbdae8ddc461351f51636cc0f770f5b3be763ca016d558a22ba4103
  airbrake-ruby (6.2.2) sha256=293e34fb36e763e1b6d67ab584cce7c5b6fe9eea1a70c26d8c13c0f5d7de2fbc
  ancestry (4.3.3) sha256=af3f6bcf405c219af02eec5b9c8206e68cba8d7976fe5269559ef0986f5e7ca0
  ast (2.4.2) sha256=1e280232e6a33754cde542bc5ef85520b74db2aac73ec14acef453784447cc12
  attr_extras (7.1.0) sha256=d96fc9a9dd5d85ba2d37762440a816f840093959ae26bb90da994c2d9f1fc827
  aws-eventstream (1.3.0) sha256=f1434cc03ab2248756eb02cfa45e900e59a061d7fbdc4a9fd82a5dd23d796d3f
  aws-partitions (1.1006.0) sha256=46bdbd30e7ac4b3b30489827d95a32a2640ea8d1034d1f13198a055ed06ee3db
  aws-sdk-core (3.212.0) sha256=ab35e52d533cdd531171a6aadfb483775f412429a03e4850489699e60a8dc8bb
  aws-sdk-kms (1.95.0) sha256=2ae508c642ddc59baa1296229108e9601a2fa00e57cf7a2153c9488f0587fd5e
  aws-sdk-s3 (1.170.1) sha256=985f43e401cbb67ae6ff704bf8848d16bb72172a7bf492f680c59de36426d4f2
  aws-sigv4 (1.10.1) sha256=8a140753f34de18125686b11e7adaed4ca3db06dfb50a478993bd437f7a203bb
  base64 (0.2.0) sha256=0f25e9b21a02a0cc0cea8ef92b2041035d39350946e8789c562b2d1a3da01507
  bcrypt (3.1.20) sha256=8410f8c7b3ed54a3c00cd2456bf13917d695117f033218e2483b2e40b0784099
  benchmark (0.4.0) sha256=0f12f8c495545e3710c3e4f0480f63f06b4c842cc94cec7f33a956f5180e874a
  better_html (2.1.1) sha256=046c3551d1488a3f2939a7cac6fabf2bde08c32e135c91fcd683380118e5af55
  bigdecimal (3.1.8) sha256=a89467ed5a44f8ae01824af49cbc575871fa078332e8f77ea425725c1ffe27be
  bootsnap (1.18.4) sha256=ac4c42af397f7ee15521820198daeff545e4c360d2772c601fbdc2c07d92af55
  brakeman (6.2.2) sha256=d502d653699f4d451b21225ff4d19a9ec9345d23eaab5576e246185ffd7bf618
  builder (3.3.0) sha256=497918d2f9dca528fdca4b88d84e4ef4387256d984b8154e9d5d3fe5a9c8835f
  bundler-audit (0.9.2) sha256=73051daa09865c436450a35c4d87ceef15f3f9777f4aad4fd015cc6f1f2b1048
  cacheflow (0.4.0) sha256=767033fa2296c4edfb34d6bb225959bc0b3c1c3b3c2d1a9f8e8e5739083af0e0
  capybara (3.40.0) sha256=42dba720578ea1ca65fd7a41d163dd368502c191804558f6e0f71b391054aeef
  childprocess (5.1.0) sha256=9a8d484be2fd4096a0e90a0cd3e449a05bc3aa33f8ac9e4d6dcef6ac1455b6ec
  chunky_png (1.4.0) sha256=89d5b31b55c0cf4da3cf89a2b4ebc3178d8abe8cbaf116a1dba95668502fdcfe
  coderay (1.1.3) sha256=dc530018a4684512f8f38143cd2a096c9f02a1fc2459edcfe534787a7fc77d4b
  concurrent-ruby (1.3.4) sha256=d4aa926339b0a86b5b5054a0a8c580163e6f5dcbdfd0f4bb916b1a2570731c32
  connection_pool (2.4.1) sha256=0f40cf997091f1f04ff66da67eabd61a9fe0d4928b9a3645228532512fab62f4
  crack (1.0.0) sha256=c83aefdb428cdc7b66c7f287e488c796f055c0839e6e545fec2c7047743c4a49
  crass (1.0.6) sha256=dc516022a56e7b3b156099abc81b6d2b08ea1ed12676ac7a5657617f012bd45d
  css_parser (1.19.1) sha256=1940dce01e3b9be18d6880e6d65162d984cc04ff28998cf4759beb999275209e
  csv (3.3.0) sha256=0bbd1defdc31134abefed027a639b3723c2753862150f4c3ee61cab71b20d67d
  dartsass-rails (0.5.1) sha256=f19510fb1b29c76c1739a06954d615f1d20ad653b6fc668dd7c68542bb303a1a
  database_rewinder (1.0.1)
  date (3.4.0) sha256=2e7fadaded625c9b3e35e254e42068d4bd8b8646ceab0744cbcbcfdafaa0a711
  devise (4.9.4) sha256=920042fe5e704c548aa4eb65ebdd65980b83ffae67feb32c697206bfd975a7f8
  devise-i18n (1.12.1) sha256=b0d789b5773d761436409232bbffeb09bd0cb60340620b94602f90bcf1f1377f
  devise-two-factor (6.1.0) sha256=90389ea00e6eab999f1868311972b6f4c84e6d7d6d1e90990eea8fcaf3372c10
  devise_zxcvbn (6.0.0) sha256=92b45f0b50657f17d9472dfb72b4414482f59942a0cbdd8c4346e054d77ee3ee
  diff-lcs (1.5.1) sha256=273223dfb40685548436d32b4733aa67351769c7dea621da7d9dd4813e63ddfe
  docile (1.4.1) sha256=96159be799bfa73cdb721b840e9802126e4e03dfc26863db73647204c727f21e
  down (5.4.2) sha256=516e5e01e7a96214a7e2cd155aac6f700593038ae6c857c0f4a05413b1c58acf
  drb (2.2.1) sha256=e9d472bf785f558b96b25358bae115646da0dbfd45107ad858b0bc0d935cb340
  erb_lint (0.7.0) sha256=718e727f62d98580c7d0ef6d786cf58592eafb1b7328caaa9dae88169fd6c2ee
  erubi (1.13.0) sha256=fca61b47daefd865d0fb50d168634f27ad40181867445badf6427c459c33cd62
  et-orbi (1.2.11) sha256=d26e868cc21db88280a9ec1a50aa3da5d267eb9b2037ba7b831d6c2731f5df64
  eve_online (0.46.0) sha256=8912ad961c7134d8138d43373c14f945e5c6bc3706acb14574ec6f81d865ba6d
  factory_bot (6.5.0) sha256=6374b3a3593b8077ee9856d553d2e84d75b47b912cc24eafea4062f9363d2261
  factory_bot_rails (6.4.4) sha256=139e17caa2c50f098fddf5e5e1f29e8067352024e91ca1186d018b36589e5c88
  faker (3.5.1) sha256=1ad1fbea279d882f486059c23fe3ddb816ccd1d7052c05a45014b4450d859bfc
  faraday (2.12.0) sha256=d106d0b1bc2548a8c0c34619a657a5e4aeae2780f951b0e095c8f803bbbf4517
  faraday-http-cache (2.5.1) sha256=cbfc129a85e1ad8580130189832cf59e7e117d94fe277547d61fc531f7689483
  faraday-net_http (3.3.0) sha256=93e6b0f679b1e8e358bcb4e983a52328dfc47ebbe6a232e4f9e8aba9c924e565
  faraday-retry (2.2.1) sha256=4146fed14549c0580bf14591fca419a40717de0dd24f267a8ec2d9a728677608
  fasterer (0.11.0) sha256=9c38b77583584f3339a729eb077fd8f2856a317abe747528f6563d7c23e9dda8
  ffi (1.17.0) sha256=51630e43425078311c056ca75f961bb3bda1641ab36e44ad4c455e0b0e4a231c
  ffi (1.17.0-aarch64-linux-gnu) sha256=228c8fb79e6b018a31c75414115a75ca65f74e8138b2c9c97d22041e4e12f2c1
  ffi (1.17.0-arm64-darwin) sha256=609c874e76614542c6d485b0576e42a7a38ffcdf086612f9a300c4ec3fcd0d12
  ffi (1.17.0-x86_64-darwin) sha256=fdcd48c69db3303ef95aec5c64d6275fcf9878a02c0bec0afddc506ceca0f56b
  ffi (1.17.0-x86_64-linux-gnu) sha256=1015e59d5919dd6bbcb0704325b0bd639be664a79b1e2189943ceb18faa34198
  fiber-storage (1.0.0) sha256=b80a323f1e0b95e79b11c1d4df7f654dbe517c11a344c90f2a43dec67ba5ab7f
  foreman (0.88.1) sha256=59c022125b6a328a2ce63da8d70b731f5dd13519e8d9a4184c696538088ea00a
  fugit (1.11.1) sha256=e89485e7be22226d8e9c6da411664d0660284b4b1c08cacb540f505907869868
  gemdiff (6.0.0) sha256=65798b6abfed066a72f8bb354bfb40cf23ee96db46c082c18201ce6e28238de8
  globalid (1.2.1) sha256=70bf76711871f843dbba72beb8613229a49429d1866828476f9c9d6ccc327ce9
  good_migrations (0.2.1) sha256=d38784f10516b337203125b0a3b8c658ae8f862cbec3ba6a774c679ed57f1c01
  google-protobuf (4.28.3) sha256=c0ed86d6595257123ea9806dceed6ae158b6f8afde550cda2f565c5fa1df29b5
  google-protobuf (4.28.3-aarch64-linux) sha256=7715ac58bad92f3297d02ed302879f03b6994fedcc63d20ec9bfd16b793c95ee
  google-protobuf (4.28.3-arm64-darwin) sha256=cde7fa6b63349c79b1e9d815e6b4e3090bd98b7ac460bb282de3af03c4b9c0d5
  google-protobuf (4.28.3-x86_64-darwin) sha256=f2c3aa765d43bd6aa62f5cb48f7c59e6b49a38dc65332b61625f26f7cb4c37f9
  google-protobuf (4.28.3-x86_64-linux) sha256=2e4a2558b863024b296ac1dbceebb707c95f057a0ae1b5023a16440f209ba05a
  graphiql-rails (1.8.0) sha256=02e2c5098be2c6c29219a0e9b2910a2cd3c494301587a3199a7c4484d8038ed1
  graphql (2.4.3) sha256=c3fad9822feb878c5c00a4a0d8b8d693545ed7d366848e9a369aec8d937fd67c
  graphql-rails_logger (1.2.4) sha256=cc0a348d5a1b7d020cd19225a9811356bb092845ab999bd9dfe813af53451780
  hashdiff (1.1.2) sha256=2c30eeded6ed3dce8401d2b5b99e6963fe5f14ed85e60dd9e33c545a44b71a77
  hashie (5.0.0) sha256=9d6c4e51f2a36d4616cbc8a322d619a162d8f42815a792596039fc95595603da
  htmlbeautifier (1.4.3) sha256=b43d08f7e2aa6ae1b5a6f0607b4ed8954c8d4a8e85fd2336f975dda1e4db385b
  htmlentities (4.3.4) sha256=125a73c6c9f2d1b62100b7c3c401e3624441b663762afa7fe428476435a673da
  http_accept_language (2.1.1) sha256=0043f0d55a148cf45b604dbdd197cb36437133e990016c68c892d49dbea31634
  httplog (1.7.0) sha256=892c959888961cb1e163f03f09e34b912efafa3c018ae262aaabf9585d231625
  i18n (1.14.6) sha256=dc229a74f5d181f09942dd60ab5d6e667f7392c4ee826f35096db36d1fe3614c
  importmap-rails (2.0.3) sha256=c56764941f9b637791fb87123b38f206f27cc55ef03cb19894f1994184e98cc8
  inline_svg (1.10.0) sha256=5b652934236fd9f8adc61f3fd6e208b7ca3282698b19f28659971da84bf9a10f
  io-console (0.7.2) sha256=f0dccff252f877a4f60d04a4dc6b442b185ebffb4b320ab69212a92b48a7a221
  irb (1.14.1) sha256=5975003b58d36efaf492380baa982ceedf5aed36967a4d5b40996bc5c66e80f8
  jbuilder (2.13.0) sha256=7200a38a1c0081aa81b7a9757e7a299db75bc58cf1fd45ca7919a91627d227d6
  jmespath (1.6.2) sha256=238d774a58723d6c090494c8879b5e9918c19485f7e840f2c1c7532cf84ebcb1
  jquery-rails (4.6.0) sha256=3c4e6bf47274340b44d836b8aa1b5472c6d451e2739af5ec094421f39025a7e2
  json (2.8.1) sha256=404e8ca4c2ef6c7a6fa15bb9e2e280f3523334b78a83f22268297fe7939ee22a
  jwt (2.9.3) sha256=55fd07ccdd64c622d36859748f2290fb9c119ce30b482867504e9f12654d6a65
  kaminari (1.2.2) sha256=c4076ff9adccc6109408333f87b5c4abbda5e39dc464bd4c66d06d9f73442a3e
  kaminari-actionview (1.2.2) sha256=1330f6fc8b59a4a4ef6a549ff8a224797289ebf7a3a503e8c1652535287cc909
  kaminari-activerecord (1.2.2) sha256=0dd3a67bab356a356f36b3b7236bcb81cef313095365befe8e98057dd2472430
  kaminari-core (1.2.2) sha256=3bd26fec7370645af40ca73b9426a448d09b8a8ba7afa9ba3c3e0d39cdbb83ff
  kaminari-i18n (0.5.0) sha256=f20efcd31370f07eb423defdb296b8e05e48c8bc897655c636bc1b69b0fbe252
  language_server-protocol (3.17.0.3) sha256=3d5c58c02f44a20d972957a9febe386d7e7468ab3900ce6bd2b563dd910c6b3f
  launchy (3.0.1) sha256=b7fa60bda0197cf57614e271a250a8ca1f6a34ab889a3c73f67ec5d57c8a7f2c
  license_finder (7.2.1) sha256=179ead19b64b170638b72fd16024233813673ac9d20d5ba75ae0b4444887ef14
  lint_roller (1.1.0) sha256=2c0c845b632a7d172cb849cc90c1bce937a28c5c8ccccb50dfd46a485003cc87
  local_time (3.0.2) sha256=cb8abb2d56726ae285d00b0bd7f4c34bafc38c0c1cbc70ddc28f3a5661168d9d
  logger (1.6.1) sha256=3ad9587ed3940bf7897ea64a673971415523f4f7d6b22c5e3af5219705669653
  lograge (0.14.0) sha256=42371a75823775f166f727639f5ddce73dd149452a55fc94b90c303213dc9ae1
  loofah (2.23.1) sha256=d0a07422cb3b69272e124afa914ef6d517e30d5496b7f1c1fc5b95481f13f75e
  lookbook (2.3.4) sha256=16484c9eb514ac0c23c4b59cfd5a52697141d35056e3a9c2a22b314c1b887605
  mail (2.8.1) sha256=ec3b9fadcf2b3755c78785cb17bc9a0ca9ee9857108a64b6f5cfc9c0b5bfc9ad
  marcel (1.0.4) sha256=0d5649feb64b8f19f3d3468b96c680bae9746335d02194270287868a661516a4
  matrix (0.4.2) sha256=71083ccbd67a14a43bfa78d3e4dc0f4b503b9cc18e5b4b1d686dc0f9ef7c4cc0
  meta-tags (2.22.1) sha256=e5ae1febbd320d396c7226d7edb868e5d63466c14b9c8b06622a1a74e6dce354
  method_source (1.1.0) sha256=181301c9c45b731b4769bc81e8860e72f9161ad7d66dd99103c9ab84f560f5c5
  mini_mime (1.1.5) sha256=8681b7e2e4215f2a159f9400b5816d85e9d8c6c6b491e96a12797e798f8bccef
  mini_portile2 (2.8.7) sha256=13eef5ab459bbfd33d61e539564ec25a9c2cf593b0a5ea6d4d7ef8c19b162ee0
  minitest (5.25.1) sha256=3db6795a80634def1cf86fda79d2d83b59b25ce5e186fa675f73c565589d2ad8
  mobility (1.2.9) sha256=e0b88f1e0654e2d02e82d89140ed9d1882f3346bdf2ec1ddd707aef8a442bf4c
  msgpack (1.7.5) sha256=ffb04979f51e6406823c03abe50e1da2c825c55a37dee138518cdd09d9d3aea8
  multi_xml (0.7.1) sha256=4fce100c68af588ff91b8ba90a0bb3f0466f06c909f21a32f4962059140ba61b
  net-http (0.5.0) sha256=ed7f88205afe03bf53142a4b81ded91f2c01522dcf03089cb6ad4acb476ce1da
  net-http-persistent (4.0.4) sha256=b62b7e528f72890f5cd67e7f687eeae55cf9f2cda22fd659494363da2fa7f4b2
  net-imap (0.5.1) sha256=c0ceb85d8459f7081d5ed1ac86159f8e80d25e704eb52dbf0d9f703b7bc838d7
  net-pop (0.1.2) sha256=848b4e982013c15b2f0382792268763b748cce91c9e91e36b0f27ed26420dff3
  net-protocol (0.2.2) sha256=aa73e0cba6a125369de9837b8d8ef82a61849360eba0521900e2c3713aa162a8
  net-scp (4.0.0) sha256=b32ded0d48c88ce70844a063e4e14efb44a95e51a9e0c0bfb0c54b4313b622ea
  net-sftp (4.0.0) sha256=65bb91c859c2f93b09826757af11b69af931a3a9155050f50d1b06d384526364
  net-smtp (0.5.0) sha256=5fc0415e6ea1cc0b3dfea7270438ec22b278ca8d524986a3ae4e5ae8d087b42a
  net-ssh (7.3.0) sha256=172076c4b30ce56fb25a03961b0c4da14e1246426401b0f89cba1a3b54bf3ef0
  nio4r (2.7.4) sha256=d95dee68e0bb251b8ff90ac3423a511e3b784124e5db7ff5f4813a220ae73ca9
  nokogiri (1.16.7) sha256=f819cbfdfb0a7b19c9c52c6f2ca63df0e58a6125f4f139707b586b9511d7fe95
  nokogiri (1.16.7-aarch64-linux) sha256=78778d35f165b59513be31c0fe232c63a82cf97626ffba695b5f822e5da1d74b
  nokogiri (1.16.7-arm64-darwin) sha256=276dcea1b988a5b22b5acc1ba901d24b8e908c40b71dccd5d54a2ae279480dad
  nokogiri (1.16.7-x86_64-darwin) sha256=630732b80fc572690eab50c73a1f18988f3ac401ed0b67ca9956ba2b1e2c3faa
  nokogiri (1.16.7-x86_64-linux) sha256=9e1e428641d5942af877c60b418c71163560e9feb4a5c4015f3230a8b86a40f6
  noticed (2.4.3) sha256=6f38f1d1748dd0440010cccb82367b170be96c7dd6b543ffb4d5532eabd2ea19
  oauth2 (2.0.9) sha256=b21f9defcf52dc1610e0dfab4c868342173dcd707fd15c777d9f4f04e153f7fb
  octokit (9.2.0) sha256=4fa47ff35ce654127edf2c836ab9269bcc8829f5542dc1e86871f697ce7f4316
  omniauth (2.1.2) sha256=def03277298b8f8a5d3ff16cdb2eb5edb9bffed60ee7dda24cc0c89b3ae6a0ce
  omniauth-eve_online-sso (0.7.0) sha256=c4b7ac924234870bddfc05b1d6400107044ec278adab8a043c4a4433ad2afbb6
  omniauth-oauth2 (1.8.0) sha256=b2f8e9559cc7e2d4efba57607691d6d2b634b879fc5b5b6ccfefa3da85089e78
  omniauth-rails_csrf_protection (1.0.2) sha256=1170fd672aff092b9b7ebebc1453559f073ed001e3ce62a1df616e32f8dc5fe0
  optimist (3.2.0) sha256=01c9e4826bbcae048f96ce079eef662564829016b08f1f1bdc024b0fb398771c
  orm_adapter (0.5.0) sha256=aa5d0be5d540cbb46d3a93e88061f4ece6a25f6e97d6a47122beb84fe595e9b9
  ostruct (0.6.1) sha256=09a3fb7ecc1fa4039f25418cc05ae9c82bd520472c5c6a6f515f03e4988cb817
  parallel (1.26.3) sha256=d86babb7a2b814be9f4b81587bf0b6ce2da7d45969fab24d8ae4bf2bb4d4c7ef
  parser (3.3.6.0) sha256=25d4e67cc4f0f7cab9a2ae1f38e2005b6904d2ea13c34734511d0faad038bc3b
  patience_diff (1.2.0) sha256=f492094486af02fff4a80070fa6b4d0ebbcf4d42fb38bba29d095eef43f6822c
  pg (1.5.9) sha256=761efbdf73b66516f0c26fcbe6515dc7500c3f0aa1a1b853feae245433c64fdc
  pg_query (5.1.0) sha256=b7f7f47c864f08ccbed46a8244906fb6ee77ee344fd27250717963928c93145d
  pg_search (2.3.7) sha256=27868941844961e593526b835da20e48995e9b846515e91856084c5bd9ab4f35
  pghero (3.6.1) sha256=e6d4f6ec3979d4828dafcd1eaa4214e70279fe2502b9fe5bd632d8333aa79cd4
  prosopite (1.4.2) sha256=b2e422e2d9dbf3ce20130ded3252fe14adb3833555eacd451f5015d8c9177e79
  pry (0.14.2) sha256=c4fe54efedaca1d351280b45b8849af363184696fcac1c72e0415f9bdac4334d
  pry-rails (0.3.11) sha256=a69e28e24a34d75d1f60bcf241192a54253f8f7ef8a62cba1e75750a9653593d
  psych (5.2.0) sha256=6603fe756bcaf14daa25bc17625f36c90931dcf70452ac1e8da19760dc310573
  public_suffix (6.0.1) sha256=61d44e1cab5cbbbe5b31068481cf16976dd0dc1b6b07bd95617ef8c5e3e00c6f
  puma (6.4.3) sha256=24a4645c006811d83f2480057d1f54a96e7627b6b90e1c99b260b9dc630eb43e
  pundit (2.4.0) sha256=43e6d27a9df082c04f0020999ce4dcf6742ecc5775d102ef2bfe9df041417572
  raabro (1.4.0) sha256=d4fa9ff5172391edb92b242eed8be802d1934b1464061ae5e70d80962c5da882
  racc (1.8.1) sha256=4a7f6929691dbec8b5209a0b373bc2614882b55fc5d2e447a21aaa691303d62f
  rack (3.1.8) sha256=d3fbcbca43dc2b43c9c6d7dfbac01667ae58643c42cea10013d0da970218a1b1
  rack-cors (2.0.2) sha256=415d4e1599891760c5dc9ef0349c7fecdf94f7c6a03e75b2e7c2b54b82adda1b
  rack-protection (4.0.0) sha256=d0db6185caa46a8c0d134c2c6b4803f4f392a67b2984da311409cb505f67bbf6
  rack-session (2.0.0) sha256=db04b2063e180369192a9046b4559af311990af38c6a93d4c600cee4eb6d4e81
  rack-test (2.1.0) sha256=0c61fc61904049d691922ea4bb99e28004ed3f43aa5cfd495024cc345f125dfb
  rack-timeout (0.7.0) sha256=757337e9793cca999bb73a61fe2a7d4280aa9eefbaf787ce3b98d860749c87d9
  rackup (2.2.1) sha256=f737191fd5c5b348b7f0a4412a3b86383f88c43e13b8217b63d4c8d90b9e798d
  rails (7.2.2) sha256=bf9d8847b70d2b84717b7b41d2e266cf268b8bf70ad0683a84cfd1657c1b8dd7
  rails-controller-testing (1.0.5) sha256=741448db59366073e86fc965ba403f881c636b79a2c39a48d0486f2607182e94
  rails-dom-testing (2.2.0) sha256=e515712e48df1f687a1d7c380fd7b07b8558faa26464474da64183a7426fa93b
  rails-html-sanitizer (1.6.0) sha256=86e9f19d2e6748890dcc2633c8945ca45baa08a1df9d8c215ce17b3b0afaa4de
  rails-i18n (7.0.10) sha256=efae16e0ac28c0f42e98555c8db1327d69ab02058c8b535e0933cb106dd931ca
  rails-settings-cached (2.9.5) sha256=7549af5097bba5dd5464721ccbcd9b2a6fdaf98ca580e39a6bbca306de4ee1b3
  railties (7.2.2) sha256=e8fd3dd1f0e1ff7f6f3d8e5305b0a8476a35cd840d7031f467e1a7d08efbf57c
  rainbow (3.1.1) sha256=039491aa3a89f42efa1d6dec2fc4e62ede96eb6acd95e52f1ad581182b79bc6a
  rake (13.2.1) sha256=46cb38dae65d7d74b6020a4ac9d48afed8eb8149c040eccf0523bec91907059d
  rbtree3 (0.7.1) sha256=ab60ead728a5491b70df4f4065e180b18dbab5319f817ce1dbf5dd906f26d8ba
  rdoc (6.7.0) sha256=b17d5f0f57b0853d7b880d4360a32c7caf8dbb81f8503a36426df809e617f379
  redcarpet (3.6.0) sha256=8ad1889c0355ff4c47174af14edd06d62f45a326da1da6e8a121d59bdcd2e9e9
  redis (5.3.0) sha256=6bf810c5ae889187f0c45f77db503310980310afa57cf1640d57f419ccda72b1
  redis-client (0.22.2) sha256=31fee4b7cf04109b227327fabeaaf1fc5b652cf48a186a03bc607e40767bacc0
  regexp_parser (2.9.2) sha256=5a27e767ad634f8a4b544520d5cd28a0db7aa1198a5d7c9d7e11d7b3d9066446
  reline (0.5.11) sha256=868d5f4dbfd9caafa70182f7f6fa258b70baee4e565d7cd9e70b4d5b11a7cb65
  request_store (1.7.0) sha256=e1b75d5346a315f452242a68c937ef8e48b215b9453a77a6c0acdca2934c88cb
  responders (3.1.1) sha256=92f2a87e09028347368639cfb468f5fefa745cb0dc2377ef060db1cdd79a341a
  rexml (3.3.9) sha256=d71875b85299f341edf47d44df0212e7658cbdf35aeb69cefdb63f57af3137c9
  rotp (6.3.0) sha256=75d40087e65ed0d8022c33055a6306c1c400d1c12261932533b5d6cbcd868854
  rouge (3.30.0) sha256=a3d353222aa72e49e2c86726c0bcfd719f82592f57d494474655f48e669eceb6
  rqrcode (2.2.0) sha256=23eea88bb44c7ee6d6cab9354d08c287f7ebcdc6112e1fe7bcc2d010d1ffefc1
  rqrcode_core (1.2.0) sha256=cf4989dc82d24e2877984738c4ee569308625fed2a810960f1b02d68d0308d1a
  rspec-core (3.13.2) sha256=94fbda6e4738e478f1c7532b7cc241272fcdc8b9eac03a97338b1122e4573300
  rspec-expectations (3.13.3) sha256=0e6b5af59b900147698ea0ff80456c4f2e69cac4394fbd392fbd1ca561f66c58
  rspec-its (2.0.0) sha256=a88e8bc38149f2835e93533591ec4f5c829aacbfd41269a2e6f9f5b82f5260df
  rspec-mocks (3.13.2) sha256=2327335def0e1665325a9b617e3af9ae20272741d80ac550336309a7c59abdef
  rspec-rails (7.1.0) sha256=94585b69c4086ca79afae5cc8d2c5e314f6ad32a88c927f9c065b99596e3ee47
  rspec-support (3.13.1) sha256=48877d4f15b772b7538f3693c22225f2eda490ba65a0515c4e7cf6f2f17de70f
  rubocop (1.68.0) sha256=07df508504d81e97174e8d21030f25d52c1be7ee8615939db43f3b377ea6c12b
  rubocop-ast (1.36.1) sha256=15d89a8953178bc32561d481a3620496e70933a228be1e3b6997b01b8d587b79
  rubocop-capybara (2.21.0) sha256=5d264efdd8b6c7081a3d4889decf1451a1cfaaec204d81534e236bc825b280ab
  rubocop-disable_syntax (0.1.1) sha256=fba0b24edbd3de049ccaac8473c18fed308b5bd991e389a3368965f6cb88edbb
  rubocop-factory_bot (2.26.1) sha256=8de13cd4edcee5ca800f255188167ecef8dbfc3d1fae9f15734e9d2e755392aa
  rubocop-graphql (1.5.4) sha256=2d888d40b08577daf1e74ca4623be1e3058c1a93543d5a7220818f561a254192
  rubocop-performance (1.22.1) sha256=9ed9737af1ee90655654b483e0eac4e64702139e85d33335bf744b57a309a679
  rubocop-rails (2.27.0) sha256=c3a6cef509539cdefe5043992ab3530610b1fecc3d67befe3ff0215b96f2f4fe
  rubocop-rspec (3.2.0) sha256=d2c8568c7790ab62dd380c703b3067e78a248fb25d8c7d8d70c268de2eb243de
  rubocop-rspec_rails (2.30.0) sha256=888112e83f9d7ef7ad2397e9d69a0b9614a4bae24f072c399804a180f80c4c46
  ruby-progressbar (1.13.0) sha256=80fc9c47a9b640d6834e0dc7b3c94c9df37f08cb072b7761e4a71e22cff29b33
  ruby_parser (3.21.1) sha256=9d931abe5aec287d65280f811d3cf672564956ef1bd49f528ca48479984d6fec
  rubyzip (2.3.2) sha256=3f57e3935dc2255c414484fbf8d673b4909d8a6a57007ed754dde39342d2373f
  rufus-scheduler (3.9.2) sha256=55fa9e4db0ff69d7f38c804f17baba0c9bce5cba39984ae3c5cf6c039d1323b9
  sass-embedded (1.80.7) sha256=839f46bf23551b8b1015db1ce53aeb37448db0539732a96953bc8413472e2eb8
  sass-embedded (1.80.7-aarch64-linux-gnu) sha256=16482c729e9457d245e7a3f3d03e2341ddafa0b7a26e0c1068aca1651e0db5cb
  sass-embedded (1.80.7-arm64-darwin) sha256=e1e99cc348d99832d7332e3445f93e4a642d17e840ec00e9d3a1b215233594a6
  sass-embedded (1.80.7-x86_64-darwin) sha256=f740f173d0f04827bd8f43319fededcbe5efd21e7e44596af4ce0b2e82abfba1
  sass-embedded (1.80.7-x86_64-linux-gnu) sha256=00cdeeb53a01eea154de3a1547734094b2ae726a1d2c651bd05d2fc005590770
  sassc (2.4.0) sha256=4c60a2b0a3b36685c83b80d5789401c2f678c1652e3288315a1551d811d9f83e
  sassc-rails (2.1.2) sha256=5f4fdf3881fc9bdc8e856ffbd9850d70a2878866feae8114aa45996179952db5
  sawyer (0.9.2) sha256=fa3a72d62a4525517b18857ddb78926aab3424de0129be6772a8e2ba240e7aca
  securerandom (0.3.2) sha256=e8b2ffa651dfbbb26eb4bfb8ddcfff94221a93e3f118f39e0f7f94c14fea9dc0
  selectize-rails (0.12.6) sha256=425b0b48de8ad02992de0190e37f4b12a84f4252af8a41429c847a3cd6b9bfa9
  selenium-webdriver (4.26.0) sha256=bb0426ffe50e5940a6a5ed2978b4dfb1cb29e0e1c4d0a420d6aabf0f6c8e0690
  sexp_processor (4.17.3) sha256=5ef0d952565eeedb416519f678b6b41c6ab6700abba828f46986f2d85d295dae
  shoulda-matchers (6.4.0) sha256=9055bb7f4bb342125fb860809798855c630e05ef5e75837b3168b8e6ee1608b0
  sidekiq (7.3.5) sha256=25d8cd8787361be6e706c24beec3f82fb7c2d2eb90da58ed8052d629e4f7d070
  simplecov (0.22.0) sha256=fe2622c7834ff23b98066bb0a854284b2729a569ac659f82621fc22ef36213a5
  simplecov-cobertura (2.1.0) sha256=2c6532e34df2e38a379d72cef9a05c3b16c64ce90566beebc6887801c4ad3f02
  simplecov-html (0.13.1) sha256=5dab0b7ee612e60e9887ad57693832fdf4695b4c0c859eaea5f95c18791ef10b
  simplecov_json_formatter (0.1.4) sha256=529418fbe8de1713ac2b2d612aa3daa56d316975d307244399fa4838c601b428
  sitemap_generator (6.3.0) sha256=1d803cbf03c44736bea05b9e3363d3523fec4e24f3abedad294d9c57cab994f3
  skylight (6.0.4) sha256=201d9e33da76b95134110785308c141c0d32d591cafd7ad8383f883c3bbdbd0c
  smart_properties (1.17.0) sha256=f9323f8122e932341756ddec8e0ac9ec6e238408a7661508be99439ca6d6384b
  snaky_hash (2.0.1) sha256=1ac87ec157fcfe7a460e821e0cd48ae1e6f5e3e082ab520f03f31a9259dbdc31
  solid_cache (0.6.0) sha256=b2ce77376c89040b27e6c01bedca95da4dc347f62de5787f3668e39e03616a49
  sprockets (4.2.1) sha256=951b13dd2f2fcae840a7184722689a803e0ff9d2702d902bd844b196da773f97
  sprockets-rails (3.5.2) sha256=a9e88e6ce9f8c912d349aa5401509165ec42326baf9e942a85de4b76dbc4119e
  squasher (0.8.0) sha256=075f406a369d7fdcdd277a981bdcefcf4005a83ae89ef2f4aaa21c719f1438c6
  sshkit (1.23.2) sha256=76d7088fddeaf3ac37bad20e7121f7352367cae6bb0cdbc7d7354efc714d213b
  standard (1.42.0) sha256=ed59d1f07d878bb30ae77b68273efdea8067ea5bfb398bd9a83afedfa37a1a88
  standard-custom (1.0.2) sha256=424adc84179a074f1a2a309bb9cf7cd6bfdb2b6541f20c6bf9436c0ba22a652b
  standard-performance (1.5.0) sha256=0a97ecf30af7f1148cb71b668f2fcda6ea5fc0a64f48011ac653d1eceb9faf31
  stimulus-rails (1.3.4) sha256=765676ffa1f33af64ce026d26b48e8ffb2e0b94e0f50e9119e11d6107d67cb06
  stringio (3.1.2) sha256=204f1828f85cdb39d57cac4abc6dc44b04505a223f131587f2e20ae3729ba131
  super_diff (0.13.0) sha256=8529bc933da35caa0453bebcf934f7421b599dca56c01cbfb487f50f810e5694
  thor (1.3.2) sha256=eef0293b9e24158ccad7ab383ae83534b7ad4ed99c09f96f1a6b036550abbeda
  thruster (0.1.9) sha256=8ef3e143012ce2a3b7b6a876cc1878dff8b865f2e95a70561326eca92b0c7f01
  thruster (0.1.9-aarch64-linux) sha256=8e8b53662f1701097b61fa3074ef12ee52da50c9ec68ba337a984a444f9f06eb
  thruster (0.1.9-arm64-darwin) sha256=a5bb7e636df5e1a50ca5bd7e3301f9af5caff00d6b5479379d4ecb79e918bed6
  thruster (0.1.9-x86_64-darwin) sha256=c9f081af2065b04cccba3f55fea8ac8ec79ee9488e08d9139e1bf6b94faa4ae6
  thruster (0.1.9-x86_64-linux) sha256=86175171fff8c984861fb73591c32d294b5aad67e6b95a6575ffa6c2ab0a7f19
  tilt (2.4.0) sha256=df74f29a451daed26591a85e8e0cebb198892cb75b6573394303acda273fba4d
  timeout (0.4.2) sha256=8aca2d5ff98eb2f7a501c03f8c3622065932cc58bc58f725cd50a09e63b4cc19
  tomlrb (2.0.3) sha256=c2736acf24919f793334023a4ff396c0647d93fce702a73c9d348deaa815d4f7
  turbo-rails (2.0.11) sha256=fc47674736372780abd2a4dc0d84bef242f5ca156a457cd7fa6308291e397fcf
  tzinfo (2.0.6) sha256=8daf828cc77bcf7d63b0e3bdb6caa47e2272dcfaf4fbfe46f8c3a9df087a829b
  unicode-display_width (2.6.0) sha256=12279874bba6d5e4d2728cef814b19197dbb10d7a7837a869bab65da943b7f5a
  uri (1.0.2) sha256=b303504ceb7e5905771fa7fa14b649652fa949df18b5880d69cfb12494791e27
  useragent (0.16.10) sha256=1794380d9ea5c087d687bbfe14752f81839293f238c1132ef05c9344f09e65bb
  vcr (6.3.1) sha256=37b56e157e720446a3f4d2d39919cabef8cb7b6c45936acffd2ef8229fec03ed
  version_gem (1.1.4) sha256=c69752c6d6a9446ad21a030661a988ba10ba05c1ad249532332ecc7efa534621
  view_component (3.20.0) sha256=ac3192b80c2936521e5e60e585960942f40f745cf0a78d037bf6d36e703e228b
  warden (1.2.9) sha256=46684f885d35a69dbb883deabf85a222c8e427a957804719e143005df7a1efd0
  webmock (3.24.0) sha256=be01357f6fc773606337ca79f3ba332b7d52cbe5c27587671abc0572dbec7122
  websocket (1.2.11) sha256=b7e7a74e2410b5e85c25858b26b3322f29161e300935f70a0e0d3c35e0462737
  websocket-driver (0.7.6) sha256=f69400be7bc197879726ad8e6f5869a61823147372fd8928836a53c2c741d0db
  websocket-extensions (0.1.5) sha256=1c6ba63092cda343eb53fc657110c71c754c56484aad42578495227d717a8241
  with_env (1.1.0) sha256=50b3e4f0a6cda8f90d8a6bd87a6261f6c381429abafb161c4c69ad4a0cd0b6e4
  xml-simple (1.1.9) sha256=d21131e519c86f1a5bc2b6d2d57d46e6998e47f18ed249b25cad86433dbd695d
  xpath (3.2.0) sha256=6dfda79d91bb3b949b947ecc5919f042ef2f399b904013eb3ef6d20dd3a4082e
  yard (0.9.37) sha256=a6e910399e78e613f80ba9add9ba7c394b1a935f083cccbef82903a3d2a26992
  zeitwerk (2.7.1) sha256=0945986050e4907140895378e74df1fe882a2271ed087cc6c6d6b00d415a2756
  zxcvbn (0.1.13) sha256=68e26d6f1d6f9b9a68edb10fc2717a76528cc537376d7d600e9c9079506d4921

RUBY VERSION
   ruby 3.3.6p108

BUNDLED WITH
   2.5.23
