GIT
  remote: https://github.com/bitzesty/devise_zxcvbn.git
  revision: 63c25fd6576c4009d5e758b91094c10b94829078
  branch: master
  specs:
    devise_zxcvbn (5.1.0)
      devise
      zxcvbn-js (~> 4.4.1)

GIT
  remote: https://github.com/just806me/shoulda-callback-matchers.git
  revision: b3a93d43490cdb3062a437e2edfbd50d25eda79a
  branch: master
  specs:
    shoulda-callback-matchers (1.1.4)
      activesupport (>= 3)

GEM
  remote: https://rubygems.org/
  specs:
    actioncable (6.1.4)
      actionpack (= 6.1.4)
      activesupport (= 6.1.4)
      nio4r (~> 2.0)
      websocket-driver (>= 0.6.1)
    actionmailbox (6.1.4)
      actionpack (= 6.1.4)
      activejob (= 6.1.4)
      activerecord (= 6.1.4)
      activestorage (= 6.1.4)
      activesupport (= 6.1.4)
      mail (>= 2.7.1)
    actionmailer (6.1.4)
      actionpack (= 6.1.4)
      actionview (= 6.1.4)
      activejob (= 6.1.4)
      activesupport (= 6.1.4)
      mail (~> 2.5, >= 2.5.4)
      rails-dom-testing (~> 2.0)
    actionpack (6.1.4)
      actionview (= 6.1.4)
      activesupport (= 6.1.4)
      rack (~> 2.0, >= 2.0.9)
      rack-test (>= 0.6.3)
      rails-dom-testing (~> 2.0)
      rails-html-sanitizer (~> 1.0, >= 1.2.0)
    actiontext (6.1.4)
      actionpack (= 6.1.4)
      activerecord (= 6.1.4)
      activestorage (= 6.1.4)
      activesupport (= 6.1.4)
      nokogiri (>= 1.8.5)
    actionview (6.1.4)
      activesupport (= 6.1.4)
      builder (~> 3.1)
      erubi (~> 1.4)
      rails-dom-testing (~> 2.0)
      rails-html-sanitizer (~> 1.1, >= 1.2.0)
    active_attr (0.15.3)
      actionpack (>= 3.0.2, < 7.0)
      activemodel (>= 3.0.2, < 7.0)
      activesupport (>= 3.0.2, < 7.0)
    active_record_doctor (1.8.0)
      activerecord (>= 4.2.0)
    activejob (6.1.4)
      activesupport (= 6.1.4)
      globalid (>= 0.3.6)
    activemodel (6.1.4)
      activesupport (= 6.1.4)
    activerecord (6.1.4)
      activemodel (= 6.1.4)
      activesupport (= 6.1.4)
    activestorage (6.1.4)
      actionpack (= 6.1.4)
      activejob (= 6.1.4)
      activerecord (= 6.1.4)
      activesupport (= 6.1.4)
      marcel (~> 1.0.0)
      mini_mime (>= 1.1.0)
    activesupport (6.1.4)
      concurrent-ruby (~> 1.0, >= 1.0.2)
      i18n (>= 1.6, < 2)
      minitest (>= 5.1)
      tzinfo (~> 2.0)
      zeitwerk (~> 2.3)
    addressable (2.8.0)
      public_suffix (>= 2.0.2, < 5.0)
    administrate (0.16.0)
      actionpack (>= 5.0)
      actionview (>= 5.0)
      activerecord (>= 5.0)
      datetime_picker_rails (~> 0.0.7)
      jquery-rails (>= 4.0)
      kaminari (>= 1.0)
      momentjs-rails (~> 2.8)
      sassc-rails (~> 2.1)
      selectize-rails (~> 0.6)
    anyway_config (2.1.0)
      ruby-next-core (>= 0.11.0)
    ar_lazy_preload (0.6.2)
      rails (>= 5.0)
    ast (2.4.2)
    attr_extras (6.2.4)
    authy (3.0.0)
      httpclient (>= 2.5.3.3)
    awesome_print (1.9.2)
    bcrypt (3.1.16)
    benchmark-ips (2.9.1)
    better_html (1.0.16)
      actionview (>= 4.0)
      activesupport (>= 4.0)
      ast (~> 2.0)
      erubi (~> 1.4)
      html_tokenizer (~> 0.0.6)
      parser (>= 2.4)
      smart_properties
    bootsnap (1.7.7)
      msgpack (~> 1.0)
    brakeman (5.1.1)
    builder (3.2.4)
    bundler-audit (0.8.0)
      bundler (>= 1.2.0, < 3)
      thor (~> 1.0)
    cacheflow (0.1.1)
      activesupport
    capybara (3.35.3)
      addressable
      mini_mime (>= 0.1.3)
      nokogiri (~> 1.8)
      rack (>= 1.6.0)
      rack-test (>= 0.6.3)
      regexp_parser (>= 1.5, < 3.0)
      xpath (~> 3.2)
    chartkick (4.0.5)
    childprocess (3.0.0)
    codecov (0.5.2)
      simplecov (>= 0.15, < 0.22)
    coderay (1.1.3)
    colorize (0.8.1)
    concurrent-ruby (1.1.9)
    connection_pool (2.2.5)
    consistency_fail (0.3.7)
    countries (4.0.1)
      i18n_data (~> 0.13.0)
      sixarm_ruby_unaccent (~> 1.1)
    crack (0.4.5)
      rexml
    crass (1.0.6)
    dalli (2.7.11)
    database_rewinder (0.9.6)
    datetime_picker_rails (0.0.7)
      momentjs-rails (>= 2.8.1)
    dead_end (1.1.7)
    derailed_benchmarks (2.1.1)
      benchmark-ips (~> 2)
      dead_end
      get_process_mem (~> 0)
      heapy (~> 0)
      memory_profiler (>= 0, < 2)
      mini_histogram (>= 0.3.0)
      rack (>= 1)
      rack-test
      rake (> 10, < 14)
      ruby-statistics (>= 2.1)
      thor (>= 0.19, < 2)
    devise (4.8.0)
      bcrypt (~> 3.0)
      orm_adapter (~> 0.1)
      railties (>= 4.1.0)
      responders
      warden (~> 1.2.3)
    devise-authy (2.3.0)
      authy (~> 3.0)
      devise (>= 4.0.0)
    devise-i18n (1.10.0)
      devise (>= 4.8.0)
    diff-lcs (1.4.4)
    docile (1.4.0)
    domain_name (0.5.20190701)
      unf (>= 0.0.5, < 1.0.0)
    dotenv (2.7.6)
    dotenv-rails (2.7.6)
      dotenv (= 2.7.6)
      railties (>= 3.2)
    dry-initializer (3.0.4)
    easymon (1.4.2)
      redis
    erb_lint (0.1.1)
      activesupport
      better_html (~> 1.0.7)
      html_tokenizer
      parser (>= 2.7.1.4)
      rainbow
      rubocop
      smart_properties
    erubi (1.10.0)
    et-orbi (1.2.4)
      tzinfo
    ethon (0.14.0)
      ffi (>= 1.15.0)
    eve_online (0.40.0)
      activesupport (>= 5.2.0)
      faraday
      faraday_middleware
    execjs (2.8.1)
    factory_bot (6.2.0)
      activesupport (>= 5.0.0)
    factory_bot_rails (6.2.0)
      factory_bot (~> 6.2.0)
      railties (>= 5.0.0)
    faker (2.18.0)
      i18n (>= 1.6, < 2)
    faraday (1.7.0)
      faraday-em_http (~> 1.0)
      faraday-em_synchrony (~> 1.0)
      faraday-excon (~> 1.1)
      faraday-httpclient (~> 1.0.1)
      faraday-net_http (~> 1.0)
      faraday-net_http_persistent (~> 1.1)
      faraday-patron (~> 1.0)
      faraday-rack (~> 1.0)
      multipart-post (>= 1.2, < 3)
      ruby2_keywords (>= 0.0.4)
    faraday-em_http (1.0.0)
    faraday-em_synchrony (1.0.0)
    faraday-excon (1.1.0)
    faraday-httpclient (1.0.1)
    faraday-net_http (1.0.1)
    faraday-net_http_persistent (1.2.0)
    faraday-patron (1.0.0)
    faraday-rack (1.0.0)
    faraday_middleware (1.1.0)
      faraday (~> 1.0)
    fasterer (0.9.0)
      colorize (~> 0.7)
      ruby_parser (>= 3.14.1)
    ffi (1.15.3)
    ffi-compiler (1.0.1)
      ffi (>= 1.0.0)
      rake
    foundation_emails (2.2.1.0)
    fugit (1.5.1)
      et-orbi (~> 1.1, >= 1.1.8)
      raabro (~> 1.4)
    gemdiff (4.0.0)
      launchy (~> 2.4)
      octokit (~> 4.0)
      thor (~> 1.0)
    get_process_mem (0.2.7)
      ffi (~> 1.0)
    globalid (0.5.2)
      activesupport (>= 5.0)
    google-protobuf (3.17.3-universal-darwin)
    google-protobuf (3.17.3-x86_64-linux)
    graphiql-rails (1.7.0)
      railties
      sprockets-rails
    graphql (1.12.14)
    graphql-rails_logger (1.2.3)
      actionpack (> 5.0)
      activesupport (> 5.0)
      railties (> 5.0)
      rouge (~> 3.0)
    groupdate (5.2.2)
      activesupport (>= 5)
    hashdiff (1.0.1)
    hashie (4.1.0)
    heapy (0.2.0)
      thor
    html_tokenizer (0.0.7)
    http (5.0.1)
      addressable (~> 2.3)
      http-cookie (~> 1.0)
      http-form_data (~> 2.2)
      llhttp-ffi (~> 0.3.0)
    http-cookie (1.0.4)
      domain_name (~> 0.5)
    http-form_data (2.3.0)
    http_accept_language (2.1.1)
    httpclient (2.8.3)
    httplog (1.5.0)
      rack (>= 1.0)
      rainbow (>= 2.0.0)
    i18n (1.8.10)
      concurrent-ruby (~> 1.0)
    i18n_data (0.13.0)
    isolator (0.7.0)
      sniffer (>= 0.3.1)
    jbuilder (2.11.2)
      activesupport (>= 5.0.0)
    jquery-rails (4.4.0)
      rails-dom-testing (>= 1, < 3)
      railties (>= 4.2.0)
      thor (>= 0.14, < 2.0)
    json (2.5.1)
    jwt (2.2.3)
    kaminari (1.2.1)
      activesupport (>= 4.1.0)
      kaminari-actionview (= 1.2.1)
      kaminari-activerecord (= 1.2.1)
      kaminari-core (= 1.2.1)
    kaminari-actionview (1.2.1)
      actionview
      kaminari-core (= 1.2.1)
    kaminari-activerecord (1.2.1)
      activerecord
      kaminari-core (= 1.2.1)
    kaminari-core (1.2.1)
    kaminari-i18n (0.5.0)
      kaminari
      rails
    launchy (2.5.0)
      addressable (~> 2.7)
    license_finder (6.14.1)
      bundler
      rubyzip (>= 1, < 3)
      thor (~> 1.0.1)
      tomlrb (>= 1.3, < 2.1)
      with_env (= 1.1.0)
      xml-simple (~> 1.1.5)
    listen (3.6.0)
      rb-fsevent (~> 0.10, >= 0.10.3)
      rb-inotify (~> 0.9, >= 0.9.10)
    llhttp-ffi (0.3.1)
      ffi-compiler (~> 1.0)
      rake (~> 13.0)
    local_time (2.1.0)
    lograge (0.11.2)
      actionpack (>= 4)
      activesupport (>= 4)
      railties (>= 4)
      request_store (~> 1.0)
    loofah (2.12.0)
      crass (~> 1.0.2)
      nokogiri (>= 1.5.9)
    mail (2.7.1)
      mini_mime (>= 0.1.1)
    marcel (1.0.1)
    memory_profiler (1.0.0)
    meta-tags (2.15.0)
      actionpack (>= 3.2.0, < 6.2)
    method_source (1.0.0)
    metricky (0.8.6)
      chartkick (> 3.0)
      groupdate (> 4.0)
      rails (> 5.1)
    mini_histogram (0.3.1)
    mini_mime (1.1.0)
    minitest (5.14.4)
    mobility (1.1.3)
      i18n (>= 0.6.10, < 2)
      request_store (~> 1.0)
    momentjs-rails (2.20.1)
      railties (>= 3.1)
    msgpack (1.4.2)
    multi_json (1.15.0)
    multi_xml (0.6.0)
    multipart-post (2.1.1)
    net-http-persistent (4.0.1)
      connection_pool (~> 2.2)
    newrelic_rpm (7.2.0)
    niceql (0.1.25)
    nio4r (2.5.8)
    nokogiri (1.12.3-x86_64-darwin)
      racc (~> 1.4)
    nokogiri (1.12.3-x86_64-linux)
      racc (~> 1.4)
    noticed (1.4.1)
      http (>= 4.0.0)
      rails (>= 5.2.0)
    oauth2 (1.4.7)
      faraday (>= 0.8, < 2.0)
      jwt (>= 1.0, < 3.0)
      multi_json (~> 1.3)
      multi_xml (~> 0.5)
      rack (>= 1.2, < 3)
    octokit (4.21.0)
      faraday (>= 0.9)
      sawyer (~> 0.8.0, >= 0.5.3)
    oj (3.13.1)
    omniauth (2.0.4)
      hashie (>= 3.4.6)
      rack (>= 1.6.2, < 3)
      rack-protection
    omniauth-eve_online-sso (0.3.0)
      omniauth-oauth2
    omniauth-oauth2 (1.7.1)
      oauth2 (~> 1.4)
      omniauth (>= 1.9, < 3)
    omniauth-rails_csrf_protection (1.0.0)
      actionpack (>= 4.2)
      omniauth (~> 2.0)
    optimist (3.0.1)
    orm_adapter (0.5.0)
    paper_trail (12.0.0)
      activerecord (>= 5.2)
      request_store (~> 1.1)
    parallel (1.20.1)
    parser (3.0.2.0)
      ast (~> 2.4.1)
    patience_diff (1.2.0)
      optimist (~> 3.0)
    pg (1.2.3)
    pg_query (2.1.0)
      google-protobuf (>= 3.17.1)
    pg_search (2.3.5)
      activerecord (>= 5.2)
      activesupport (>= 5.2)
    pghero (2.8.1)
      activerecord (>= 5)
    prometheus-client (2.1.0)
    prosopite (1.0.1)
    pry (0.14.1)
      coderay (~> 1.1)
      method_source (~> 1.0)
    pry-rails (0.3.9)
      pry (>= 0.10.4)
    public_suffix (4.0.6)
    puma (5.4.0)
      nio4r (~> 2.0)
    raabro (1.4.0)
    racc (1.5.2)
    rack (2.2.3)
    rack-cors (1.1.1)
      rack (>= 2.0.0)
    rack-floc-off (0.0.2)
      rack
    rack-health (0.1.2)
      rack (>= 1.2.0)
    rack-protection (2.1.0)
      rack
    rack-proxy (0.7.0)
      rack
    rack-test (1.1.0)
      rack (>= 1.0, < 3)
    rack-timeout (0.6.0)
    rails (6.1.4)
      actioncable (= 6.1.4)
      actionmailbox (= 6.1.4)
      actionmailer (= 6.1.4)
      actionpack (= 6.1.4)
      actiontext (= 6.1.4)
      actionview (= 6.1.4)
      activejob (= 6.1.4)
      activemodel (= 6.1.4)
      activerecord (= 6.1.4)
      activestorage (= 6.1.4)
      activesupport (= 6.1.4)
      bundler (>= 1.15.0)
      railties (= 6.1.4)
      sprockets-rails (>= 2.0.0)
    rails-controller-testing (1.0.5)
      actionpack (>= 5.0.1.rc1)
      actionview (>= 5.0.1.rc1)
      activesupport (>= 5.0.1.rc1)
    rails-dom-testing (2.0.3)
      activesupport (>= 4.2.0)
      nokogiri (>= 1.6)
    rails-html-sanitizer (1.3.0)
      loofah (~> 2.3)
    rails-i18n (6.0.0)
      i18n (>= 0.7, < 2)
      railties (>= 6.0.0, < 7)
    rails-pg-extras (2.0.0)
      activerecord
      ruby-pg-extras (= 2.0.0)
    rails-settings-cached (2.7.1)
      rails (>= 5.0.0)
    railties (6.1.4)
      actionpack (= 6.1.4)
      activesupport (= 6.1.4)
      method_source
      rake (>= 0.13)
      thor (~> 1.0)
    rainbow (3.0.0)
    rake (13.0.6)
    rb-fsevent (0.11.0)
    rb-inotify (0.10.1)
      ffi (~> 1.0)
    redis (4.4.0)
    regexp_parser (2.1.1)
    request_store (1.5.0)
      rack (>= 1.4)
    responders (3.0.1)
      actionpack (>= 5.0)
      railties (>= 5.0)
    rexml (3.2.5)
    rouge (3.26.0)
    rspec-core (3.10.1)
      rspec-support (~> 3.10.0)
    rspec-expectations (3.10.1)
      diff-lcs (>= 1.2.0, < 2.0)
      rspec-support (~> 3.10.0)
    rspec-its (1.3.0)
      rspec-core (>= 3.0.0)
      rspec-expectations (>= 3.0.0)
    rspec-mocks (3.10.2)
      diff-lcs (>= 1.2.0, < 2.0)
      rspec-support (~> 3.10.0)
    rspec-rails (5.0.2)
      actionpack (>= 5.2)
      activesupport (>= 5.2)
      railties (>= 5.2)
      rspec-core (~> 3.10)
      rspec-expectations (~> 3.10)
      rspec-mocks (~> 3.10)
      rspec-support (~> 3.10)
    rspec-support (3.10.2)
    rubocop (1.18.4)
      parallel (~> 1.10)
      parser (>= 3.0.0.0)
      rainbow (>= 2.2.2, < 4.0)
      regexp_parser (>= 1.8, < 3.0)
      rexml
      rubocop-ast (>= 1.8.0, < 2.0)
      ruby-progressbar (~> 1.7)
      unicode-display_width (>= 1.4.0, < 3.0)
    rubocop-ast (1.10.0)
      parser (>= 3.0.1.1)
    rubocop-graphql (0.10.0)
      rubocop (>= 0.87, < 2)
    rubocop-performance (1.11.4)
      rubocop (>= 1.7.0, < 2.0)
      rubocop-ast (>= 0.4.0)
    ruby-next-core (0.12.0)
    ruby-pg-extras (2.0.0)
      pg
      terminal-table
    ruby-progressbar (1.11.0)
    ruby-statistics (2.1.3)
    ruby2_keywords (0.0.5)
    ruby_parser (3.17.0)
      sexp_processor (~> 4.15, >= 4.15.1)
    rubyzip (2.3.2)
    rufus-scheduler (3.8.0)
      fugit (~> 1.1, >= 1.1.6)
    sass-rails (6.0.0)
      sassc-rails (~> 2.1, >= 2.1.1)
    sassc (2.4.0)
      ffi (~> 1.9)
    sassc-rails (2.1.2)
      railties (>= 4.0.0)
      sassc (>= 2.0)
      sprockets (> 3.0)
      sprockets-rails
      tilt
    sawyer (0.8.2)
      addressable (>= 2.3.5)
      faraday (> 0.8, < 2.0)
    scout_apm (4.1.1)
      parser
    selectize-rails (0.12.6)
    selenium-webdriver (3.142.7)
      childprocess (>= 0.5, < 4.0)
      rubyzip (>= 1.2.2)
    semantic_range (3.0.0)
    sentry-rails (4.6.5)
      railties (>= 5.0)
      sentry-ruby-core (~> 4.6.0)
    sentry-ruby (4.6.5)
      concurrent-ruby (~> 1.0, >= 1.0.2)
      faraday (>= 1.0)
      sentry-ruby-core (= 4.6.5)
    sentry-ruby-core (4.6.5)
      concurrent-ruby
      faraday
    sentry-sidekiq (4.6.5)
      sentry-ruby-core (~> 4.6.0)
      sidekiq (>= 3.0)
    server_timing (1.0.2)
      scout_apm
    sexp_processor (4.15.3)
    shoulda-matchers (5.0.0)
      activesupport (>= 5.2.0)
    sidekiq (6.2.1)
      connection_pool (>= 2.2.2)
      rack (~> 2.0)
      redis (>= 4.2.0)
    simplecov (0.21.2)
      docile (~> 1.1)
      simplecov-html (~> 0.11)
      simplecov_json_formatter (~> 0.1)
    simplecov-html (0.12.3)
    simplecov_json_formatter (0.1.3)
    sitemap_generator (6.1.2)
      builder (~> 3.0)
    sixarm_ruby_unaccent (1.2.0)
    smart_properties (1.15.0)
    sniffer (0.4.0)
      active_attr (>= 0.10.2)
      anyway_config (>= 1.0)
    sprockets (4.0.2)
      concurrent-ruby (~> 1.0)
      rack (> 1, < 3)
    sprockets-rails (3.2.2)
      actionpack (>= 4.0)
      activesupport (>= 4.0)
      sprockets (>= 3.0.0)
    sql_tracker (1.3.2)
    squasher (0.6.2)
    standard (1.1.7)
      rubocop (= 1.18.4)
      rubocop-performance (= 1.11.4)
    super_diff (0.8.0)
      attr_extras (>= 6.2.4)
      diff-lcs
      patience_diff
    terminal-table (3.0.1)
      unicode-display_width (>= 1.1.1, < 3)
    thor (1.0.1)
    tilt (2.0.10)
    tomlrb (2.0.1)
    turbo-rails (0.7.3)
      rails (>= 6.0.0)
    typhoeus (1.4.0)
      ethon (>= 0.9.0)
    tzinfo (2.0.4)
      concurrent-ruby (~> 1.0)
    tzinfo-data (1.2021.1)
      tzinfo (>= 1.0.0)
    unf (0.1.4)
      unf_ext
    unf_ext (0.0.7.7)
    unicode-display_width (2.0.0)
    vcr (6.0.0)
    warden (1.2.9)
      rack (>= 2.0.9)
    webdrivers (4.6.0)
      nokogiri (~> 1.6)
      rubyzip (>= 1.3.0)
      selenium-webdriver (>= 3.0, < 4.0)
    webmock (3.14.0)
      addressable (>= 2.8.0)
      crack (>= 0.3.2)
      hashdiff (>= 0.4.0, < 2.0.0)
    webpacker (5.4.0)
      activesupport (>= 5.2)
      rack-proxy (>= 0.6.1)
      railties (>= 5.2)
      semantic_range (>= 2.3.0)
    webrick (1.7.0)
    websocket-driver (0.7.5)
      websocket-extensions (>= 0.1.0)
    websocket-extensions (0.1.5)
    with_env (1.1.0)
    xml-simple (1.1.8)
    xpath (3.2.0)
      nokogiri (~> 1.8)
    yabeda (0.10.0)
      anyway_config (>= 1.3, < 3)
      concurrent-ruby
      dry-initializer
    yabeda-graphql (0.2.1)
      graphql (~> 1.9)
      yabeda (~> 0.2)
    yabeda-prometheus (0.7.0)
      prometheus-client (>= 0.10, < 3.0)
      rack
      yabeda (~> 0.10)
    yabeda-puma-plugin (0.6.0)
      json
      puma
      yabeda (~> 0.5)
    yabeda-rails (0.7.2)
      rails
      yabeda (~> 0.8)
    yabeda-sidekiq (0.8.0)
      anyway_config (>= 1.3, < 3)
      sidekiq
      yabeda (~> 0.6)
    zeitwerk (2.4.2)
    zxcvbn-js (4.4.3)
      execjs

PLATFORMS
  x86_64-darwin-20
  x86_64-linux

DEPENDENCIES
  active_record_doctor
  administrate
  anyway_config
  ar_lazy_preload
  authy
  awesome_print
  bootsnap (>= 1.4.4)
  brakeman
  bundler-audit
  cacheflow
  capybara (>= 3.26)
  codecov
  connection_pool
  consistency_fail
  countries
  dalli
  database_rewinder
  derailed_benchmarks
  devise
  devise-authy
  devise-i18n
  devise_zxcvbn!
  dotenv-rails
  easymon
  erb_lint
  eve_online
  factory_bot_rails
  faker
  fasterer
  foundation_emails
  gemdiff
  graphiql-rails
  graphql
  graphql-rails_logger
  http_accept_language
  httplog
  isolator
  jbuilder (~> 2.11)
  jwt
  kaminari
  kaminari-i18n
  license_finder
  listen (~> 3.6)
  local_time
  lograge
  meta-tags
  metricky
  mobility
  net-http-persistent
  newrelic_rpm
  niceql
  noticed
  oj
  omniauth-eve_online-sso
  omniauth-rails_csrf_protection
  paper_trail
  pg (~> 1.1)
  pg_query
  pg_search
  pghero
  prosopite
  pry-rails
  puma (~> 5.4)
  rack-cors
  rack-floc-off
  rack-health
  rack-timeout
  rails (= 6.1.4)
  rails-controller-testing
  rails-html-sanitizer
  rails-i18n (~> 6.0.0)
  rails-pg-extras
  rails-settings-cached
  responders
  rspec-its
  rspec-rails
  rubocop
  rubocop-graphql
  rufus-scheduler
  sass-rails (>= 6)
  selenium-webdriver
  sentry-rails
  sentry-ruby
  sentry-sidekiq
  server_timing
  shoulda-callback-matchers!
  shoulda-matchers
  sidekiq
  simplecov
  sitemap_generator
  sql_tracker
  squasher
  standard
  super_diff
  turbo-rails
  typhoeus
  tzinfo-data
  vcr
  webdrivers
  webmock
  webpacker (~> 5.4)
  webrick
  yabeda-graphql
  yabeda-prometheus
  yabeda-puma-plugin
  yabeda-rails
  yabeda-sidekiq

RUBY VERSION
   ruby 3.0.2p107

BUNDLED WITH
   2.2.25
