GIT
  remote: https://github.com/evemonk/eve_online.git
  revision: a9fcb05074319c8ae92c841598952c21f75f61ed
  branch: updates
  specs:
    eve_online (0.46.0)
      activesupport (>= 7.2.0)
      faraday (>= 2.3.0)
      faraday-http-cache

GEM
  remote: https://rubygems.org/
  specs:
    actioncable (8.0.1)
      actionpack (= 8.0.1)
      activesupport (= 8.0.1)
      nio4r (~> 2.0)
      websocket-driver (>= 0.6.1)
      zeitwerk (~> 2.6)
    actionmailbox (8.0.1)
      actionpack (= 8.0.1)
      activejob (= 8.0.1)
      activerecord (= 8.0.1)
      activestorage (= 8.0.1)
      activesupport (= 8.0.1)
      mail (>= 2.8.0)
    actionmailer (8.0.1)
      actionpack (= 8.0.1)
      actionview (= 8.0.1)
      activejob (= 8.0.1)
      activesupport (= 8.0.1)
      mail (>= 2.8.0)
      rails-dom-testing (~> 2.2)
    actionpack (8.0.1)
      actionview (= 8.0.1)
      activesupport (= 8.0.1)
      nokogiri (>= 1.8.5)
      rack (>= 2.2.4)
      rack-session (>= 1.0.1)
      rack-test (>= 0.6.3)
      rails-dom-testing (~> 2.2)
      rails-html-sanitizer (~> 1.6)
      useragent (~> 0.16)
    actiontext (8.0.1)
      actionpack (= 8.0.1)
      activerecord (= 8.0.1)
      activestorage (= 8.0.1)
      activesupport (= 8.0.1)
      globalid (>= 0.6.0)
      nokogiri (>= 1.8.5)
    actionview (8.0.1)
      activesupport (= 8.0.1)
      builder (~> 3.1)
      erubi (~> 1.11)
      rails-dom-testing (~> 2.2)
      rails-html-sanitizer (~> 1.6)
    active_record_doctor (1.14.0)
      activerecord (>= 4.2.0)
    activejob (8.0.1)
      activesupport (= 8.0.1)
      globalid (>= 0.3.6)
    activemodel (8.0.1)
      activesupport (= 8.0.1)
    activerecord (8.0.1)
      activemodel (= 8.0.1)
      activesupport (= 8.0.1)
      timeout (>= 0.4.0)
    activestorage (8.0.1)
      actionpack (= 8.0.1)
      activejob (= 8.0.1)
      activerecord (= 8.0.1)
      activesupport (= 8.0.1)
      marcel (~> 1.0)
    activesupport (8.0.1)
      base64
      benchmark (>= 0.3)
      bigdecimal
      concurrent-ruby (~> 1.0, >= 1.3.1)
      connection_pool (>= 2.2.5)
      drb
      i18n (>= 1.6, < 2)
      logger (>= 1.4.2)
      minitest (>= 5.1)
      securerandom (>= 0.3)
      tzinfo (~> 2.0, >= 2.0.5)
      uri (>= 0.13.1)
    addressable (2.8.7)
      public_suffix (>= 2.0.2, < 7.0)
    administrate (1.0.0.beta3)
      actionpack (>= 6.0, < 9.0)
      actionview (>= 6.0, < 9.0)
      activerecord (>= 6.0, < 9.0)
      kaminari (~> 1.2.2)
    airbrake (13.0.5)
      airbrake-ruby (~> 6.0)
    airbrake-ruby (6.2.2)
      rbtree3 (~> 0.6)
    ancestry (4.3.3)
      activerecord (>= 5.2.6)
    ast (2.4.2)
    attr_extras (7.1.0)
    aws-eventstream (1.3.2)
    aws-partitions (1.1064.0)
    aws-sdk-core (3.220.1)
      aws-eventstream (~> 1, >= 1.3.0)
      aws-partitions (~> 1, >= 1.992.0)
      aws-sigv4 (~> 1.9)
      base64
      jmespath (~> 1, >= 1.6.1)
    aws-sdk-kms (1.99.0)
      aws-sdk-core (~> 3, >= 3.216.0)
      aws-sigv4 (~> 1.5)
    aws-sdk-s3 (1.182.0)
      aws-sdk-core (~> 3, >= 3.216.0)
      aws-sdk-kms (~> 1)
      aws-sigv4 (~> 1.5)
    aws-sigv4 (1.11.0)
      aws-eventstream (~> 1, >= 1.0.2)
    base64 (0.2.0)
    bcrypt (3.1.20)
    benchmark (0.4.0)
    better_html (2.1.1)
      actionview (>= 6.0)
      activesupport (>= 6.0)
      ast (~> 2.0)
      erubi (~> 1.4)
      parser (>= 2.4)
      smart_properties
    bigdecimal (3.1.9)
    bootsnap (1.18.4)
      msgpack (~> 1.2)
    brakeman (7.0.0)
      racc
    builder (3.3.0)
    bundler-audit (0.9.2)
      bundler (>= 1.2.0, < 3)
      thor (~> 1.0)
    cacheflow (0.4.0)
      activesupport (>= 7)
    capybara (3.40.0)
      addressable
      matrix
      mini_mime (>= 0.1.3)
      nokogiri (~> 1.11)
      rack (>= 1.6.0)
      rack-test (>= 0.6.3)
      regexp_parser (>= 1.5, < 3.0)
      xpath (~> 3.2)
    childprocess (5.1.0)
      logger (~> 1.5)
    chunky_png (1.4.0)
    coderay (1.1.3)
    concurrent-ruby (1.3.5)
    connection_pool (2.5.0)
    crack (1.0.0)
      bigdecimal
      rexml
    crass (1.0.6)
    css_parser (1.21.1)
      addressable
    csv (3.3.2)
    dartsass-rails (0.5.1)
      railties (>= 6.0.0)
      sass-embedded (~> 1.63)
    database_rewinder (1.1.0)
    date (3.4.1)
    devise (4.9.4)
      bcrypt (~> 3.0)
      orm_adapter (~> 0.1)
      railties (>= 4.1.0)
      responders
      warden (~> 1.2.3)
    devise-i18n (1.13.0)
      devise (>= 4.9.0)
      rails-i18n
    devise-two-factor (6.1.0)
      activesupport (>= 7.0, < 8.1)
      devise (~> 4.0)
      railties (>= 7.0, < 8.1)
      rotp (~> 6.0)
    devise_zxcvbn (6.0.0)
      devise
      zxcvbn (~> 0.1.7)
    diff-lcs (1.6.0)
    docile (1.4.1)
    down (5.4.2)
      addressable (~> 2.8)
    drb (2.2.1)
    erb_lint (0.9.0)
      activesupport
      better_html (>= 2.0.1)
      parser (>= 2.7.1.4)
      rainbow
      rubocop (>= 1)
      smart_properties
    erubi (1.13.1)
    et-orbi (1.2.11)
      tzinfo
    factory_bot (6.5.1)
      activesupport (>= 6.1.0)
    factory_bot_rails (6.4.4)
      factory_bot (~> 6.5)
      railties (>= 5.0.0)
    faker (3.5.1)
      i18n (>= 1.8.11, < 2)
    faraday (2.12.2)
      faraday-net_http (>= 2.0, < 3.5)
      json
      logger
    faraday-http-cache (2.5.1)
      faraday (>= 0.8)
    faraday-net_http (3.4.0)
      net-http (>= 0.5.0)
    faraday-retry (2.2.1)
      faraday (~> 2.0)
    fasterer (0.11.0)
      ruby_parser (>= 3.19.1)
    fiber-storage (1.0.0)
    foreman (0.88.1)
    fugit (1.11.1)
      et-orbi (~> 1, >= 1.2.11)
      raabro (~> 1.4)
    gemdiff (6.0.2)
      faraday-retry (~> 2.2)
      launchy (~> 3.0)
      octokit (~> 9.0)
      thor (~> 1.0)
    globalid (1.2.1)
      activesupport (>= 6.1)
    good_migrations (0.3.0)
      activerecord (>= 3.1)
      railties (>= 3.1)
    google-protobuf (4.30.0)
      bigdecimal
      rake (>= 13)
    google-protobuf (4.30.0-aarch64-linux)
      bigdecimal
      rake (>= 13)
    google-protobuf (4.30.0-arm64-darwin)
      bigdecimal
      rake (>= 13)
    google-protobuf (4.30.0-x86-linux)
      bigdecimal
      rake (>= 13)
    google-protobuf (4.30.0-x86_64-darwin)
      bigdecimal
      rake (>= 13)
    google-protobuf (4.30.0-x86_64-linux)
      bigdecimal
      rake (>= 13)
    graphiql-rails (1.10.4)
      railties
    graphql (2.4.11)
      base64
      fiber-storage
      logger
    graphql-rails_logger (1.2.5)
      actionpack (> 5.0)
      activesupport (> 5.0)
      railties (> 5.0)
      rouge (>= 3.0)
    hashdiff (1.1.2)
    hashie (5.0.0)
    htmlbeautifier (1.4.3)
    htmlentities (4.3.4)
    http_accept_language (2.1.1)
    httplog (1.7.0)
      rack (>= 2.0)
      rainbow (>= 2.0.0)
    i18n (1.14.7)
      concurrent-ruby (~> 1.0)
    importmap-rails (2.1.0)
      actionpack (>= 6.0.0)
      activesupport (>= 6.0.0)
      railties (>= 6.0.0)
    inline_svg (1.10.0)
      activesupport (>= 3.0)
      nokogiri (>= 1.6)
    io-console (0.8.0)
    irb (1.15.1)
      pp (>= 0.6.0)
      rdoc (>= 4.0.0)
      reline (>= 0.4.2)
    jbuilder (2.13.0)
      actionview (>= 5.0.0)
      activesupport (>= 5.0.0)
    jmespath (1.6.2)
    job-iteration (1.9.0)
      activejob (>= 5.2)
    json (2.10.1)
    jwt (2.10.1)
      base64
    kaminari (1.2.2)
      activesupport (>= 4.1.0)
      kaminari-actionview (= 1.2.2)
      kaminari-activerecord (= 1.2.2)
      kaminari-core (= 1.2.2)
    kaminari-actionview (1.2.2)
      actionview
      kaminari-core (= 1.2.2)
    kaminari-activerecord (1.2.2)
      activerecord
      kaminari-core (= 1.2.2)
    kaminari-core (1.2.2)
    kaminari-i18n (0.5.0)
      kaminari
      rails
    language_server-protocol (3.17.0.4)
    launchy (3.1.1)
      addressable (~> 2.8)
      childprocess (~> 5.0)
      logger (~> 1.6)
    license_finder (7.2.1)
      bundler
      csv (~> 3.2)
      rubyzip (>= 1, < 3)
      thor (~> 1.2)
      tomlrb (>= 1.3, < 2.1)
      with_env (= 1.1.0)
      xml-simple (~> 1.1.9)
    lint_roller (1.1.0)
    local_time (3.0.2)
    logger (1.6.6)
    lograge (0.14.0)
      actionpack (>= 4)
      activesupport (>= 4)
      railties (>= 4)
      request_store (~> 1.0)
    loofah (2.24.0)
      crass (~> 1.0.2)
      nokogiri (>= 1.12.0)
    lookbook (2.3.7)
      activemodel
      css_parser
      htmlbeautifier (~> 1.3)
      htmlentities (~> 4.3.4)
      marcel (~> 1.0)
      railties (>= 5.0)
      redcarpet (~> 3.5)
      rouge (>= 3.26, < 5.0)
      view_component (>= 2.0)
      yard (~> 0.9)
      zeitwerk (~> 2.5)
    mail (2.8.1)
      mini_mime (>= 0.1.1)
      net-imap
      net-pop
      net-smtp
    maintenance_tasks (2.11.0)
      actionpack (>= 7.0)
      activejob (>= 7.0)
      activerecord (>= 7.0)
      csv
      job-iteration (>= 1.3.6)
      railties (>= 7.0)
      zeitwerk (>= 2.6.2)
    marcel (1.0.4)
    matrix (0.4.2)
    meta-tags (2.22.1)
      actionpack (>= 6.0.0, < 8.1)
    method_source (1.1.0)
    mini_mime (1.1.5)
    mini_portile2 (2.8.8)
    minitest (5.25.4)
    mission_control-jobs (1.0.2)
      actioncable (>= 7.1)
      actionpack (>= 7.1)
      activejob (>= 7.1)
      activerecord (>= 7.1)
      importmap-rails (>= 1.2.1)
      irb (~> 1.13)
      railties (>= 7.1)
      stimulus-rails
      turbo-rails
    mobility (1.3.2)
      i18n (>= 0.6.10, < 2)
      request_store (~> 1.0)
    msgpack (1.8.0)
    multi_xml (0.7.1)
      bigdecimal (~> 3.1)
    net-http (0.6.0)
      uri
    net-http-persistent (4.0.5)
      connection_pool (~> 2.2)
    net-imap (0.5.6)
      date
      net-protocol
    net-pop (0.1.2)
      net-protocol
    net-protocol (0.2.2)
      timeout
    net-scp (4.1.0)
      net-ssh (>= 2.6.5, < 8.0.0)
    net-sftp (4.0.0)
      net-ssh (>= 5.0.0, < 8.0.0)
    net-smtp (0.5.1)
      net-protocol
    net-ssh (7.3.0)
    nio4r (2.7.4)
    nokogiri (1.18.3)
      mini_portile2 (~> 2.8.2)
      racc (~> 1.4)
    nokogiri (1.18.3-aarch64-linux-gnu)
      racc (~> 1.4)
    nokogiri (1.18.3-aarch64-linux-musl)
      racc (~> 1.4)
    nokogiri (1.18.3-arm-linux-gnu)
      racc (~> 1.4)
    nokogiri (1.18.3-arm-linux-musl)
      racc (~> 1.4)
    nokogiri (1.18.3-arm64-darwin)
      racc (~> 1.4)
    nokogiri (1.18.3-x86_64-darwin)
      racc (~> 1.4)
    nokogiri (1.18.3-x86_64-linux-gnu)
      racc (~> 1.4)
    nokogiri (1.18.3-x86_64-linux-musl)
      racc (~> 1.4)
    noticed (2.6.0)
      rails (>= 6.1.0)
    oauth2 (2.0.9)
      faraday (>= 0.17.3, < 3.0)
      jwt (>= 1.0, < 3.0)
      multi_xml (~> 0.5)
      rack (>= 1.2, < 4)
      snaky_hash (~> 2.0)
      version_gem (~> 1.1)
    octokit (9.2.0)
      faraday (>= 1, < 3)
      sawyer (~> 0.9)
    omniauth (2.1.3)
      hashie (>= 3.4.6)
      rack (>= 2.2.3)
      rack-protection
    omniauth-eve_online-sso (0.7.0)
      jwt
      omniauth-oauth2
    omniauth-oauth2 (1.8.0)
      oauth2 (>= 1.4, < 3)
      omniauth (~> 2.0)
    omniauth-rails_csrf_protection (1.0.2)
      actionpack (>= 4.2)
      omniauth (~> 2.0)
    optimist (3.2.0)
    orm_adapter (0.5.0)
    ostruct (0.6.1)
    parallel (1.26.3)
    parser (3.3.7.1)
      ast (~> 2.4.1)
      racc
    patience_diff (1.2.0)
      optimist (~> 3.0)
    pg (1.5.9)
    pg_query (6.0.0)
      google-protobuf (>= 3.25.3)
    pg_search (2.3.7)
      activerecord (>= 6.1)
      activesupport (>= 6.1)
    pghero (3.6.1)
      activerecord (>= 6.1)
    pp (0.6.2)
      prettyprint
    prettyprint (0.2.0)
    propshaft (1.1.0)
      actionpack (>= 7.0.0)
      activesupport (>= 7.0.0)
      rack
      railties (>= 7.0.0)
    prosopite (2.1.0)
    pry (0.15.2)
      coderay (~> 1.1)
      method_source (~> 1.0)
    pry-rails (0.3.11)
      pry (>= 0.13.0)
    psych (5.2.3)
      date
      stringio
    public_suffix (6.0.1)
    puma (6.6.0)
      nio4r (~> 2.0)
    pundit (2.5.0)
      activesupport (>= 3.0.0)
    pundit-matchers (4.0.0)
      rspec-core (~> 3.12)
      rspec-expectations (~> 3.12)
      rspec-mocks (~> 3.12)
      rspec-support (~> 3.12)
    raabro (1.4.0)
    racc (1.8.1)
    rack (3.1.12)
    rack-cors (2.0.2)
      rack (>= 2.0.0)
    rack-protection (4.1.1)
      base64 (>= 0.1.0)
      logger (>= 1.6.0)
      rack (>= 3.0.0, < 4)
    rack-session (2.1.0)
      base64 (>= 0.1.0)
      rack (>= 3.0.0)
    rack-test (2.2.0)
      rack (>= 1.3)
    rack-timeout (0.7.0)
    rackup (2.2.1)
      rack (>= 3)
    rails (8.0.1)
      actioncable (= 8.0.1)
      actionmailbox (= 8.0.1)
      actionmailer (= 8.0.1)
      actionpack (= 8.0.1)
      actiontext (= 8.0.1)
      actionview (= 8.0.1)
      activejob (= 8.0.1)
      activemodel (= 8.0.1)
      activerecord (= 8.0.1)
      activestorage (= 8.0.1)
      activesupport (= 8.0.1)
      bundler (>= 1.15.0)
      railties (= 8.0.1)
    rails-controller-testing (1.0.5)
      actionpack (>= 5.0.1.rc1)
      actionview (>= 5.0.1.rc1)
      activesupport (>= 5.0.1.rc1)
    rails-dom-testing (2.2.0)
      activesupport (>= 5.0.0)
      minitest
      nokogiri (>= 1.6)
    rails-html-sanitizer (1.6.2)
      loofah (~> 2.21)
      nokogiri (>= 1.15.7, != 1.16.7, != 1.16.6, != 1.16.5, != 1.16.4, != 1.16.3, != 1.16.2, != 1.16.1, != 1.16.0.rc1, != 1.16.0)
    rails-i18n (8.0.1)
      i18n (>= 0.7, < 2)
      railties (>= 8.0.0, < 9)
    rails-settings-cached (2.9.6)
      activerecord (>= 5.0.0)
      railties (>= 5.0.0)
    railties (8.0.1)
      actionpack (= 8.0.1)
      activesupport (= 8.0.1)
      irb (~> 1.13)
      rackup (>= 1.0.0)
      rake (>= 12.2)
      thor (~> 1.0, >= 1.2.2)
      zeitwerk (~> 2.6)
    rainbow (3.1.1)
    rake (13.2.1)
    rbtree3 (0.7.1)
    rdoc (6.12.0)
      psych (>= 4.0.0)
    redcarpet (3.6.1)
    redis (5.4.0)
      redis-client (>= 0.22.0)
    redis-client (0.24.0)
      connection_pool
    regexp_parser (2.10.0)
    reline (0.6.0)
      io-console (~> 0.5)
    request_store (1.7.0)
      rack (>= 1.4)
    responders (3.1.1)
      actionpack (>= 5.2)
      railties (>= 5.2)
    rexml (3.4.1)
    rotp (6.3.0)
    rouge (4.5.1)
    rqrcode (2.2.0)
      chunky_png (~> 1.0)
      rqrcode_core (~> 1.0)
    rqrcode_core (1.2.0)
    rspec-core (3.13.3)
      rspec-support (~> 3.13.0)
    rspec-expectations (3.13.3)
      diff-lcs (>= 1.2.0, < 2.0)
      rspec-support (~> 3.13.0)
    rspec-its (2.0.0)
      rspec-core (>= 3.13.0)
      rspec-expectations (>= 3.13.0)
    rspec-mocks (3.13.2)
      diff-lcs (>= 1.2.0, < 2.0)
      rspec-support (~> 3.13.0)
    rspec-rails (7.1.1)
      actionpack (>= 7.0)
      activesupport (>= 7.0)
      railties (>= 7.0)
      rspec-core (~> 3.13)
      rspec-expectations (~> 3.13)
      rspec-mocks (~> 3.13)
      rspec-support (~> 3.13)
    rspec-support (3.13.2)
    rubocop (1.73.2)
      json (~> 2.3)
      language_server-protocol (~> 3.17.0.2)
      lint_roller (~> 1.1.0)
      parallel (~> 1.10)
      parser (>= 3.3.0.2)
      rainbow (>= 2.2.2, < 4.0)
      regexp_parser (>= 2.9.3, < 3.0)
      rubocop-ast (>= 1.38.0, < 2.0)
      ruby-progressbar (~> 1.7)
      unicode-display_width (>= 2.4.0, < 4.0)
    rubocop-ast (1.38.1)
      parser (>= 3.3.1.0)
    rubocop-capybara (2.21.0)
      rubocop (~> 1.41)
    rubocop-disable_syntax (0.1.1)
      rubocop (>= 1.50)
    rubocop-factory_bot (2.26.1)
      rubocop (~> 1.61)
    rubocop-graphql (1.5.4)
      rubocop (>= 1.50, < 2)
    rubocop-performance (1.24.0)
      lint_roller (~> 1.1)
      rubocop (>= 1.72.1, < 2.0)
      rubocop-ast (>= 1.38.0, < 2.0)
    rubocop-rails (2.29.1)
      activesupport (>= 4.2.0)
      rack (>= 1.1)
      rubocop (>= 1.52.0, < 2.0)
      rubocop-ast (>= 1.31.1, < 2.0)
    rubocop-rspec (3.4.0)
      rubocop (~> 1.61)
    rubocop-rspec_rails (2.30.0)
      rubocop (~> 1.61)
      rubocop-rspec (~> 3, >= 3.0.1)
    ruby-progressbar (1.13.0)
    ruby_parser (3.21.1)
      racc (~> 1.5)
      sexp_processor (~> 4.16)
    rubyzip (2.4.1)
    rufus-scheduler (3.9.2)
      fugit (~> 1.1, >= 1.11.1)
    sass-embedded (1.85.1)
      google-protobuf (~> 4.29)
      rake (>= 13)
    sass-embedded (1.85.1-aarch64-linux-android)
      google-protobuf (~> 4.29)
    sass-embedded (1.85.1-aarch64-linux-gnu)
      google-protobuf (~> 4.29)
    sass-embedded (1.85.1-aarch64-linux-musl)
      google-protobuf (~> 4.29)
    sass-embedded (1.85.1-aarch64-mingw-ucrt)
      google-protobuf (~> 4.29)
    sass-embedded (1.85.1-arm-linux-androideabi)
      google-protobuf (~> 4.29)
    sass-embedded (1.85.1-arm-linux-gnueabihf)
      google-protobuf (~> 4.29)
    sass-embedded (1.85.1-arm-linux-musleabihf)
      google-protobuf (~> 4.29)
    sass-embedded (1.85.1-arm64-darwin)
      google-protobuf (~> 4.29)
    sass-embedded (1.85.1-riscv64-linux-android)
      google-protobuf (~> 4.29)
    sass-embedded (1.85.1-riscv64-linux-gnu)
      google-protobuf (~> 4.29)
    sass-embedded (1.85.1-riscv64-linux-musl)
      google-protobuf (~> 4.29)
    sass-embedded (1.85.1-x86_64-darwin)
      google-protobuf (~> 4.29)
    sass-embedded (1.85.1-x86_64-linux-android)
      google-protobuf (~> 4.29)
    sass-embedded (1.85.1-x86_64-linux-gnu)
      google-protobuf (~> 4.29)
    sass-embedded (1.85.1-x86_64-linux-musl)
      google-protobuf (~> 4.29)
    sawyer (0.9.2)
      addressable (>= 2.3.5)
      faraday (>= 0.17.3, < 3)
    securerandom (0.4.1)
    selenium-webdriver (4.29.1)
      base64 (~> 0.2)
      logger (~> 1.4)
      rexml (~> 3.2, >= 3.2.5)
      rubyzip (>= 1.2.2, < 3.0)
      websocket (~> 1.0)
    sexp_processor (4.17.3)
    shoulda-matchers (6.4.0)
      activesupport (>= 5.2.0)
    simplecov (0.22.0)
      docile (~> 1.1)
      simplecov-html (~> 0.11)
      simplecov_json_formatter (~> 0.1)
    simplecov-cobertura (2.1.0)
      rexml
      simplecov (~> 0.19)
    simplecov-html (0.13.1)
    simplecov_json_formatter (0.1.4)
    sitemap_generator (6.3.0)
      builder (~> 3.0)
    skylight (6.0.4)
      activesupport (>= 5.2.0)
    smart_properties (1.17.0)
    snaky_hash (2.0.1)
      hashie
      version_gem (~> 1.1, >= 1.1.1)
    solid_cable (3.0.7)
      actioncable (>= 7.2)
      activejob (>= 7.2)
      activerecord (>= 7.2)
      railties (>= 7.2)
    solid_cache (1.0.7)
      activejob (>= 7.2)
      activerecord (>= 7.2)
      railties (>= 7.2)
    solid_queue (1.1.3)
      activejob (>= 7.1)
      activerecord (>= 7.1)
      concurrent-ruby (>= 1.3.1)
      fugit (~> 1.11.0)
      railties (>= 7.1)
      thor (~> 1.3.1)
    squasher (0.8.0)
    sshkit (1.24.0)
      base64
      logger
      net-scp (>= 1.1.2)
      net-sftp (>= 2.1.2)
      net-ssh (>= 2.8.0)
      ostruct
    standard (1.47.0)
      language_server-protocol (~> 3.17.0.2)
      lint_roller (~> 1.0)
      rubocop (~> 1.73.0)
      standard-custom (~> 1.0.0)
      standard-performance (~> 1.7)
    standard-custom (1.0.2)
      lint_roller (~> 1.0)
      rubocop (~> 1.50)
    standard-performance (1.7.0)
      lint_roller (~> 1.1)
      rubocop-performance (~> 1.24.0)
    stimulus-rails (1.3.4)
      railties (>= 6.0.0)
    stringio (3.1.5)
    super_diff (0.15.0)
      attr_extras (>= 6.2.4)
      diff-lcs
      patience_diff
    thor (1.3.2)
    thruster (0.1.12)
    thruster (0.1.12-aarch64-linux)
    thruster (0.1.12-arm64-darwin)
    thruster (0.1.12-x86_64-darwin)
    thruster (0.1.12-x86_64-linux)
    timeout (0.4.3)
    tomlrb (2.0.3)
    turbo-rails (2.0.13)
      actionpack (>= 7.1.0)
      railties (>= 7.1.0)
    tzinfo (2.0.6)
      concurrent-ruby (~> 1.0)
    unicode-display_width (3.1.4)
      unicode-emoji (~> 4.0, >= 4.0.4)
    unicode-emoji (4.0.4)
    uri (1.0.3)
    useragent (0.16.11)
    vcr (6.3.1)
      base64
    version_gem (1.1.6)
    view_component (3.21.0)
      activesupport (>= 5.2.0, < 8.1)
      concurrent-ruby (~> 1.0)
      method_source (~> 1.0)
    warden (1.2.9)
      rack (>= 2.0.9)
    webmock (3.25.1)
      addressable (>= 2.8.0)
      crack (>= 0.3.2)
      hashdiff (>= 0.4.0, < 2.0.0)
    websocket (1.2.11)
    websocket-driver (0.7.7)
      base64
      websocket-extensions (>= 0.1.0)
    websocket-extensions (0.1.5)
    with_env (1.1.0)
    xml-simple (1.1.9)
      rexml
    xpath (3.2.0)
      nokogiri (~> 1.8)
    yard (0.9.37)
    zeitwerk (2.7.2)
    zxcvbn (0.1.13)

PLATFORMS
  aarch64-linux
  aarch64-linux-android
  aarch64-linux-gnu
  aarch64-linux-musl
  aarch64-mingw-ucrt
  arm-linux
  arm-linux-androideabi
  arm-linux-gnu
  arm-linux-gnueabihf
  arm-linux-musl
  arm-linux-musleabihf
  arm64-darwin
  riscv64-linux-android
  riscv64-linux-gnu
  riscv64-linux-musl
  ruby
  x86-cygwin
  x86-linux
  x86-linux-android
  x86-linux-gnu
  x86-linux-musl
  x86-mingw-ucrt
  x86_64-cygwin
  x86_64-darwin
  x86_64-linux
  x86_64-linux-android
  x86_64-linux-gnu
  x86_64-linux-musl

DEPENDENCIES
  active_record_doctor
  administrate (= 1.0.0.beta3)
  airbrake (~> 13.0)
  ancestry
  aws-sdk-s3
  better_html
  bootsnap
  brakeman
  bundler-audit
  cacheflow
  capybara (>= 3.26)
  connection_pool
  dartsass-rails
  database_rewinder
  devise
  devise-i18n
  devise-two-factor (>= 5.0.0)
  devise_zxcvbn
  down
  erb_lint
  eve_online!
  factory_bot_rails
  faker
  fasterer
  foreman
  gemdiff
  good_migrations
  graphiql-rails
  graphql
  graphql-rails_logger
  http_accept_language
  httplog
  importmap-rails
  inline_svg
  jbuilder
  jwt
  kaminari
  kaminari-i18n
  license_finder
  local_time
  lograge
  lookbook
  maintenance_tasks
  meta-tags
  mission_control-jobs
  mobility
  net-http-persistent
  noticed
  omniauth-eve_online-sso
  omniauth-rails_csrf_protection
  pg
  pg_query
  pg_search
  pghero
  propshaft
  prosopite
  pry-rails
  puma
  pundit
  pundit-matchers
  rack-cors
  rack-timeout
  rails (= 8.0.1)
  rails-controller-testing
  rails-html-sanitizer
  rails-i18n
  rails-settings-cached
  redis
  responders
  rqrcode
  rspec-its
  rspec-rails (>= 6.0.1)
  rubocop
  rubocop-capybara
  rubocop-disable_syntax
  rubocop-factory_bot
  rubocop-graphql
  rubocop-performance
  rubocop-rails
  rubocop-rspec
  rubocop-rspec_rails
  rufus-scheduler
  selenium-webdriver
  shoulda-matchers
  simplecov
  simplecov-cobertura
  sitemap_generator
  skylight
  solid_cable
  solid_cache
  solid_queue
  squasher
  sshkit
  standard (= 1.47.0)
  stimulus-rails
  super_diff
  thruster
  turbo-rails
  tzinfo-data
  vcr
  view_component
  webmock

CHECKSUMS
  actioncable (8.0.1) sha256=808bff2a4e3aba36f66f0cd65d7a1579ad52fb65e99304442c46051a79689d9b
  actionmailbox (8.0.1) sha256=bbc7db779be857fb6eb5b53f313d3881cd8cda38a150c3aa25f89f2f9977b08c
  actionmailer (8.0.1) sha256=7b074e9590e4ec5cebd2fc91d1f9ba4c61bbd4bbd4376f731527da187cd39952
  actionpack (8.0.1) sha256=c764e4bfc0ad9d3505c09ef9b6fbf9eca4292793550c6b7e2ea93167181bfcba
  actiontext (8.0.1) sha256=f232d303e854db2098f34d7331fe493a72dc2e53dfce80fbd517c7b93d4b05b2
  actionview (8.0.1) sha256=3005e3de5ca49ea789bf1ad46002d63fe5aa543c61c341239d3c533757e64f8a
  active_record_doctor (1.14.0) sha256=ca552a720d0f572db60bf7101f1fe12008719f6a64b1d8c00f79196a09b91ed5
  activejob (8.0.1) sha256=95acd9a32d498d3a458efbb317f6191fb678758cde0ebb6c68f0b25e0fe3477f
  activemodel (8.0.1) sha256=f46292fd6dcc128e18d588854298a933fd9eb22544c412b414ec02821062dc78
  activerecord (8.0.1) sha256=34a7f0610660bb704f0363025d4b8d35ffe8ddc8f5b8147e0809171f724b5306
  activestorage (8.0.1) sha256=91a8f156638568fac971ff25962a617d9c58fdc0e44eb6bd0edff36aff7df205
  activesupport (8.0.1) sha256=fd5bc74641c24ac3541055c2879789198ff42adee3e39c2933289ba008912e37
  addressable (2.8.7) sha256=462986537cf3735ab5f3c0f557f14155d778f4b43ea4f485a9deb9c8f7c58232
  administrate (1.0.0.beta3) sha256=4c77257136814ea138babc374c98258fd88862a20bb866d0a6b8f68d52ff8b53
  airbrake (13.0.5) sha256=901f5074c25d5ef77ed87f5bde7a28400a7324f5d7013a8a12d07e0099cc31b6
  airbrake-ruby (6.2.2) sha256=293e34fb36e763e1b6d67ab584cce7c5b6fe9eea1a70c26d8c13c0f5d7de2fbc
  ancestry (4.3.3) sha256=af3f6bcf405c219af02eec5b9c8206e68cba8d7976fe5269559ef0986f5e7ca0
  ast (2.4.2) sha256=1e280232e6a33754cde542bc5ef85520b74db2aac73ec14acef453784447cc12
  attr_extras (7.1.0) sha256=d96fc9a9dd5d85ba2d37762440a816f840093959ae26bb90da994c2d9f1fc827
  aws-eventstream (1.3.2) sha256=7e2c3a55ca70d7861d5d3c98e47daa463ed539c349caba22b48305b8919572d7
  aws-partitions (1.1064.0) sha256=c2d97a425d90047accf001e72786f5f1269ac4d6e9e28ecc8e16b0a6ed97aa49
  aws-sdk-core (3.220.1) sha256=9e10ccfd63c8061fb70a0f1e26cf7dd81cb5070931301501fb6f49587cc54d32
  aws-sdk-kms (1.99.0) sha256=ba292fc3ffd672532aae2601fe55ff424eee78da8e23c23ba6ce4037138275a8
  aws-sdk-s3 (1.182.0) sha256=d0fc3579395cb6cb69bf6e975240ce031fc673190e74c8dddbdd6c18572b450d
  aws-sigv4 (1.11.0) sha256=50a8796991a862324442036ad7a395920572b84bb6cd29b945e5e1800e8da1db
  base64 (0.2.0) sha256=0f25e9b21a02a0cc0cea8ef92b2041035d39350946e8789c562b2d1a3da01507
  bcrypt (3.1.20) sha256=8410f8c7b3ed54a3c00cd2456bf13917d695117f033218e2483b2e40b0784099
  benchmark (0.4.0) sha256=0f12f8c495545e3710c3e4f0480f63f06b4c842cc94cec7f33a956f5180e874a
  better_html (2.1.1) sha256=046c3551d1488a3f2939a7cac6fabf2bde08c32e135c91fcd683380118e5af55
  bigdecimal (3.1.9) sha256=2ffc742031521ad69c2dfc815a98e426a230a3d22aeac1995826a75dabfad8cc
  bootsnap (1.18.4) sha256=ac4c42af397f7ee15521820198daeff545e4c360d2772c601fbdc2c07d92af55
  brakeman (7.0.0) sha256=1a0122b0c70f17519a61548a53a332c0acc19e3aa10b445e15e025a4b13b8577
  builder (3.3.0) sha256=497918d2f9dca528fdca4b88d84e4ef4387256d984b8154e9d5d3fe5a9c8835f
  bundler-audit (0.9.2) sha256=73051daa09865c436450a35c4d87ceef15f3f9777f4aad4fd015cc6f1f2b1048
  cacheflow (0.4.0) sha256=767033fa2296c4edfb34d6bb225959bc0b3c1c3b3c2d1a9f8e8e5739083af0e0
  capybara (3.40.0) sha256=42dba720578ea1ca65fd7a41d163dd368502c191804558f6e0f71b391054aeef
  childprocess (5.1.0) sha256=9a8d484be2fd4096a0e90a0cd3e449a05bc3aa33f8ac9e4d6dcef6ac1455b6ec
  chunky_png (1.4.0) sha256=89d5b31b55c0cf4da3cf89a2b4ebc3178d8abe8cbaf116a1dba95668502fdcfe
  coderay (1.1.3) sha256=dc530018a4684512f8f38143cd2a096c9f02a1fc2459edcfe534787a7fc77d4b
  concurrent-ruby (1.3.5) sha256=813b3e37aca6df2a21a3b9f1d497f8cbab24a2b94cab325bffe65ee0f6cbebc6
  connection_pool (2.5.0) sha256=233b92f8d38e038c1349ccea65dd3772727d669d6d2e71f9897c8bf5cd53ebfc
  crack (1.0.0) sha256=c83aefdb428cdc7b66c7f287e488c796f055c0839e6e545fec2c7047743c4a49
  crass (1.0.6) sha256=dc516022a56e7b3b156099abc81b6d2b08ea1ed12676ac7a5657617f012bd45d
  css_parser (1.21.1) sha256=6cfd3ffc0a97333b39d2b1b49c95397b05e0e3b684d68f77ec471ba4ec2ef7c7
  csv (3.3.2) sha256=6ff0c135e65e485d1864dde6c1703b60d34cc9e19bed8452834a0b28a519bd4e
  dartsass-rails (0.5.1) sha256=f19510fb1b29c76c1739a06954d615f1d20ad653b6fc668dd7c68542bb303a1a
  database_rewinder (1.1.0) sha256=950398ba97bb20fb4653b6ee502a7d6658a6333a61d88ba756217f32bfa04510
  date (3.4.1) sha256=bf268e14ef7158009bfeaec40b5fa3c7271906e88b196d958a89d4b408abe64f
  devise (4.9.4) sha256=920042fe5e704c548aa4eb65ebdd65980b83ffae67feb32c697206bfd975a7f8
  devise-i18n (1.13.0) sha256=306753c8ba4c687bdab82bc71daeab566b2286fb3f52311b88e54556f45f2f2e
  devise-two-factor (6.1.0) sha256=90389ea00e6eab999f1868311972b6f4c84e6d7d6d1e90990eea8fcaf3372c10
  devise_zxcvbn (6.0.0) sha256=92b45f0b50657f17d9472dfb72b4414482f59942a0cbdd8c4346e054d77ee3ee
  diff-lcs (1.6.0) sha256=a1e7f7b272962f8fc769358ad00001b87cdcf32ba349d6c70c6b544613d2da2e
  docile (1.4.1) sha256=96159be799bfa73cdb721b840e9802126e4e03dfc26863db73647204c727f21e
  down (5.4.2) sha256=516e5e01e7a96214a7e2cd155aac6f700593038ae6c857c0f4a05413b1c58acf
  drb (2.2.1) sha256=e9d472bf785f558b96b25358bae115646da0dbfd45107ad858b0bc0d935cb340
  erb_lint (0.9.0) sha256=dfb5e40ad839e8d1f0d56ca85ec9a7ac4c9cd966ec281138282f35b323ca7c31
  erubi (1.13.1) sha256=a082103b0885dbc5ecf1172fede897f9ebdb745a4b97a5e8dc63953db1ee4ad9
  et-orbi (1.2.11) sha256=d26e868cc21db88280a9ec1a50aa3da5d267eb9b2037ba7b831d6c2731f5df64
  eve_online (0.46.0)
  factory_bot (6.5.1) sha256=40581ea7bec0aee05514b8f4f99ed477274bdf1884c1372de5209e60322d6ca9
  factory_bot_rails (6.4.4) sha256=139e17caa2c50f098fddf5e5e1f29e8067352024e91ca1186d018b36589e5c88
  faker (3.5.1) sha256=1ad1fbea279d882f486059c23fe3ddb816ccd1d7052c05a45014b4450d859bfc
  faraday (2.12.2) sha256=157339c25c7b8bcb739f5cf1207cb0cefe8fa1c65027266bcbc34c90c84b9ad6
  faraday-http-cache (2.5.1) sha256=cbfc129a85e1ad8580130189832cf59e7e117d94fe277547d61fc531f7689483
  faraday-net_http (3.4.0) sha256=a1f1e4cd6a2cf21599c8221595e27582d9936819977bbd4089a601f24c64e54a
  faraday-retry (2.2.1) sha256=4146fed14549c0580bf14591fca419a40717de0dd24f267a8ec2d9a728677608
  fasterer (0.11.0) sha256=9c38b77583584f3339a729eb077fd8f2856a317abe747528f6563d7c23e9dda8
  fiber-storage (1.0.0) sha256=b80a323f1e0b95e79b11c1d4df7f654dbe517c11a344c90f2a43dec67ba5ab7f
  foreman (0.88.1) sha256=59c022125b6a328a2ce63da8d70b731f5dd13519e8d9a4184c696538088ea00a
  fugit (1.11.1) sha256=e89485e7be22226d8e9c6da411664d0660284b4b1c08cacb540f505907869868
  gemdiff (6.0.2) sha256=1282675c8bbc7eaf2656aa6c79a238373cdb375201c7b353650baf4b56b24a42
  globalid (1.2.1) sha256=70bf76711871f843dbba72beb8613229a49429d1866828476f9c9d6ccc327ce9
  good_migrations (0.3.0) sha256=9874ac49bac87f4a160a8be3f5c4f996e63f96d1cd4cb8c7d000b7f1024b8e74
  google-protobuf (4.30.0) sha256=4427249acaccb0ec4d64bc4dbd551d1630f9ca50e4e34bd5601e30e75cd842e9
  google-protobuf (4.30.0-aarch64-linux) sha256=fdc118bedd9267279dfcd7c006e594341d817ad4e26d9741732b6dbfe7441c7f
  google-protobuf (4.30.0-arm64-darwin) sha256=791d5bec1e468848c84cec390dfb3a6016afee04cfebc564e3cb2e3c264e6415
  google-protobuf (4.30.0-x86-linux) sha256=d1d709b096ca38621ee611111025a28a2cec15110658532115086f4dd0bdd31a
  google-protobuf (4.30.0-x86_64-darwin) sha256=135195ff560031018e31b1b7b8cb935e60e3731c2ec257a1a7750e3bd3b7a7d9
  google-protobuf (4.30.0-x86_64-linux) sha256=a5b3f1a7e7bc832249a136d20c2d520e693c2340d682e32bc73fe8e28190148d
  graphiql-rails (1.10.4) sha256=54e07eaf5474974ae7d5d0cfd1fe7184d59de11d3ca7b0a579fd8949c6616cc6
  graphql (2.4.11) sha256=fd0678600003e6c4082341a2f7c8cc326ed09d6564d8798a8572e01ca72910fe
  graphql-rails_logger (1.2.5) sha256=d2117c047546aa2922550a313d3904d95949bdff819e0997f8246ebd6f49860d
  hashdiff (1.1.2) sha256=2c30eeded6ed3dce8401d2b5b99e6963fe5f14ed85e60dd9e33c545a44b71a77
  hashie (5.0.0) sha256=9d6c4e51f2a36d4616cbc8a322d619a162d8f42815a792596039fc95595603da
  htmlbeautifier (1.4.3) sha256=b43d08f7e2aa6ae1b5a6f0607b4ed8954c8d4a8e85fd2336f975dda1e4db385b
  htmlentities (4.3.4) sha256=125a73c6c9f2d1b62100b7c3c401e3624441b663762afa7fe428476435a673da
  http_accept_language (2.1.1) sha256=0043f0d55a148cf45b604dbdd197cb36437133e990016c68c892d49dbea31634
  httplog (1.7.0) sha256=892c959888961cb1e163f03f09e34b912efafa3c018ae262aaabf9585d231625
  i18n (1.14.7) sha256=ceba573f8138ff2c0915427f1fc5bdf4aa3ab8ae88c8ce255eb3ecf0a11a5d0f
  importmap-rails (2.1.0) sha256=9f10c67d60651a547579f448100d033df311c5d5db578301374aeb774faae741
  inline_svg (1.10.0) sha256=5b652934236fd9f8adc61f3fd6e208b7ca3282698b19f28659971da84bf9a10f
  io-console (0.8.0) sha256=cd6a9facbc69871d69b2cb8b926fc6ea7ef06f06e505e81a64f14a470fddefa2
  irb (1.15.1) sha256=d9bca745ac4207a8b728a52b98b766ca909b86ff1a504bcde3d6f8c84faae890
  jbuilder (2.13.0) sha256=7200a38a1c0081aa81b7a9757e7a299db75bc58cf1fd45ca7919a91627d227d6
  jmespath (1.6.2) sha256=238d774a58723d6c090494c8879b5e9918c19485f7e840f2c1c7532cf84ebcb1
  job-iteration (1.9.0) sha256=9c8464db6c9c42179733b112914a4f1009b8456f39e6c715b5f8d55e4a774706
  json (2.10.1) sha256=ddc88ad91a1baf3f0038c174f253af3b086d30dc74db17ca4259bbde982f94dc
  jwt (2.10.1) sha256=e6424ae1d813f63e761a04d6284e10e7ec531d6f701917fadcd0d9b2deaf1cc5
  kaminari (1.2.2) sha256=c4076ff9adccc6109408333f87b5c4abbda5e39dc464bd4c66d06d9f73442a3e
  kaminari-actionview (1.2.2) sha256=1330f6fc8b59a4a4ef6a549ff8a224797289ebf7a3a503e8c1652535287cc909
  kaminari-activerecord (1.2.2) sha256=0dd3a67bab356a356f36b3b7236bcb81cef313095365befe8e98057dd2472430
  kaminari-core (1.2.2) sha256=3bd26fec7370645af40ca73b9426a448d09b8a8ba7afa9ba3c3e0d39cdbb83ff
  kaminari-i18n (0.5.0) sha256=f20efcd31370f07eb423defdb296b8e05e48c8bc897655c636bc1b69b0fbe252
  language_server-protocol (3.17.0.4) sha256=c484626478664fd13482d8180947c50a8590484b1258b99b7aedb3b69df89669
  launchy (3.1.1) sha256=72b847b5cc961589dde2c395af0108c86ff0119f42d4648d25b5440ebb10059e
  license_finder (7.2.1) sha256=179ead19b64b170638b72fd16024233813673ac9d20d5ba75ae0b4444887ef14
  lint_roller (1.1.0) sha256=2c0c845b632a7d172cb849cc90c1bce937a28c5c8ccccb50dfd46a485003cc87
  local_time (3.0.2) sha256=cb8abb2d56726ae285d00b0bd7f4c34bafc38c0c1cbc70ddc28f3a5661168d9d
  logger (1.6.6) sha256=dd618d24e637715472732e7eed02e33cfbdf56deaad225edd0f1f89d38024017
  lograge (0.14.0) sha256=42371a75823775f166f727639f5ddce73dd149452a55fc94b90c303213dc9ae1
  loofah (2.24.0) sha256=61e6a710883abb8210887f3dc868cf3ed66594c509d9ff6987621efa6651ee1e
  lookbook (2.3.7) sha256=7286f854fdac3270dca1e0f5994d50411eaa12d036990ea6da025c6f0fa1f7e1
  mail (2.8.1) sha256=ec3b9fadcf2b3755c78785cb17bc9a0ca9ee9857108a64b6f5cfc9c0b5bfc9ad
  maintenance_tasks (2.11.0) sha256=8aa5b6958e99c28b5f7ccea076409275fcb589d9a27c7d06492a351fb7e27e95
  marcel (1.0.4) sha256=0d5649feb64b8f19f3d3468b96c680bae9746335d02194270287868a661516a4
  matrix (0.4.2) sha256=71083ccbd67a14a43bfa78d3e4dc0f4b503b9cc18e5b4b1d686dc0f9ef7c4cc0
  meta-tags (2.22.1) sha256=e5ae1febbd320d396c7226d7edb868e5d63466c14b9c8b06622a1a74e6dce354
  method_source (1.1.0) sha256=181301c9c45b731b4769bc81e8860e72f9161ad7d66dd99103c9ab84f560f5c5
  mini_mime (1.1.5) sha256=8681b7e2e4215f2a159f9400b5816d85e9d8c6c6b491e96a12797e798f8bccef
  mini_portile2 (2.8.8) sha256=8e47136cdac04ce81750bb6c09733b37895bf06962554e4b4056d78168d70a75
  minitest (5.25.4) sha256=9cf2cae25ac4dfc90c988ebc3b917f53c054978b673273da1bd20bcb0778f947
  mission_control-jobs (1.0.2) sha256=0f9e115afdd77e3b10a1988870b9b32bdc99350a952c7a85a3b3f440bf473eb4
  mobility (1.3.2) sha256=32fbbb0e53118ef42de20daa6ac94dbb758c628874092eba311b968a1e1d757b
  msgpack (1.8.0) sha256=e64ce0212000d016809f5048b48eb3a65ffb169db22238fb4b72472fecb2d732
  multi_xml (0.7.1) sha256=4fce100c68af588ff91b8ba90a0bb3f0466f06c909f21a32f4962059140ba61b
  net-http (0.6.0) sha256=9621b20c137898af9d890556848c93603716cab516dc2c89b01a38b894e259fb
  net-http-persistent (4.0.5) sha256=6e42880b347e650ffeaf679ae59c9d5a6ed8a22cda6e1b959d9c270050aefa8e
  net-imap (0.5.6) sha256=1ede8048ee688a14206060bf37a716d18cb6ea00855f6c9b15daee97ee51fbe5
  net-pop (0.1.2) sha256=848b4e982013c15b2f0382792268763b748cce91c9e91e36b0f27ed26420dff3
  net-protocol (0.2.2) sha256=aa73e0cba6a125369de9837b8d8ef82a61849360eba0521900e2c3713aa162a8
  net-scp (4.1.0) sha256=a99b0b92a1e5d360b0de4ffbf2dc0c91531502d3d4f56c28b0139a7c093d1a5d
  net-sftp (4.0.0) sha256=65bb91c859c2f93b09826757af11b69af931a3a9155050f50d1b06d384526364
  net-smtp (0.5.1) sha256=ed96a0af63c524fceb4b29b0d352195c30d82dd916a42f03c62a3a70e5b70736
  net-ssh (7.3.0) sha256=172076c4b30ce56fb25a03961b0c4da14e1246426401b0f89cba1a3b54bf3ef0
  nio4r (2.7.4) sha256=d95dee68e0bb251b8ff90ac3423a511e3b784124e5db7ff5f4813a220ae73ca9
  nokogiri (1.18.3) sha256=6b9fc3b14fd0cedd21f6cad8cf565123ba7401e56b5d0aec180c23cdca28fd5a
  nokogiri (1.18.3-aarch64-linux-gnu) sha256=cab20305133078a8f6b60cf96311b48319175038cc7772e5ec586ff624cb7838
  nokogiri (1.18.3-aarch64-linux-musl) sha256=acb256bb3213a180b1ed84a49c06d5d4c6c1da26f33bc9681f1fece4dab09a79
  nokogiri (1.18.3-arm-linux-gnu) sha256=37b73a55e0d1e8a058a24abb16868903e81cb4773049739c532b864f87236b1b
  nokogiri (1.18.3-arm-linux-musl) sha256=09407970cd13736cf87e975fae69c13e1178bab0313d07b35580ee4dd3650793
  nokogiri (1.18.3-arm64-darwin) sha256=ce088965cd424b8e752d82087dcf017069d55791f157098ed1f671d966857610
  nokogiri (1.18.3-x86_64-darwin) sha256=d729406bb5a7b1bbe7ed3c0922336dd2c46085ed444d6de2a0a4c33950a4edea
  nokogiri (1.18.3-x86_64-linux-gnu) sha256=3c7ad5cee39855ed9c746065f39b584b9fd2aaff61df02d0f85ba8d671bbe497
  nokogiri (1.18.3-x86_64-linux-musl) sha256=8aaecc22c0e5f12dac613e15f9a04059c3ec859d6f98f493cc831bd88fe8e731
  noticed (2.6.0) sha256=21d4aab5f56846811ae0478fbeca48e15ab4f967462cd359ad44df4d5fd602ed
  oauth2 (2.0.9) sha256=b21f9defcf52dc1610e0dfab4c868342173dcd707fd15c777d9f4f04e153f7fb
  octokit (9.2.0) sha256=4fa47ff35ce654127edf2c836ab9269bcc8829f5542dc1e86871f697ce7f4316
  omniauth (2.1.3) sha256=8d24e2e55c41926c96e4a93fd566bc026dfd6f2c850408748e89945a565956c2
  omniauth-eve_online-sso (0.7.0) sha256=c4b7ac924234870bddfc05b1d6400107044ec278adab8a043c4a4433ad2afbb6
  omniauth-oauth2 (1.8.0) sha256=b2f8e9559cc7e2d4efba57607691d6d2b634b879fc5b5b6ccfefa3da85089e78
  omniauth-rails_csrf_protection (1.0.2) sha256=1170fd672aff092b9b7ebebc1453559f073ed001e3ce62a1df616e32f8dc5fe0
  optimist (3.2.0) sha256=01c9e4826bbcae048f96ce079eef662564829016b08f1f1bdc024b0fb398771c
  orm_adapter (0.5.0) sha256=aa5d0be5d540cbb46d3a93e88061f4ece6a25f6e97d6a47122beb84fe595e9b9
  ostruct (0.6.1) sha256=09a3fb7ecc1fa4039f25418cc05ae9c82bd520472c5c6a6f515f03e4988cb817
  parallel (1.26.3) sha256=d86babb7a2b814be9f4b81587bf0b6ce2da7d45969fab24d8ae4bf2bb4d4c7ef
  parser (3.3.7.1) sha256=7dbe61618025519024ac72402a6677ead02099587a5538e84371b76659e6aca1
  patience_diff (1.2.0) sha256=f492094486af02fff4a80070fa6b4d0ebbcf4d42fb38bba29d095eef43f6822c
  pg (1.5.9) sha256=761efbdf73b66516f0c26fcbe6515dc7500c3f0aa1a1b853feae245433c64fdc
  pg_query (6.0.0) sha256=fbf09a4e900cee1d61e2bbfda1fefdbc35bc83c5f1c7ae1be1c6ffc5ae0f5c04
  pg_search (2.3.7) sha256=27868941844961e593526b835da20e48995e9b846515e91856084c5bd9ab4f35
  pghero (3.6.1) sha256=e6d4f6ec3979d4828dafcd1eaa4214e70279fe2502b9fe5bd632d8333aa79cd4
  pp (0.6.2) sha256=947ec3120c6f92195f8ee8aa25a7b2c5297bb106d83b41baa02983686577b6ff
  prettyprint (0.2.0) sha256=2bc9e15581a94742064a3cc8b0fb9d45aae3d03a1baa6ef80922627a0766f193
  propshaft (1.1.0) sha256=d389361faf66aeb17e8d204828962c1e506edd14a1a17adb3fa475435c070f6b
  prosopite (2.1.0) sha256=343e398087b9edcf691662d29db5f5b20a4efd7010f6b0531c400ef19f2ca53c
  pry (0.15.2) sha256=12d54b8640d3fa29c9211dd4ffb08f3fd8bf7a4fd9b5a73ce5b59c8709385b6b
  pry-rails (0.3.11) sha256=a69e28e24a34d75d1f60bcf241192a54253f8f7ef8a62cba1e75750a9653593d
  psych (5.2.3) sha256=84a54bb952d14604fea22d99938348814678782f58b12648fcdfa4d2fce859ee
  public_suffix (6.0.1) sha256=61d44e1cab5cbbbe5b31068481cf16976dd0dc1b6b07bd95617ef8c5e3e00c6f
  puma (6.6.0) sha256=f25c06873eb3d5de5f0a4ebc783acc81a4ccfe580c760cfe323497798018ad87
  pundit (2.5.0) sha256=4fb6b8ad3fbfe6c34e4be172a1eac03dfcb36c29d6a1214574517af5a605beda
  pundit-matchers (4.0.0) sha256=59d6077a1d575ea7cceca3ed73df5257488ee1a111ec707b2a797e76908cffd5
  raabro (1.4.0) sha256=d4fa9ff5172391edb92b242eed8be802d1934b1464061ae5e70d80962c5da882
  racc (1.8.1) sha256=4a7f6929691dbec8b5209a0b373bc2614882b55fc5d2e447a21aaa691303d62f
  rack (3.1.12) sha256=00d83055c89273eb13679ab562767b8826955aa6c4371d7d161deb975c50c540
  rack-cors (2.0.2) sha256=415d4e1599891760c5dc9ef0349c7fecdf94f7c6a03e75b2e7c2b54b82adda1b
  rack-protection (4.1.1) sha256=51a254a5d574a7f0ca4f0672025ce2a5ef7c8c3bd09c431349d683e825d7d16a
  rack-session (2.1.0) sha256=437c3916535b58ef71c816ce4a2dee0a01c8a52ae6077dc2b6cd19085760a290
  rack-test (2.2.0) sha256=005a36692c306ac0b4a9350355ee080fd09ddef1148a5f8b2ac636c720f5c463
  rack-timeout (0.7.0) sha256=757337e9793cca999bb73a61fe2a7d4280aa9eefbaf787ce3b98d860749c87d9
  rackup (2.2.1) sha256=f737191fd5c5b348b7f0a4412a3b86383f88c43e13b8217b63d4c8d90b9e798d
  rails (8.0.1) sha256=c86f4cd7834a67c1e5d04a77d35c88a5f56a20e2022ec416fa52c1af2cdc9491
  rails-controller-testing (1.0.5) sha256=741448db59366073e86fc965ba403f881c636b79a2c39a48d0486f2607182e94
  rails-dom-testing (2.2.0) sha256=e515712e48df1f687a1d7c380fd7b07b8558faa26464474da64183a7426fa93b
  rails-html-sanitizer (1.6.2) sha256=35fce2ca8242da8775c83b6ba9c1bcaad6751d9eb73c1abaa8403475ab89a560
  rails-i18n (8.0.1) sha256=15303195450bdac9a80636cf14c7e5ada2f43907cc60fcd19bbb3f81ab45be0d
  rails-settings-cached (2.9.6) sha256=761d6128221f1a162950b8b3911e233f3a49c6ecfd8b421110ed060e8c58a9b8
  railties (8.0.1) sha256=8f653c6b1b0721b553045bd0deda1f22074b9ddc2209526e6f7285fcf607ac51
  rainbow (3.1.1) sha256=039491aa3a89f42efa1d6dec2fc4e62ede96eb6acd95e52f1ad581182b79bc6a
  rake (13.2.1) sha256=46cb38dae65d7d74b6020a4ac9d48afed8eb8149c040eccf0523bec91907059d
  rbtree3 (0.7.1) sha256=ab60ead728a5491b70df4f4065e180b18dbab5319f817ce1dbf5dd906f26d8ba
  rdoc (6.12.0) sha256=7d6f706e070bffa5d18a448f24076cbfb34923a99c1eab842aa18e6ca69f56e0
  redcarpet (3.6.1) sha256=d444910e6aa55480c6bcdc0cdb057626e8a32c054c29e793fa642ba2f155f445
  redis (5.4.0) sha256=798900d869418a9fc3977f916578375b45c38247a556b61d58cba6bb02f7d06b
  redis-client (0.24.0) sha256=ee65ee39cb2c38608b734566167fd912384f3c1241f59075e22858f23a085dbb
  regexp_parser (2.10.0) sha256=cb6f0ddde88772cd64bff1dbbf68df66d376043fe2e66a9ef77fcb1b0c548c61
  reline (0.6.0) sha256=57620375dcbe56ec09bac7192bfb7460c716bbf0054dc94345ecaa5438e539d2
  request_store (1.7.0) sha256=e1b75d5346a315f452242a68c937ef8e48b215b9453a77a6c0acdca2934c88cb
  responders (3.1.1) sha256=92f2a87e09028347368639cfb468f5fefa745cb0dc2377ef060db1cdd79a341a
  rexml (3.4.1) sha256=c74527a9a0a04b4ec31dbe0dc4ed6004b960af943d8db42e539edde3a871abca
  rotp (6.3.0) sha256=75d40087e65ed0d8022c33055a6306c1c400d1c12261932533b5d6cbcd868854
  rouge (4.5.1) sha256=2ac81c6dee7019bbc6600d4c2d641d730d65c165941400ebd924259067e690dd
  rqrcode (2.2.0) sha256=23eea88bb44c7ee6d6cab9354d08c287f7ebcdc6112e1fe7bcc2d010d1ffefc1
  rqrcode_core (1.2.0) sha256=cf4989dc82d24e2877984738c4ee569308625fed2a810960f1b02d68d0308d1a
  rspec-core (3.13.3) sha256=25136507f4f9cf2e8977a2851e64e438b4331646054e345998714108745cdfe4
  rspec-expectations (3.13.3) sha256=0e6b5af59b900147698ea0ff80456c4f2e69cac4394fbd392fbd1ca561f66c58
  rspec-its (2.0.0) sha256=a88e8bc38149f2835e93533591ec4f5c829aacbfd41269a2e6f9f5b82f5260df
  rspec-mocks (3.13.2) sha256=2327335def0e1665325a9b617e3af9ae20272741d80ac550336309a7c59abdef
  rspec-rails (7.1.1) sha256=e15dccabed211e2fd92f21330c819adcbeb1591c1d66c580d8f2d8288557e331
  rspec-support (3.13.2) sha256=cea3a2463fd9b84b9dcc9685efd80ea701aa8f7b3decb3b3ce795ed67737dbec
  rubocop (1.73.2) sha256=35cd1b1365ba97234323fe771abcecd09c9b77098464cd726c76aa7d9bc12b5d
  rubocop-ast (1.38.1) sha256=80ecbe2ac9bb26693cab9405bf72b41b85a1f909f20f021b983c32c2e7d857fe
  rubocop-capybara (2.21.0) sha256=5d264efdd8b6c7081a3d4889decf1451a1cfaaec204d81534e236bc825b280ab
  rubocop-disable_syntax (0.1.1) sha256=fba0b24edbd3de049ccaac8473c18fed308b5bd991e389a3368965f6cb88edbb
  rubocop-factory_bot (2.26.1) sha256=8de13cd4edcee5ca800f255188167ecef8dbfc3d1fae9f15734e9d2e755392aa
  rubocop-graphql (1.5.4) sha256=2d888d40b08577daf1e74ca4623be1e3058c1a93543d5a7220818f561a254192
  rubocop-performance (1.24.0) sha256=e5bd39ff3e368395b9af886927cc37f5892f43db4bd6c8526594352d5b4440b5
  rubocop-rails (2.29.1) sha256=41c2fcf48d5d62f4a5f574d5f1c97bbaf4cba88ee367936c98b3422d047b17aa
  rubocop-rspec (3.4.0) sha256=8721c13b6a8c9530a7ac481cea9423022f946fcf72428bda8289f8b57e4d4885
  rubocop-rspec_rails (2.30.0) sha256=888112e83f9d7ef7ad2397e9d69a0b9614a4bae24f072c399804a180f80c4c46
  ruby-progressbar (1.13.0) sha256=80fc9c47a9b640d6834e0dc7b3c94c9df37f08cb072b7761e4a71e22cff29b33
  ruby_parser (3.21.1) sha256=9d931abe5aec287d65280f811d3cf672564956ef1bd49f528ca48479984d6fec
  rubyzip (2.4.1) sha256=8577c88edc1fde8935eb91064c5cb1aef9ad5494b940cf19c775ee833e075615
  rufus-scheduler (3.9.2) sha256=55fa9e4db0ff69d7f38c804f17baba0c9bce5cba39984ae3c5cf6c039d1323b9
  sass-embedded (1.85.1) sha256=7f21678d2ca30e12d1e955cf1d9719ef32ce7790a233263b95264e22e87e7bb1
  sass-embedded (1.85.1-aarch64-linux-android) sha256=298d802ec7cfae8fc0195687038db4a6f85d21f7363375a06151def58209190b
  sass-embedded (1.85.1-aarch64-linux-gnu) sha256=554093be08b108b83b77ac395ba32827a6f5ed9b5d999a87e0f0d95173484c6a
  sass-embedded (1.85.1-aarch64-linux-musl) sha256=8c35e0ce77956630d8e35664cd64878a170c5848cb47f3627a5aaa62fd1226e2
  sass-embedded (1.85.1-aarch64-mingw-ucrt) sha256=acdfcea64ada86e6019399cd831b0f33a99212da56c8a2bcdd9b82d3f3ec6640
  sass-embedded (1.85.1-arm-linux-androideabi) sha256=957b3ef9d659e551973cfe01e117a428e9ff697364ad32a6fbb6a9353985364e
  sass-embedded (1.85.1-arm-linux-gnueabihf) sha256=3374557ca57cb4e8827b848712639abafd67adf603ea70de120b9ce8bb3ad57a
  sass-embedded (1.85.1-arm-linux-musleabihf) sha256=c5e6df967839e6e4898921326f7ff2c1ed6ceec1eca90a607fca97ef535a9d15
  sass-embedded (1.85.1-arm64-darwin) sha256=98d1cb5c1857fbf819a6e72430d0214126418d06ed758c7bdb723f650c8ac8b0
  sass-embedded (1.85.1-riscv64-linux-android) sha256=9cb569cce2d030143ce2585eb7e8d5fed4aa1e61a9220232efbce0c1f20d0182
  sass-embedded (1.85.1-riscv64-linux-gnu) sha256=3f2ced813eb7bfa4133d30e94335090ed58ecf808ba29407ca1e74e2574d377c
  sass-embedded (1.85.1-riscv64-linux-musl) sha256=80c2215f3c04f504db67a3786a24eb00077a70189fd80538d59e2fab0c637f0c
  sass-embedded (1.85.1-x86_64-darwin) sha256=f5cd6bf437bf689783ed0d7c2edb8996fea59c3a4a3d3e951a5e995f2c88bad3
  sass-embedded (1.85.1-x86_64-linux-android) sha256=111defb027c907bcbcbd6a1fc117b2052eb272f75430c089498f40cb86f452b9
  sass-embedded (1.85.1-x86_64-linux-gnu) sha256=ba234c69b88aa537c5a010b768fd25bd7a5667b282de2a689f0eb9e3f0244082
  sass-embedded (1.85.1-x86_64-linux-musl) sha256=11bd354f03e6ce0b516769013f96e4bbc9c66f8db747e2eba36c4dd4c36c2a47
  sawyer (0.9.2) sha256=fa3a72d62a4525517b18857ddb78926aab3424de0129be6772a8e2ba240e7aca
  securerandom (0.4.1) sha256=cc5193d414a4341b6e225f0cb4446aceca8e50d5e1888743fac16987638ea0b1
  selenium-webdriver (4.29.1) sha256=0a7fe53cc4d2c515adbb89e115c6e786c64e9b98f85939d21071c6e32883a146
  sexp_processor (4.17.3) sha256=5ef0d952565eeedb416519f678b6b41c6ab6700abba828f46986f2d85d295dae
  shoulda-matchers (6.4.0) sha256=9055bb7f4bb342125fb860809798855c630e05ef5e75837b3168b8e6ee1608b0
  simplecov (0.22.0) sha256=fe2622c7834ff23b98066bb0a854284b2729a569ac659f82621fc22ef36213a5
  simplecov-cobertura (2.1.0) sha256=2c6532e34df2e38a379d72cef9a05c3b16c64ce90566beebc6887801c4ad3f02
  simplecov-html (0.13.1) sha256=5dab0b7ee612e60e9887ad57693832fdf4695b4c0c859eaea5f95c18791ef10b
  simplecov_json_formatter (0.1.4) sha256=529418fbe8de1713ac2b2d612aa3daa56d316975d307244399fa4838c601b428
  sitemap_generator (6.3.0) sha256=1d803cbf03c44736bea05b9e3363d3523fec4e24f3abedad294d9c57cab994f3
  skylight (6.0.4) sha256=201d9e33da76b95134110785308c141c0d32d591cafd7ad8383f883c3bbdbd0c
  smart_properties (1.17.0) sha256=f9323f8122e932341756ddec8e0ac9ec6e238408a7661508be99439ca6d6384b
  snaky_hash (2.0.1) sha256=1ac87ec157fcfe7a460e821e0cd48ae1e6f5e3e082ab520f03f31a9259dbdc31
  solid_cable (3.0.7) sha256=f2bce91e17e2c6e04c3c5e9905cc31b1078ff991702278c8bb1ac2e09f441a21
  solid_cache (1.0.7) sha256=58e690ccee057be7351f21b1940d5f9cf6bb132074316e70478e554a79e6a490
  solid_queue (1.1.3) sha256=c7b4a84819eca6a61250aa8d7e48b8ded6882026e78ee21d3701d372ca741aa2
  squasher (0.8.0) sha256=075f406a369d7fdcdd277a981bdcefcf4005a83ae89ef2f4aaa21c719f1438c6
  sshkit (1.24.0) sha256=9597c1f984778ae9742f2dc839778d57a6a2efb868107046575c52ac7c628e6c
  standard (1.47.0) sha256=b0da6b71d8dec53e760c7216b723e3507ebdcd6962f7ce7c37c016a36c7cc190
  standard-custom (1.0.2) sha256=424adc84179a074f1a2a309bb9cf7cd6bfdb2b6541f20c6bf9436c0ba22a652b
  standard-performance (1.7.0) sha256=c46a9aef3348c0cfc03053ed9a1c1f73b967f7e4edcdf30dac0101b143897314
  stimulus-rails (1.3.4) sha256=765676ffa1f33af64ce026d26b48e8ffb2e0b94e0f50e9119e11d6107d67cb06
  stringio (3.1.5) sha256=bca92461515a131535743bc81d5559fa1de7d80cff9a654d6c0af6f9f27e35c8
  super_diff (0.15.0) sha256=1c857c27ea49ed57685ce05897efc35839d169e74a30fca1a97e7a401f0cb914
  thor (1.3.2) sha256=eef0293b9e24158ccad7ab383ae83534b7ad4ed99c09f96f1a6b036550abbeda
  thruster (0.1.12) sha256=a6271224fbb4bbcfb9fe6231591656724d73d0a0c774bc6f35b0a3bc88413bb2
  thruster (0.1.12-aarch64-linux) sha256=c70dad353ed75d0cece9070b553e2ca3f27ecc16ac209e06b7e7076a9c7da8a2
  thruster (0.1.12-arm64-darwin) sha256=c05126962184946c3d2b40977c09912dbda68cffd2a18d8610cda468bdb75665
  thruster (0.1.12-x86_64-darwin) sha256=bdcb84dbdb620c46e0d26c7035a5e1a40a851a028b666355c0748735302cf121
  thruster (0.1.12-x86_64-linux) sha256=cb2427f6c0661c9637406863172543de05672b7f7ae2ee04a1874322f2f5425f
  timeout (0.4.3) sha256=9509f079b2b55fe4236d79633bd75e34c1c1e7e3fb4b56cb5fda61f80a0fe30e
  tomlrb (2.0.3) sha256=c2736acf24919f793334023a4ff396c0647d93fce702a73c9d348deaa815d4f7
  turbo-rails (2.0.13) sha256=c40ac0a3ccd57c129925c8ac524a5dfd1e17fad080906e2d32135721a8bba22f
  tzinfo (2.0.6) sha256=8daf828cc77bcf7d63b0e3bdb6caa47e2272dcfaf4fbfe46f8c3a9df087a829b
  unicode-display_width (3.1.4) sha256=8caf2af1c0f2f07ec89ef9e18c7d88c2790e217c482bfc78aaa65eadd5415ac1
  unicode-emoji (4.0.4) sha256=2c2c4ef7f353e5809497126285a50b23056cc6e61b64433764a35eff6c36532a
  uri (1.0.3) sha256=e9f2244608eea2f7bc357d954c65c910ce0399ca5e18a7a29207ac22d8767011
  useragent (0.16.11) sha256=700e6413ad4bb954bb63547fa098dddf7b0ebe75b40cc6f93b8d54255b173844
  vcr (6.3.1) sha256=37b56e157e720446a3f4d2d39919cabef8cb7b6c45936acffd2ef8229fec03ed
  version_gem (1.1.6) sha256=b989cf19880ee18907083ba9bb6fdbe40826bd698fbd7cdfab7345a2550bf203
  view_component (3.21.0) sha256=7f5a77bca29e7385495fad2b7c1acdcd2c581b3cd2e573a831a9808f6710df5c
  warden (1.2.9) sha256=46684f885d35a69dbb883deabf85a222c8e427a957804719e143005df7a1efd0
  webmock (3.25.1) sha256=ab9d5d9353bcbe6322c83e1c60a7103988efc7b67cd72ffb9012629c3d396323
  websocket (1.2.11) sha256=b7e7a74e2410b5e85c25858b26b3322f29161e300935f70a0e0d3c35e0462737
  websocket-driver (0.7.7) sha256=056d99f2cd545712cfb1291650fde7478e4f2661dc1db6a0fa3b966231a146b4
  websocket-extensions (0.1.5) sha256=1c6ba63092cda343eb53fc657110c71c754c56484aad42578495227d717a8241
  with_env (1.1.0) sha256=50b3e4f0a6cda8f90d8a6bd87a6261f6c381429abafb161c4c69ad4a0cd0b6e4
  xml-simple (1.1.9) sha256=d21131e519c86f1a5bc2b6d2d57d46e6998e47f18ed249b25cad86433dbd695d
  xpath (3.2.0) sha256=6dfda79d91bb3b949b947ecc5919f042ef2f399b904013eb3ef6d20dd3a4082e
  yard (0.9.37) sha256=a6e910399e78e613f80ba9add9ba7c394b1a935f083cccbef82903a3d2a26992
  zeitwerk (2.7.2) sha256=842e067cb11eb923d747249badfb5fcdc9652d6f20a1f06453317920fdcd4673
  zxcvbn (0.1.13) sha256=68e26d6f1d6f9b9a68edb10fc2717a76528cc537376d7d600e9c9079506d4921

RUBY VERSION
   ruby 3.3.6p108

BUNDLED WITH
   2.6.5
