GIT
  remote: https://github.com/evemonk/eve_online.git
  revision: 089a9b19151bbee40ea383105e4b6cb007f26659
  branch: main
  specs:
    eve_online (0.43.0)
      activesupport (>= 5.2.0)
      faraday (>= 2.3.0)

GIT
  remote: https://github.com/just806me/shoulda-callback-matchers.git
  revision: b3a93d43490cdb3062a437e2edfbd50d25eda79a
  branch: master
  specs:
    shoulda-callback-matchers (1.1.4)
      activesupport (>= 3)

GIT
  remote: https://github.com/thomaspark/bootswatch.git
  revision: 57980884525efb94836d88a5f59d5db9c5e8bbf0
  branch: v4
  specs:
    bootswatch (4.6.2)

GIT
  remote: https://github.com/twbs/bootstrap-rubygem.git
  revision: 78e7e0fb35d9d8d9b36ac2d26a80688d939c6e15
  branch: 4.6-stable
  specs:
    bootstrap (4.6.1)
      autoprefixer-rails (>= 9.1.0)
      popper_js (>= 1.14.3, < 2)
      sassc-rails (>= 2.0.0)

GEM
  remote: https://rubygems.org/
  specs:
    actioncable (7.0.3.1)
      actionpack (= 7.0.3.1)
      activesupport (= 7.0.3.1)
      nio4r (~> 2.0)
      websocket-driver (>= 0.6.1)
    actionmailbox (7.0.3.1)
      actionpack (= 7.0.3.1)
      activejob (= 7.0.3.1)
      activerecord (= 7.0.3.1)
      activestorage (= 7.0.3.1)
      activesupport (= 7.0.3.1)
      mail (>= 2.7.1)
      net-imap
      net-pop
      net-smtp
    actionmailer (7.0.3.1)
      actionpack (= 7.0.3.1)
      actionview (= 7.0.3.1)
      activejob (= 7.0.3.1)
      activesupport (= 7.0.3.1)
      mail (~> 2.5, >= 2.5.4)
      net-imap
      net-pop
      net-smtp
      rails-dom-testing (~> 2.0)
    actionpack (7.0.3.1)
      actionview (= 7.0.3.1)
      activesupport (= 7.0.3.1)
      rack (~> 2.0, >= 2.2.0)
      rack-test (>= 0.6.3)
      rails-dom-testing (~> 2.0)
      rails-html-sanitizer (~> 1.0, >= 1.2.0)
    actiontext (7.0.3.1)
      actionpack (= 7.0.3.1)
      activerecord (= 7.0.3.1)
      activestorage (= 7.0.3.1)
      activesupport (= 7.0.3.1)
      globalid (>= 0.6.0)
      nokogiri (>= 1.8.5)
    actionview (7.0.3.1)
      activesupport (= 7.0.3.1)
      builder (~> 3.1)
      erubi (~> 1.4)
      rails-dom-testing (~> 2.0)
      rails-html-sanitizer (~> 1.1, >= 1.2.0)
    active_record_doctor (1.10.0)
      activerecord (>= 4.2.0)
    activejob (7.0.3.1)
      activesupport (= 7.0.3.1)
      globalid (>= 0.3.6)
    activemodel (7.0.3.1)
      activesupport (= 7.0.3.1)
    activerecord (7.0.3.1)
      activemodel (= 7.0.3.1)
      activesupport (= 7.0.3.1)
    activestorage (7.0.3.1)
      actionpack (= 7.0.3.1)
      activejob (= 7.0.3.1)
      activerecord (= 7.0.3.1)
      activesupport (= 7.0.3.1)
      marcel (~> 1.0)
      mini_mime (>= 1.1.0)
    activesupport (7.0.3.1)
      concurrent-ruby (~> 1.0, >= 1.0.2)
      i18n (>= 1.6, < 2)
      minitest (>= 5.1)
      tzinfo (~> 2.0)
    addressable (2.8.0)
      public_suffix (>= 2.0.2, < 5.0)
    administrate (0.17.0)
      actionpack (>= 5.0)
      actionview (>= 5.0)
      activerecord (>= 5.0)
      datetime_picker_rails (~> 0.0.7)
      jquery-rails (>= 4.0)
      kaminari (>= 1.0)
      momentjs-rails (~> 2.8)
      sassc-rails (~> 2.1)
      selectize-rails (~> 0.6)
    airbrake (13.0.2)
      airbrake-ruby (~> 6.0)
    airbrake-ruby (6.1.1)
      rbtree3 (~> 0.5)
    anyway_config (2.3.0)
      ruby-next-core (>= 0.14.0)
    ast (2.4.2)
    attr_extras (6.2.5)
    authy (3.0.1)
      httpclient (>= 2.5.3.3)
    autoprefixer-rails (10.4.7.0)
      execjs (~> 2)
    awesome_print (1.9.2)
    aws-eventstream (1.2.0)
    aws-partitions (1.613.0)
    aws-sdk-core (3.131.5)
      aws-eventstream (~> 1, >= 1.0.2)
      aws-partitions (~> 1, >= 1.525.0)
      aws-sigv4 (~> 1.1)
      jmespath (~> 1, >= 1.6.1)
    aws-sdk-kms (1.58.0)
      aws-sdk-core (~> 3, >= 3.127.0)
      aws-sigv4 (~> 1.1)
    aws-sdk-s3 (1.114.0)
      aws-sdk-core (~> 3, >= 3.127.0)
      aws-sdk-kms (~> 1)
      aws-sigv4 (~> 1.4)
    aws-sigv4 (1.5.1)
      aws-eventstream (~> 1, >= 1.0.2)
    bcrypt (3.1.18)
    benchmark-ips (2.10.0)
    better_html (1.0.16)
      actionview (>= 4.0)
      activesupport (>= 4.0)
      ast (~> 2.0)
      erubi (~> 1.4)
      html_tokenizer (~> 0.0.6)
      parser (>= 2.4)
      smart_properties
    bootsnap (1.13.0)
      msgpack (~> 1.2)
    brakeman (5.2.3)
    builder (3.2.4)
    cacheflow (0.2.1)
      activesupport (>= 5.2)
    capybara (3.37.1)
      addressable
      matrix
      mini_mime (>= 0.1.3)
      nokogiri (~> 1.8)
      rack (>= 1.6.0)
      rack-test (>= 0.6.3)
      regexp_parser (>= 1.5, < 3.0)
      xpath (~> 3.2)
    chartkick (4.2.0)
    childprocess (4.1.0)
    coderay (1.1.3)
    colorize (0.8.1)
    concurrent-ruby (1.1.10)
    connection_pool (2.2.5)
    consistency_fail (0.3.7)
    countries (5.1.1)
      sixarm_ruby_unaccent (~> 1.1)
    crack (0.4.5)
      rexml
    crass (1.0.6)
    dalli (3.2.2)
    dartsass-rails (0.4.0)
      railties (>= 6.0.0)
    database_rewinder (0.9.8)
    datetime_picker_rails (0.0.7)
      momentjs-rails (>= 2.8.1)
    dead_end (4.0.0)
    derailed_benchmarks (2.1.1)
      benchmark-ips (~> 2)
      dead_end
      get_process_mem (~> 0)
      heapy (~> 0)
      memory_profiler (>= 0, < 2)
      mini_histogram (>= 0.3.0)
      rack (>= 1)
      rack-test
      rake (> 10, < 14)
      ruby-statistics (>= 2.1)
      thor (>= 0.19, < 2)
    devise (4.8.1)
      bcrypt (~> 3.0)
      orm_adapter (~> 0.1)
      railties (>= 4.1.0)
      responders
      warden (~> 1.2.3)
    devise-authy (2.3.1)
      authy (~> 3.0)
      devise (>= 4.0.0)
    devise-i18n (1.10.2)
      devise (>= 4.8.0)
    devise_zxcvbn (6.0.0)
      devise
      zxcvbn (~> 0.1.7)
    diff-lcs (1.5.0)
    digest (3.1.0)
    docile (1.4.0)
    domain_name (0.5.20190701)
      unf (>= 0.0.5, < 1.0.0)
    dotenv (2.8.1)
    dotenv-rails (2.8.1)
      dotenv (= 2.8.1)
      railties (>= 3.2)
    down (5.3.1)
      addressable (~> 2.8)
    dry-initializer (3.1.1)
    erb_lint (0.1.3)
      activesupport
      better_html (~> 1.0.7)
      html_tokenizer
      parser (>= 2.7.1.4)
      rainbow
      rubocop
      smart_properties
    erubi (1.10.0)
    et-orbi (1.2.7)
      tzinfo
    execjs (2.8.1)
    factory_bot (6.2.1)
      activesupport (>= 5.0.0)
    factory_bot_rails (6.2.0)
      factory_bot (~> 6.2.0)
      railties (>= 5.0.0)
    faker (2.22.0)
      i18n (>= 1.8.11, < 2)
    faraday (2.4.0)
      faraday-net_http (~> 2.0)
      ruby2_keywords (>= 0.0.4)
    faraday-net_http (2.1.0)
    fasterer (0.10.0)
      colorize (~> 0.7)
      ruby_parser (>= 3.19.1)
    ffi (1.15.5)
    ffi-compiler (1.0.1)
      ffi (>= 1.0.0)
      rake
    flipper (0.25.0)
    flipper-active_record (0.25.0)
      activerecord (>= 4.2, < 8)
      flipper (~> 0.25.0)
    flipper-ui (0.25.0)
      erubi (>= 1.0.0, < 2.0.0)
      flipper (~> 0.25.0)
      rack (>= 1.4, < 3)
      rack-protection (>= 1.5.3, <= 2.2.0)
      sanitize (< 7)
    foreman (0.87.2)
    foundation_emails (2.2.1.0)
    fugit (1.5.3)
      et-orbi (~> 1, >= 1.2.7)
      raabro (~> 1.4)
    gemdiff (4.1.0)
      launchy (~> 2.4)
      octokit (~> 4.0)
      thor (~> 1.0)
    get_process_mem (0.2.7)
      ffi (~> 1.0)
    globalid (1.0.0)
      activesupport (>= 5.0)
    good_migrations (0.2.1)
      activerecord (>= 3.1)
      railties (>= 3.1)
    google-protobuf (3.21.4)
    google-protobuf (3.21.4-x86_64-darwin)
    google-protobuf (3.21.4-x86_64-linux)
    graphiql-rails (1.8.0)
      railties
      sprockets-rails
    graphql (2.0.12)
    graphql-rails_logger (1.2.3)
      actionpack (> 5.0)
      activesupport (> 5.0)
      railties (> 5.0)
      rouge (~> 3.0)
    groupdate (6.1.0)
      activesupport (>= 5.2)
    hashdiff (1.0.1)
    hashie (5.0.0)
    heapy (0.2.0)
      thor
    html_tokenizer (0.0.7)
    http (5.1.0)
      addressable (~> 2.8)
      http-cookie (~> 1.0)
      http-form_data (~> 2.2)
      llhttp-ffi (~> 0.4.0)
    http-cookie (1.0.5)
      domain_name (~> 0.5)
    http-form_data (2.3.0)
    http_accept_language (2.1.1)
    httpclient (2.8.3)
    httplog (1.5.0)
      rack (>= 1.0)
      rainbow (>= 2.0.0)
    i18n (1.12.0)
      concurrent-ruby (~> 1.0)
    importmap-rails (1.1.5)
      actionpack (>= 6.0.0)
      railties (>= 6.0.0)
    isolator (0.8.0)
      sniffer (>= 0.3.1)
    jbuilder (2.11.5)
      actionview (>= 5.0.0)
      activesupport (>= 5.0.0)
    jmespath (1.6.1)
    jquery-rails (4.5.0)
      rails-dom-testing (>= 1, < 3)
      railties (>= 4.2.0)
      thor (>= 0.14, < 2.0)
    json (2.6.2)
    jwt (2.4.1)
    kaminari (1.2.2)
      activesupport (>= 4.1.0)
      kaminari-actionview (= 1.2.2)
      kaminari-activerecord (= 1.2.2)
      kaminari-core (= 1.2.2)
    kaminari-actionview (1.2.2)
      actionview
      kaminari-core (= 1.2.2)
    kaminari-activerecord (1.2.2)
      activerecord
      kaminari-core (= 1.2.2)
    kaminari-core (1.2.2)
    kaminari-i18n (0.5.0)
      kaminari
      rails
    launchy (2.5.0)
      addressable (~> 2.7)
    license_finder (7.0.1)
      bundler
      rubyzip (>= 1, < 3)
      thor (~> 1.2)
      tomlrb (>= 1.3, < 2.1)
      with_env (= 1.1.0)
      xml-simple (~> 1.1.9)
    llhttp-ffi (0.4.0)
      ffi-compiler (~> 1.0)
      rake (~> 13.0)
    local_time (2.1.0)
    lograge (0.12.0)
      actionpack (>= 4)
      activesupport (>= 4)
      railties (>= 4)
      request_store (~> 1.0)
    loofah (2.18.0)
      crass (~> 1.0.2)
      nokogiri (>= 1.5.9)
    mail (2.7.1)
      mini_mime (>= 0.1.1)
    marcel (1.0.2)
    matrix (0.4.2)
    memory_profiler (1.0.0)
    meta-tags (2.17.0)
      actionpack (>= 3.2.0, < 7.1)
    method_source (1.0.0)
    metricky (0.8.6)
      chartkick (> 3.0)
      groupdate (> 4.0)
      rails (> 5.1)
    mini_histogram (0.3.1)
    mini_mime (1.1.2)
    minitest (5.16.2)
    mobility (1.2.9)
      i18n (>= 0.6.10, < 2)
      request_store (~> 1.0)
    momentjs-rails (2.29.4.1)
      railties (>= 3.1)
    msgpack (1.5.4)
    multi_xml (0.6.0)
    net-http-persistent (4.0.1)
      connection_pool (~> 2.2)
    net-imap (0.2.3)
      digest
      net-protocol
      strscan
    net-pop (0.1.1)
      digest
      net-protocol
      timeout
    net-protocol (0.1.3)
      timeout
    net-smtp (0.3.1)
      digest
      net-protocol
      timeout
    nio4r (2.5.8)
    nokogiri (1.13.8-aarch64-linux)
      racc (~> 1.4)
    nokogiri (1.13.8-arm64-darwin)
      racc (~> 1.4)
    nokogiri (1.13.8-x86_64-darwin)
      racc (~> 1.4)
    nokogiri (1.13.8-x86_64-linux)
      racc (~> 1.4)
    noticed (1.5.9)
      http (>= 4.0.0)
      rails (>= 5.2.0)
    oauth2 (2.0.6)
      faraday (>= 0.17.3, < 3.0)
      jwt (>= 1.0, < 3.0)
      multi_xml (~> 0.5)
      rack (>= 1.2, < 3)
      rash_alt (>= 0.4, < 1)
      version_gem (~> 1.1)
    octokit (4.25.1)
      faraday (>= 1, < 3)
      sawyer (~> 0.9)
    oj (3.13.19)
    omniauth (2.1.0)
      hashie (>= 3.4.6)
      rack (>= 2.2.3)
      rack-protection
    omniauth-eve_online-sso (0.5.0)
      jwt
      omniauth-oauth2
    omniauth-oauth2 (1.8.0)
      oauth2 (>= 1.4, < 3)
      omniauth (~> 2.0)
    omniauth-rails_csrf_protection (1.0.1)
      actionpack (>= 4.2)
      omniauth (~> 2.0)
    optimist (3.0.1)
    orm_adapter (0.5.0)
    paper_trail (12.3.0)
      activerecord (>= 5.2)
      request_store (~> 1.1)
    parallel (1.22.1)
    parser (3.1.2.0)
      ast (~> 2.4.1)
    patience_diff (1.2.0)
      optimist (~> 3.0)
    pg (1.4.2)
    pg_query (2.1.3)
      google-protobuf (>= 3.19.2)
    pg_search (2.3.6)
      activerecord (>= 5.2)
      activesupport (>= 5.2)
    pghero (2.8.3)
      activerecord (>= 5)
    popper_js (1.16.0)
    prometheus-client (2.1.0)
    prosopite (1.1.2)
    pry (0.14.1)
      coderay (~> 1.1)
      method_source (~> 1.0)
    pry-rails (0.3.9)
      pry (>= 0.10.4)
    public_suffix (4.0.7)
    puma (5.6.4)
      nio4r (~> 2.0)
    pundit (2.2.0)
      activesupport (>= 3.0.0)
    raabro (1.4.0)
    racc (1.6.0)
    rack (2.2.4)
    rack-health (0.1.2)
      rack (>= 1.2.0)
    rack-protection (2.2.0)
      rack
    rack-test (2.0.2)
      rack (>= 1.3)
    rack-timeout (0.6.3)
    rails (7.0.3.1)
      actioncable (= 7.0.3.1)
      actionmailbox (= 7.0.3.1)
      actionmailer (= 7.0.3.1)
      actionpack (= 7.0.3.1)
      actiontext (= 7.0.3.1)
      actionview (= 7.0.3.1)
      activejob (= 7.0.3.1)
      activemodel (= 7.0.3.1)
      activerecord (= 7.0.3.1)
      activestorage (= 7.0.3.1)
      activesupport (= 7.0.3.1)
      bundler (>= 1.15.0)
      railties (= 7.0.3.1)
    rails-controller-testing (1.0.5)
      actionpack (>= 5.0.1.rc1)
      actionview (>= 5.0.1.rc1)
      activesupport (>= 5.0.1.rc1)
    rails-dom-testing (2.0.3)
      activesupport (>= 4.2.0)
      nokogiri (>= 1.6)
    rails-html-sanitizer (1.4.3)
      loofah (~> 2.3)
    rails-i18n (7.0.5)
      i18n (>= 0.7, < 2)
      railties (>= 6.0.0, < 8)
    rails-settings-cached (2.8.2)
      rails (>= 5.0.0)
    railties (7.0.3.1)
      actionpack (= 7.0.3.1)
      activesupport (= 7.0.3.1)
      method_source
      rake (>= 12.2)
      thor (~> 1.0)
      zeitwerk (~> 2.5)
    rainbow (3.1.1)
    rake (13.0.6)
    rash_alt (0.4.12)
      hashie (>= 3.4)
    rbtree3 (0.7.0)
    redis (4.7.1)
    redis-client (0.5.1)
      connection_pool
    regexp_parser (2.5.0)
    request_store (1.5.1)
      rack (>= 1.4)
    responders (3.0.1)
      actionpack (>= 5.0)
      railties (>= 5.0)
    rexml (3.2.5)
    rouge (3.30.0)
    rspec-core (3.11.0)
      rspec-support (~> 3.11.0)
    rspec-expectations (3.11.0)
      diff-lcs (>= 1.2.0, < 2.0)
      rspec-support (~> 3.11.0)
    rspec-its (1.3.0)
      rspec-core (>= 3.0.0)
      rspec-expectations (>= 3.0.0)
    rspec-mocks (3.11.1)
      diff-lcs (>= 1.2.0, < 2.0)
      rspec-support (~> 3.11.0)
    rspec-rails (6.0.0.rc1)
      actionpack (>= 6.1)
      activesupport (>= 6.1)
      railties (>= 6.1)
      rspec-core (~> 3.11)
      rspec-expectations (~> 3.11)
      rspec-mocks (~> 3.11)
      rspec-support (~> 3.11)
    rspec-support (3.11.0)
    rubocop (1.32.0)
      json (~> 2.3)
      parallel (~> 1.10)
      parser (>= 3.1.0.0)
      rainbow (>= 2.2.2, < 4.0)
      regexp_parser (>= 1.8, < 3.0)
      rexml (>= 3.2.5, < 4.0)
      rubocop-ast (>= 1.19.1, < 2.0)
      ruby-progressbar (~> 1.7)
      unicode-display_width (>= 1.4.0, < 3.0)
    rubocop-ast (1.19.1)
      parser (>= 3.1.1.0)
    rubocop-graphql (0.14.4)
      rubocop (>= 0.87, < 2)
    rubocop-performance (1.14.3)
      rubocop (>= 1.7.0, < 2.0)
      rubocop-ast (>= 0.4.0)
    rubocop-rails (2.15.2)
      activesupport (>= 4.2.0)
      rack (>= 1.1)
      rubocop (>= 1.7.0, < 2.0)
    ruby-next-core (0.15.1)
    ruby-progressbar (1.11.0)
    ruby-statistics (3.0.0)
    ruby2_keywords (0.0.5)
    ruby_parser (3.19.1)
      sexp_processor (~> 4.16)
    rubyzip (2.3.2)
    rufus-scheduler (3.8.2)
      fugit (~> 1.1, >= 1.1.6)
    sanitize (6.0.0)
      crass (~> 1.0.2)
      nokogiri (>= 1.12.0)
    sassc (2.4.0)
      ffi (~> 1.9)
    sassc-rails (2.1.2)
      railties (>= 4.0.0)
      sassc (>= 2.0)
      sprockets (> 3.0)
      sprockets-rails
      tilt
    sawyer (0.9.2)
      addressable (>= 2.3.5)
      faraday (>= 0.17.3, < 3)
    selectize-rails (0.12.6)
    selenium-webdriver (4.3.0)
      childprocess (>= 0.5, < 5.0)
      rexml (~> 3.2, >= 3.2.5)
      rubyzip (>= 1.2.2, < 3.0)
      websocket (~> 1.0)
    sexp_processor (4.16.1)
    shoulda-matchers (5.1.0)
      activesupport (>= 5.2.0)
    sidekiq (6.5.1)
      connection_pool (>= 2.2.2)
      rack (~> 2.0)
      redis (>= 4.2.0)
    simplecov (0.21.2)
      docile (~> 1.1)
      simplecov-html (~> 0.11)
      simplecov_json_formatter (~> 0.1)
    simplecov-cobertura (2.1.0)
      rexml
      simplecov (~> 0.19)
    simplecov-html (0.12.3)
    simplecov_json_formatter (0.1.4)
    sitemap_generator (6.2.1)
      builder (~> 3.0)
    sixarm_ruby_unaccent (1.2.0)
    skylight (5.3.3)
      activesupport (>= 5.2.0)
    smart_properties (1.17.0)
    sniffer (0.5.0)
      anyway_config (>= 1.0)
      dry-initializer (~> 3)
    sprockets (4.1.1)
      concurrent-ruby (~> 1.0)
      rack (> 1, < 3)
    sprockets-rails (3.4.2)
      actionpack (>= 5.2)
      activesupport (>= 5.2)
      sprockets (>= 3.0.0)
    sql_tracker (1.3.2)
    squasher (0.6.2)
    standard (1.14.0)
      rubocop (= 1.32.0)
      rubocop-performance (= 1.14.3)
    stimulus-rails (1.1.0)
      railties (>= 6.0.0)
    strscan (3.0.4)
    super_diff (0.9.0)
      attr_extras (>= 6.2.4)
      diff-lcs
      patience_diff
    thor (1.2.1)
    tilt (2.0.11)
    timeout (0.3.0)
    tomlrb (2.0.3)
    turbo-rails (1.1.1)
      actionpack (>= 6.0.0)
      activejob (>= 6.0.0)
      railties (>= 6.0.0)
    tzinfo (2.0.5)
      concurrent-ruby (~> 1.0)
    unf (0.1.4)
      unf_ext
    unf_ext (0.0.8.2)
    unicode-display_width (2.2.0)
    vcr (6.1.0)
    version_gem (1.1.0)
    warden (1.2.9)
      rack (>= 2.0.9)
    webdrivers (5.0.0)
      nokogiri (~> 1.6)
      rubyzip (>= 1.3.0)
      selenium-webdriver (~> 4.0)
    webmock (3.14.0)
      addressable (>= 2.8.0)
      crack (>= 0.3.2)
      hashdiff (>= 0.4.0, < 2.0.0)
    webrick (1.7.0)
    websocket (1.2.9)
    websocket-driver (0.7.5)
      websocket-extensions (>= 0.1.0)
    websocket-extensions (0.1.5)
    with_env (1.1.0)
    xml-simple (1.1.9)
      rexml
    xpath (3.2.0)
      nokogiri (~> 1.8)
    yabeda (0.11.0)
      anyway_config (>= 1.0, < 3)
      concurrent-ruby
      dry-initializer
    yabeda-graphql (0.2.2)
      graphql (>= 1.9, < 3)
      yabeda (~> 0.2)
    yabeda-prometheus (0.8.0)
      prometheus-client (>= 0.10, < 3.0)
      rack
      yabeda (~> 0.10)
    yabeda-puma-plugin (0.6.0)
      json
      puma
      yabeda (~> 0.5)
    yabeda-rails (0.8.1)
      activesupport
      anyway_config (>= 1.3, < 3)
      railties
      yabeda (~> 0.8)
    yabeda-sidekiq (0.8.1)
      anyway_config (>= 1.3, < 3)
      sidekiq
      yabeda (~> 0.6)
    zeitwerk (2.6.0)
    zxcvbn (0.1.7)

PLATFORMS
  aarch64-linux
  arm64-darwin-21
  x86_64-darwin-20
  x86_64-darwin-21
  x86_64-linux

DEPENDENCIES
  active_record_doctor
  administrate
  airbrake (~> 13.0)
  anyway_config
  authy
  awesome_print
  aws-sdk-s3
  bootsnap (>= 1.4.4)
  bootstrap!
  bootswatch!
  brakeman
  cacheflow
  capybara (>= 3.26)
  connection_pool
  consistency_fail
  countries
  dalli
  dartsass-rails
  database_rewinder
  derailed_benchmarks
  devise
  devise-authy
  devise-i18n
  devise_zxcvbn
  dotenv-rails
  down
  erb_lint
  eve_online!
  factory_bot_rails
  faker
  fasterer
  flipper
  flipper-active_record
  flipper-ui
  foreman
  foundation_emails
  gemdiff
  good_migrations
  graphiql-rails
  graphql
  graphql-rails_logger
  http_accept_language
  httplog
  importmap-rails (>= 0.3.4)
  isolator
  jbuilder (~> 2.11)
  jwt
  kaminari
  kaminari-i18n
  license_finder
  local_time
  lograge
  meta-tags
  metricky
  mobility
  net-http-persistent
  noticed
  oj
  omniauth-eve_online-sso
  omniauth-rails_csrf_protection
  paper_trail
  pg (~> 1.4)
  pg_query
  pg_search
  pghero
  prosopite
  pry-rails
  puma (~> 5.6)
  pundit
  rack-health
  rack-timeout
  rails (= 7.0.3.1)
  rails-controller-testing
  rails-html-sanitizer
  rails-i18n (~> 7.0.5)
  rails-settings-cached
  redis-client
  responders
  rspec-its
  rspec-rails
  rubocop
  rubocop-graphql
  rubocop-performance
  rubocop-rails
  rufus-scheduler
  selenium-webdriver
  shoulda-callback-matchers!
  shoulda-matchers
  sidekiq
  simplecov
  simplecov-cobertura
  sitemap_generator
  skylight
  sql_tracker
  squasher
  standard
  stimulus-rails (>= 0.3.9)
  super_diff
  turbo-rails (>= 0.7.4)
  tzinfo-data
  vcr
  webdrivers
  webmock
  webrick
  yabeda-graphql
  yabeda-prometheus
  yabeda-puma-plugin
  yabeda-rails
  yabeda-sidekiq

RUBY VERSION
   ruby 3.1.2p20

BUNDLED WITH
   2.3.19
